{
  "aor": 0.0006011035653650254,
  "aqi": 0.0037505640577249573,
  "bids_meta": {
    "AcquisitionDateTime": "20181130135738.092500",
    "ConversionSoftware": "dicm2nii.m 20181126",
    "DeviceSerialNumber": "67060",
    "EchoTime1": 0.035,
    "EchoTime2": 0.001,
    "EffectiveEchoSpacing": 0.000599988,
    "FlipAngle": 62,
    "ImageType": [
      "ORIGINAL",
      "PRIMARY",
      "M",
      "MB",
      "ND",
      "MOSAIC"
    ],
    "InstitutionAddress": "Medical Center Dr 5,Columbia,SC,US,29203",
    "InstitutionName": "PALMETTO RICHLAND",
    "MRAcquisitionType": "2D",
    "Manufacturer": "SIEMENS",
    "Modality": "MR",
    "PhaseEncodingDirection": "j-",
    "RepetitionTime": 1,
    "ScanOptions": "FS",
    "ScanningSequence": "EP",
    "SequenceName": "epfid2d1_70",
    "SequenceVariant": "SK\\SS",
    "SeriesDescription": "fMRI_Run_3",
    "SeriesNumber": 11,
    "SliceThickness": 2.73,
    "SliceTiming": [
      0,
      0.685,
      0.3925,
      0.0975,
      0.785,
      0.49,
      0.195,
      0.8825,
      0.5875,
      0.295,
      0,
      0.685,
      0.3925,
      0.0975,
      0.785,
      0.49,
      0.195,
      0.8825,
      0.5875,
      0.295,
      0,
      0.685,
      0.3925,
      0.0975,
      0.785,
      0.49,
      0.195,
      0.8825,
      0.5875,
      0.295,
      0,
      0.685,
      0.3925,
      0.0975,
      0.785,
      0.49,
      0.195,
      0.8825,
      0.5875,
      0.295
    ],
    "SoftwareVersion": "syngo MR E11",
    "TaskName": "affect",
    "TotalReadoutTime": 0.041399172,
    "dataset": "ds003507",
    "deltaTE": 34,
    "modality": "bold",
    "run_id": 3,
    "subject_id": "19",
    "task_id": "affect"
  },
  "dummy_trs": 1,
  "dvars_nstd": 23.676134771190476,
  "dvars_std": 1.1596685791326522,
  "dvars_vstd": 1.005552999455782,
  "efc": 0.5065848371965728,
  "fber": 948.7286376953125,
  "fd_mean": 0.15264147323781888,
  "fd_num": 96,
  "fd_perc": 16.298811544991512,
  "fwhm_avg": 2.6090173975332713,
  "fwhm_x": 2.4786633333333334,
  "fwhm_y": 2.6972666666666663,
  "fwhm_z": 2.6511221925998143,
  "gcor": 0.0213141,
  "gsr_x": -0.004358112346380949,
  "gsr_y": 0.04054507240653038,
  "provenance": {
    "md5sum": "ef88c6f400fb82337be01bf18e6fb1c2",
    "settings": {
      "fd_thres": 0.2,
      "testing": false
    },
    "software": "mriqc",
    "version": "21.0.0rc2",
    "webapi_port": null,
    "webapi_url": "https://mriqc.nimh.nih.gov/api/v1"
  },
  "size_t": 589,
  "size_x": 70,
  "size_y": 70,
  "size_z": 40,
  "snr": 3.0391615061698913,
  "spacing_tr": 1.0,
  "spacing_x": 3.0,
  "spacing_y": 3.0,
  "spacing_z": 3.003000020980835,
  "summary_bg_k": 38.01095360460712,
  "summary_bg_mad": 67.64089838000362,
  "summary_bg_mean": 285.86322021484375,
  "summary_bg_median": 129.06961059570312,
  "summary_bg_n": 124743.0,
  "summary_bg_p05": 77.68081665039062,
  "summary_bg_p95": 1055.499670410156,
  "summary_bg_stdv": 475.16693115234375,
  "summary_fg_k": 0.7367485304384562,
  "summary_fg_mad": 1240.5478603092208,
  "summary_fg_mean": 4293.7509765625,
  "summary_fg_median": 4053.816650390625,
  "summary_fg_n": 32723.0,
  "summary_fg_p05": 2536.1728759765624,
  "summary_fg_p95": 6784.376025390624,
  "summary_fg_stdv": 1333.83984375,
  "tsnr": 69.78566566994414
}