{
  "aor": 0.00045388135593220336,
  "aqi": 0.003338417491525424,
  "bids_meta": {
    "AcquisitionDateTime": "20181130133502.932500",
    "ConversionSoftware": "dicm2nii.m 20181126",
    "DeviceSerialNumber": "67060",
    "EchoTime1": 0.035,
    "EchoTime2": 0.001,
    "EffectiveEchoSpacing": 0.000599988,
    "FlipAngle": 62,
    "ImageType": [
      "ORIGINAL",
      "PRIMARY",
      "M",
      "MB",
      "ND",
      "MOSAIC"
    ],
    "InstitutionAddress": "Medical Center Dr 5,Columbia,SC,US,29203",
    "InstitutionName": "PALMETTO RICHLAND",
    "MRAcquisitionType": "2D",
    "Manufacturer": "SIEMENS",
    "Modality": "MR",
    "PhaseEncodingDirection": "j-",
    "RepetitionTime": 1,
    "ScanOptions": "FS",
    "ScanningSequence": "EP",
    "SequenceName": "epfid2d1_70",
    "SequenceVariant": "SK\\SS",
    "SeriesDescription": "fMRI_Run_1",
    "SeriesNumber": 3,
    "SliceThickness": 2.73,
    "SliceTiming": [
      0,
      0.685,
      0.39,
      0.0975,
      0.7825,
      0.49,
      0.195,
      0.88,
      0.5875,
      0.2925,
      0,
      0.685,
      0.39,
      0.0975,
      0.7825,
      0.49,
      0.195,
      0.88,
      0.5875,
      0.2925,
      0,
      0.685,
      0.39,
      0.0975,
      0.7825,
      0.49,
      0.195,
      0.88,
      0.5875,
      0.2925,
      0,
      0.685,
      0.39,
      0.0975,
      0.7825,
      0.49,
      0.195,
      0.88,
      0.5875,
      0.2925
    ],
    "SoftwareVersion": "syngo MR E11",
    "TaskName": "affect",
    "TotalReadoutTime": 0.041399172,
    "dataset": "ds003507",
    "deltaTE": 34,
    "modality": "bold",
    "run_id": 1,
    "subject_id": "19",
    "task_id": "affect"
  },
  "dummy_trs": 0,
  "dvars_nstd": 24.3616443560781,
  "dvars_std": 1.1647713283191847,
  "dvars_vstd": 1.0032165510186746,
  "efc": 0.507727994556244,
  "fber": 955.9136352539062,
  "fd_mean": 0.16864113425078225,
  "fd_num": 198,
  "fd_perc": 33.559322033898304,
  "fwhm_avg": 2.623175144223038,
  "fwhm_x": 2.4918033333333334,
  "fwhm_y": 2.7231733333333334,
  "fwhm_z": 2.654548766002448,
  "gcor": 0.0211481,
  "gsr_x": -0.0028801492881029844,
  "gsr_y": 0.04257490858435631,
  "provenance": {
    "md5sum": "49c9ce406aeceb4847ed7fb77b97bc0c",
    "settings": {
      "fd_thres": 0.2,
      "testing": false
    },
    "software": "mriqc",
    "version": "21.0.0rc2",
    "webapi_port": null,
    "webapi_url": "https://mriqc.nimh.nih.gov/api/v1"
  },
  "size_t": 590,
  "size_x": 70,
  "size_y": 70,
  "size_z": 40,
  "snr": 3.0541148867821764,
  "spacing_tr": 1.0,
  "spacing_x": 3.0,
  "spacing_y": 3.0,
  "spacing_z": 3.003000020980835,
  "summary_bg_k": 35.459502717072965,
  "summary_bg_mad": 68.4811512425484,
  "summary_bg_mean": 290.9720153808594,
  "summary_bg_median": 128.62542724609375,
  "summary_bg_n": 124889.0,
  "summary_bg_p05": 77.26271057128906,
  "summary_bg_p95": 1086.0162109374992,
  "summary_bg_stdv": 487.7864074707031,
  "summary_fg_k": 0.6706944342807284,
  "summary_fg_mad": 1239.1803624621716,
  "summary_fg_mean": 4276.75927734375,
  "summary_fg_median": 4044.0771484375,
  "summary_fg_n": 32712.0,
  "summary_fg_p05": 2526.4496826171876,
  "summary_fg_p95": 6746.812255859374,
  "summary_fg_stdv": 1324.1202392578125,
  "tsnr": 67.75341987749562
}