{
  "aor": 0.0004985059422750424,
  "aqi": 0.0036874807300509337,
  "bids_meta": {
    "AcquisitionDateTime": "20181130134659.460000",
    "ConversionSoftware": "dicm2nii.m 20181126",
    "DeviceSerialNumber": "67060",
    "EchoTime1": 0.035,
    "EchoTime2": 0.001,
    "EffectiveEchoSpacing": 0.000599988,
    "FlipAngle": 62,
    "ImageType": [
      "ORIGINAL",
      "PRIMARY",
      "M",
      "MB",
      "ND",
      "MOSAIC"
    ],
    "InstitutionAddress": "Medical Center Dr 5,Columbia,SC,US,29203",
    "InstitutionName": "PALMETTO RICHLAND",
    "MRAcquisitionType": "2D",
    "Manufacturer": "SIEMENS",
    "Modality": "MR",
    "PhaseEncodingDirection": "j-",
    "RepetitionTime": 1,
    "ScanOptions": "FS",
    "ScanningSequence": "EP",
    "SequenceName": "epfid2d1_70",
    "SequenceVariant": "SK\\SS",
    "SeriesDescription": "fMRI_Run_2",
    "SeriesNumber": 9,
    "SliceThickness": 2.73,
    "SliceTiming": [
      0,
      0.6875,
      0.3925,
      0.0975,
      0.785,
      0.49,
      0.1975,
      0.8825,
      0.5875,
      0.295,
      0,
      0.6875,
      0.3925,
      0.0975,
      0.785,
      0.49,
      0.1975,
      0.8825,
      0.5875,
      0.295,
      0,
      0.6875,
      0.3925,
      0.0975,
      0.785,
      0.49,
      0.1975,
      0.8825,
      0.5875,
      0.295,
      0,
      0.6875,
      0.3925,
      0.0975,
      0.785,
      0.49,
      0.1975,
      0.8825,
      0.5875,
      0.295
    ],
    "SoftwareVersion": "syngo MR E11",
    "TaskName": "affect",
    "TotalReadoutTime": 0.041399172,
    "dataset": "ds003507",
    "deltaTE": 34,
    "modality": "bold",
    "run_id": 2,
    "subject_id": "19",
    "task_id": "affect"
  },
  "dummy_trs": 1,
  "dvars_nstd": 24.486178761360556,
  "dvars_std": 1.163711750629251,
  "dvars_vstd": 0.996133197125851,
  "efc": 0.5070761129297817,
  "fber": 954.0494384765625,
  "fd_mean": 0.15649187755607247,
  "fd_num": 131,
  "fd_perc": 22.24108658743633,
  "fwhm_avg": 2.6000760256244173,
  "fwhm_x": 2.4604466666666664,
  "fwhm_y": 2.71121,
  "fwhm_z": 2.628571410206586,
  "gcor": 0.0258929,
  "gsr_x": -0.004218106623739004,
  "gsr_y": 0.04140544310212135,
  "provenance": {
    "md5sum": "955f3e3344f1714ba2b262b77feaf9a0",
    "settings": {
      "fd_thres": 0.2,
      "testing": false
    },
    "software": "mriqc",
    "version": "21.0.0rc2",
    "webapi_port": null,
    "webapi_url": "https://mriqc.nimh.nih.gov/api/v1"
  },
  "size_t": 589,
  "size_x": 70,
  "size_y": 70,
  "size_z": 40,
  "snr": 3.0531290024589994,
  "spacing_tr": 1.0,
  "spacing_x": 3.0,
  "spacing_y": 3.0,
  "spacing_z": 3.003000020980835,
  "summary_bg_k": 37.72256853817839,
  "summary_bg_mad": 68.13929940350057,
  "summary_bg_mean": 287.40228271484375,
  "summary_bg_median": 128.8268280029297,
  "summary_bg_n": 124877.0,
  "summary_bg_p05": 77.19830627441407,
  "summary_bg_p95": 1067.1636474609375,
  "summary_bg_stdv": 478.8675537109375,
  "summary_fg_k": 0.7460582387531938,
  "summary_fg_mad": 1233.205432085982,
  "summary_fg_mean": 4282.39990234375,
  "summary_fg_median": 4046.61474609375,
  "summary_fg_n": 32651.0,
  "summary_fg_p05": 2534.7640380859375,
  "summary_fg_p95": 6754.502685546875,
  "summary_fg_stdv": 1325.37890625,
  "tsnr": 65.77888607932255
}