{
  "aor": 0.001600068143100511,
  "aqi": 0.008698289216354344,
  "bids_meta": {
    "AcquisitionDateTime": "20181109133837.777500",
    "ConversionSoftware": "dicm2nii.m 20181126",
    "DeviceSerialNumber": "67060",
    "EchoTime1": 0.035,
    "EchoTime2": 0.001,
    "EffectiveEchoSpacing": 0.000599988,
    "FlipAngle": 62,
    "ImageType": [
      "ORIGINAL",
      "PRIMARY",
      "M",
      "MB",
      "ND",
      "MOSAIC"
    ],
    "InstitutionAddress": "Medical Center Dr 5,Columbia,SC,US,29203",
    "InstitutionName": "USC",
    "MRAcquisitionType": "2D",
    "Manufacturer": "SIEMENS",
    "Modality": "MR",
    "PhaseEncodingDirection": "j-",
    "RepetitionTime": 1,
    "ScanOptions": "FS",
    "ScanningSequence": "EP",
    "SequenceName": "epfid2d1_70",
    "SequenceVariant": "SK\\SS",
    "SeriesDescription": "fMRI_Run_2",
    "SeriesNumber": 10,
    "SliceThickness": 2.73,
    "SliceTiming": [
      0,
      0.685,
      0.39,
      0.0975,
      0.7825,
      0.4875,
      0.195,
      0.88,
      0.5875,
      0.2925,
      0,
      0.685,
      0.39,
      0.0975,
      0.7825,
      0.4875,
      0.195,
      0.88,
      0.5875,
      0.2925,
      0,
      0.685,
      0.39,
      0.0975,
      0.7825,
      0.4875,
      0.195,
      0.88,
      0.5875,
      0.2925,
      0,
      0.685,
      0.39,
      0.0975,
      0.7825,
      0.4875,
      0.195,
      0.88,
      0.5875,
      0.2925
    ],
    "SoftwareVersion": "syngo MR E11",
    "TaskName": "affect",
    "TotalReadoutTime": 0.041399172,
    "dataset": "ds003507",
    "deltaTE": 34,
    "modality": "bold",
    "run_id": 2,
    "subject_id": "15",
    "task_id": "affect"
  },
  "dummy_trs": 3,
  "dvars_nstd": 23.088483079556337,
  "dvars_std": 1.0659236308020474,
  "dvars_vstd": 0.9740644274914676,
  "efc": 0.5707088104413481,
  "fber": 539.66015625,
  "fd_mean": 0.15768911898543048,
  "fd_num": 137,
  "fd_perc": 23.33901192504259,
  "fwhm_avg": 2.9983769812720964,
  "fwhm_x": 2.72706,
  "fwhm_y": 3.1357033333333333,
  "fwhm_z": 3.1323676104829543,
  "gcor": 0.0206713,
  "gsr_x": 0.0026475440245121717,
  "gsr_y": 0.08096297830343246,
  "provenance": {
    "md5sum": "d28cb1946edf8066803ed07d22033345",
    "settings": {
      "fd_thres": 0.2,
      "testing": false
    },
    "software": "mriqc",
    "version": "21.0.0rc2",
    "webapi_port": null,
    "webapi_url": "https://mriqc.nimh.nih.gov/api/v1"
  },
  "size_t": 587,
  "size_x": 70,
  "size_y": 70,
  "size_z": 40,
  "snr": 2.222386243512724,
  "spacing_tr": 1.0,
  "spacing_x": 3.0,
  "spacing_y": 3.0,
  "spacing_z": 3.003000020980835,
  "summary_bg_k": 15.07929605622007,
  "summary_bg_mad": 113.46831936517938,
  "summary_bg_mean": 459.9091491699219,
  "summary_bg_median": 172.18057250976562,
  "summary_bg_n": 109063.0,
  "summary_bg_p05": 85.46184005737305,
  "summary_bg_p95": 1959.468579101562,
  "summary_bg_stdv": 728.833984375,
  "summary_fg_k": 2.3433664700568384,
  "summary_fg_mad": 1669.7472669744507,
  "summary_fg_mean": 4646.08935546875,
  "summary_fg_median": 4219.599609375,
  "summary_fg_n": 44196.0,
  "summary_fg_p05": 2360.2422485351562,
  "summary_fg_p95": 8221.792724609375,
  "summary_fg_stdv": 1898.658203125,
  "tsnr": 40.461997338570654
}