{
  "aor": 0.0013674745762711862,
  "aqi": 0.006974375847457628,
  "bids_meta": {
    "AcquisitionDateTime": "20181113133342.232500",
    "ConversionSoftware": "dicm2nii.m 20181126",
    "DeviceSerialNumber": "67060",
    "EchoTime1": 0.035,
    "EchoTime2": 0.001,
    "EffectiveEchoSpacing": 0.000599988,
    "FlipAngle": 62,
    "ImageType": [
      "ORIGINAL",
      "PRIMARY",
      "M",
      "MB",
      "ND",
      "MOSAIC"
    ],
    "InstitutionAddress": "Medical Center Dr 5,Columbia,SC,US,29203",
    "InstitutionName": "USC",
    "MRAcquisitionType": "2D",
    "Manufacturer": "SIEMENS",
    "Modality": "MR",
    "PhaseEncodingDirection": "j-",
    "RepetitionTime": 1,
    "ScanOptions": "FS",
    "ScanningSequence": "EP",
    "SequenceName": "epfid2d1_70",
    "SequenceVariant": "SK\\SS",
    "SeriesDescription": "fMRI_Run_2",
    "SeriesNumber": 9,
    "SliceThickness": 2.73,
    "SliceTiming": [
      0,
      0.685,
      0.39,
      0.0975,
      0.7825,
      0.49,
      0.195,
      0.88,
      0.5875,
      0.2925,
      0,
      0.685,
      0.39,
      0.0975,
      0.7825,
      0.49,
      0.195,
      0.88,
      0.5875,
      0.2925,
      0,
      0.685,
      0.39,
      0.0975,
      0.7825,
      0.49,
      0.195,
      0.88,
      0.5875,
      0.2925,
      0,
      0.685,
      0.39,
      0.0975,
      0.7825,
      0.49,
      0.195,
      0.88,
      0.5875,
      0.2925
    ],
    "SoftwareVersion": "syngo MR E11",
    "TaskName": "affect",
    "TotalReadoutTime": 0.041399172,
    "dataset": "ds003507",
    "deltaTE": 34,
    "modality": "bold",
    "run_id": 2,
    "subject_id": "16",
    "task_id": "affect"
  },
  "dummy_trs": 0,
  "dvars_nstd": 18.20209195555178,
  "dvars_std": 0.9492050277079809,
  "dvars_vstd": 0.9307936541595926,
  "efc": 0.5016288171893781,
  "fber": 1141.9549560546875,
  "fd_mean": 0.16783772691583637,
  "fd_num": 202,
  "fd_perc": 34.23728813559322,
  "fwhm_avg": 2.6754332537459713,
  "fwhm_x": 2.492716666666667,
  "fwhm_y": 2.8166966666666666,
  "fwhm_z": 2.7168864279045803,
  "gcor": 0.0187131,
  "gsr_x": 0.0040814513340592384,
  "gsr_y": 0.04743921756744385,
  "provenance": {
    "md5sum": "d74f26379c9984d70c6afc8784456fe3",
    "settings": {
      "fd_thres": 0.2,
      "testing": false
    },
    "software": "mriqc",
    "version": "21.0.0rc2",
    "webapi_port": null,
    "webapi_url": "https://mriqc.nimh.nih.gov/api/v1"
  },
  "size_t": 590,
  "size_x": 70,
  "size_y": 70,
  "size_z": 40,
  "snr": 2.971046184994804,
  "spacing_tr": 1.0,
  "spacing_x": 3.0,
  "spacing_y": 3.0,
  "spacing_z": 3.003000020980835,
  "summary_bg_k": 36.452660301350775,
  "summary_bg_mad": 59.75389617294116,
  "summary_bg_mean": 260.4722900390625,
  "summary_bg_median": 119.48304748535156,
  "summary_bg_n": 123931.0,
  "summary_bg_p05": 72.99321746826172,
  "summary_bg_p95": 936.2220458984375,
  "summary_bg_stdv": 427.6883239746094,
  "summary_fg_k": 0.7730987323833691,
  "summary_fg_mad": 1306.551892180436,
  "summary_fg_mean": 4333.9521484375,
  "summary_fg_median": 4103.962890625,
  "summary_fg_n": 33638.0,
  "summary_fg_p05": 2493.6741333007812,
  "summary_fg_p95": 6855.60400390625,
  "summary_fg_stdv": 1381.298583984375,
  "tsnr": 47.07592987827957
}