{
  "aor": 0.0027566949152542375,
  "aqi": 0.006061954237288136,
  "bids_meta": {
    "AcquisitionDateTime": "20181113132146.642500",
    "ConversionSoftware": "dicm2nii.m 20181126",
    "DeviceSerialNumber": "67060",
    "EchoTime1": 0.035,
    "EchoTime2": 0.001,
    "EffectiveEchoSpacing": 0.000599988,
    "FlipAngle": 62,
    "ImageType": [
      "ORIGINAL",
      "PRIMARY",
      "M",
      "MB",
      "ND",
      "MOSAIC"
    ],
    "InstitutionAddress": "Medical Center Dr 5,Columbia,SC,US,29203",
    "InstitutionName": "USC",
    "MRAcquisitionType": "2D",
    "Manufacturer": "SIEMENS",
    "Modality": "MR",
    "PhaseEncodingDirection": "j-",
    "RepetitionTime": 1,
    "ScanOptions": "FS",
    "ScanningSequence": "EP",
    "SequenceName": "epfid2d1_70",
    "SequenceVariant": "SK\\SS",
    "SeriesDescription": "fMRI_Run_1",
    "SeriesNumber": 3,
    "SliceThickness": 2.73,
    "SliceTiming": [
      0,
      0.685,
      0.39,
      0.0975,
      0.7825,
      0.49,
      0.195,
      0.88,
      0.5875,
      0.2925,
      0,
      0.685,
      0.39,
      0.0975,
      0.7825,
      0.49,
      0.195,
      0.88,
      0.5875,
      0.2925,
      0,
      0.685,
      0.39,
      0.0975,
      0.7825,
      0.49,
      0.195,
      0.88,
      0.5875,
      0.2925,
      0,
      0.685,
      0.39,
      0.0975,
      0.7825,
      0.49,
      0.195,
      0.88,
      0.5875,
      0.2925
    ],
    "SoftwareVersion": "syngo MR E11",
    "TaskName": "affect",
    "TotalReadoutTime": 0.041399172,
    "dataset": "ds003507",
    "deltaTE": 34,
    "modality": "bold",
    "run_id": 1,
    "subject_id": "16",
    "task_id": "affect"
  },
  "dummy_trs": 0,
  "dvars_nstd": 18.20445021546689,
  "dvars_std": 1.021312183752122,
  "dvars_vstd": 0.9886486917317491,
  "efc": 0.4998778101937027,
  "fber": 1178.8572998046875,
  "fd_mean": 0.16713469479464718,
  "fd_num": 219,
  "fd_perc": 37.11864406779661,
  "fwhm_avg": 2.686828626087961,
  "fwhm_x": 2.5172433333333335,
  "fwhm_y": 2.79914,
  "fwhm_z": 2.7441025449305485,
  "gcor": 0.0158341,
  "gsr_x": 0.003487897338345647,
  "gsr_y": 0.045521847903728485,
  "provenance": {
    "md5sum": "fa2fec01aedacb8b32cdf4c46da61c03",
    "settings": {
      "fd_thres": 0.2,
      "testing": false
    },
    "software": "mriqc",
    "version": "21.0.0rc2",
    "webapi_port": null,
    "webapi_url": "https://mriqc.nimh.nih.gov/api/v1"
  },
  "size_t": 590,
  "size_x": 70,
  "size_y": 70,
  "size_z": 40,
  "snr": 2.950001258042159,
  "spacing_tr": 1.0,
  "spacing_x": 3.0,
  "spacing_y": 3.0,
  "spacing_z": 3.003000020980835,
  "summary_bg_k": 37.435978594413676,
  "summary_bg_mad": 58.44217462853044,
  "summary_bg_mean": 257.1626892089844,
  "summary_bg_median": 118.35762786865234,
  "summary_bg_n": 124046.0,
  "summary_bg_p05": 74.15465927124023,
  "summary_bg_p95": 922.9872589111328,
  "summary_bg_stdv": 420.460693359375,
  "summary_fg_k": 0.8966333831000952,
  "summary_fg_mad": 1317.0095586833545,
  "summary_fg_mean": 4377.3505859375,
  "summary_fg_median": 4131.5517578125,
  "summary_fg_n": 33302.0,
  "summary_fg_p05": 2526.009814453125,
  "summary_fg_p95": 6955.447802734374,
  "summary_fg_stdv": 1400.50439453125,
  "tsnr": 50.406070715747774
}