{
  "bids_meta": {
    "AcquisitionDateTime": "20181102143624.457500",
    "ConversionSoftware": "dicm2nii.m 20181126",
    "DeviceSerialNumber": "67060",
    "EchoTime": 0.00411,
    "FlipAngle": 9,
    "ImageType": [
      "ORIGINAL",
      "PRIMARY",
      "M",
      "ND",
      "NORM"
    ],
    "InstitutionAddress": "Medical Center Dr 5,Columbia,SC,US,29203",
    "InstitutionName": "Palmetto Health Richland",
    "InversionTime": 0.925,
    "MRAcquisitionType": "3D",
    "Manufacturer": "SIEMENS",
    "Modality": "MR",
    "PhaseEncodingDirection": "j-",
    "RepetitionTime": 2.25,
    "ScanOptions": "IR",
    "ScanningSequence": "GR\\IR",
    "SequenceName": "*tfl3d1_16ns",
    "SequenceVariant": "SK\\SP\\MP",
    "SeriesDescription": "T1_32_Channel_mprage_ns_sag_p2_iso 1.0mm_192",
    "SeriesNumber": 12,
    "SliceThickness": 1,
    "SoftwareVersion": "syngo MR E11",
    "dataset": "ds003507",
    "modality": "T1w",
    "subject_id": "11"
  },
  "cjv": 0.41696066968956175,
  "cnr": 3.139936218878161,
  "efc": 0.5811159604163527,
  "fber": 422.6985102264119,
  "fwhm_avg": 4.33289,
  "fwhm_x": 4.4925,
  "fwhm_y": 4.39347,
  "fwhm_z": 4.1127,
  "icvs_csf": 0.17387589404174864,
  "icvs_gm": 0.46022099858828064,
  "icvs_wm": 0.3659031073699707,
  "inu_med": 0.9325934648513794,
  "inu_range": 0.49442338943481423,
  "provenance": {
    "md5sum": "e490db8260397f00e9df82d6a93a42cc",
    "settings": {
      "testing": false
    },
    "software": "mriqc",
    "version": "21.0.0rc2",
    "warnings": {
      "large_rot_frame": true,
      "small_air_mask": false
    },
    "webapi_port": null,
    "webapi_url": "https://mriqc.nimh.nih.gov/api/v1"
  },
  "qi_1": 0.0,
  "qi_2": 0.019089130535473328,
  "rpve_csf": 34.247170436224984,
  "rpve_gm": 14.560367380301614,
  "rpve_wm": 20.59142604004387,
  "size_x": 192,
  "size_y": 256,
  "size_z": 256,
  "snr_csf": 3.0726574804002613,
  "snr_gm": 12.139951474540476,
  "snr_total": 12.703286555807836,
  "snr_wm": 22.897250712482773,
  "snrd_csf": 10.543452896998971,
  "snrd_gm": 21.37932821641086,
  "snrd_total": 20.13382530613363,
  "snrd_wm": 28.47869480499106,
  "spacing_x": 1.0,
  "spacing_y": 1.0,
  "spacing_z": 1.0,
  "summary_bg_k": 12.250280627852325,
  "summary_bg_mad": 23.0044380054536,
  "summary_bg_mean": 30.048322241498756,
  "summary_bg_median": 31.089560352265835,
  "summary_bg_n": 2671196.0,
  "summary_bg_p05": 0.0,
  "summary_bg_p95": 74.50085471570492,
  "summary_bg_stdv": 23.915233957950747,
  "summary_csf_k": 0.5815642697501633,
  "summary_csf_mad": 118.36290804644233,
  "summary_csf_mean": 392.4723041524055,
  "summary_csf_median": 370.2224709838629,
  "summary_csf_n": 16018.0,
  "summary_csf_p05": 229.0359354391694,
  "summary_csf_p95": 597.7353031910956,
  "summary_csf_stdv": 120.48557859565076,
  "summary_gm_k": -0.04205678045704353,
  "summary_gm_mad": 61.739851999930615,
  "summary_gm_mean": 752.4590298335077,
  "summary_gm_median": 750.7130536437035,
  "summary_gm_n": 34353.0,
  "summary_gm_p05": 653.565308175981,
  "summary_gm_p95": 857.6953682944178,
  "summary_gm_stdv": 61.83732518890254,
  "summary_wm_k": 0.6010145728847651,
  "summary_wm_mad": 42.202994723240245,
  "summary_wm_mean": 998.5352441805123,
  "summary_wm_median": 999.9999871104956,
  "summary_wm_n": 193632.0,
  "summary_wm_p05": 924.586411356926,
  "summary_wm_p95": 1066.4004426151514,
  "summary_wm_stdv": 43.67325219285896,
  "tpm_overlap_csf": 0.16042272746562958,
  "tpm_overlap_gm": 0.4544147849082947,
  "tpm_overlap_wm": 0.4886057376861572,
  "wm2max": 0.5824694311536417
}