{
  "aor": 0.0020826949152542374,
  "aqi": 0.0027393075762711864,
  "bids_meta": {
    "AcquisitionDateTime": "20181113134418.265000",
    "ConversionSoftware": "dicm2nii.m 20181126",
    "DeviceSerialNumber": "67060",
    "EchoTime1": 0.035,
    "EchoTime2": 0.001,
    "EffectiveEchoSpacing": 0.000599988,
    "FlipAngle": 62,
    "ImageType": [
      "ORIGINAL",
      "PRIMARY",
      "M",
      "MB",
      "ND",
      "MOSAIC"
    ],
    "InstitutionAddress": "Medical Center Dr 5,Columbia,SC,US,29203",
    "InstitutionName": "USC",
    "MRAcquisitionType": "2D",
    "Manufacturer": "SIEMENS",
    "Modality": "MR",
    "PhaseEncodingDirection": "j-",
    "RepetitionTime": 1,
    "ScanOptions": "FS",
    "ScanningSequence": "EP",
    "SequenceName": "epfid2d1_70",
    "SequenceVariant": "SK\\SS",
    "SeriesDescription": "fMRI_Run_3",
    "SeriesNumber": 11,
    "SliceThickness": 2.73,
    "SliceTiming": [
      0,
      0.685,
      0.39,
      0.0975,
      0.7825,
      0.49,
      0.195,
      0.88,
      0.5875,
      0.2925,
      0,
      0.685,
      0.39,
      0.0975,
      0.7825,
      0.49,
      0.195,
      0.88,
      0.5875,
      0.2925,
      0,
      0.685,
      0.39,
      0.0975,
      0.7825,
      0.49,
      0.195,
      0.88,
      0.5875,
      0.2925,
      0,
      0.685,
      0.39,
      0.0975,
      0.7825,
      0.49,
      0.195,
      0.88,
      0.5875,
      0.2925
    ],
    "SoftwareVersion": "syngo MR E11",
    "TaskName": "affect",
    "TotalReadoutTime": 0.041399172,
    "dataset": "ds003507",
    "deltaTE": 34,
    "modality": "bold",
    "run_id": 3,
    "subject_id": "16",
    "task_id": "affect"
  },
  "dummy_trs": 0,
  "dvars_nstd": 19.069758834702885,
  "dvars_std": 1.0888937174872657,
  "dvars_vstd": 1.0234439762308998,
  "efc": 0.5022218688183117,
  "fber": 1146.0740966796875,
  "fd_mean": 0.1798471687241433,
  "fd_num": 259,
  "fd_perc": 43.898305084745765,
  "fwhm_avg": 2.6683901436020485,
  "fwhm_x": 2.5019033333333334,
  "fwhm_y": 2.8203833333333335,
  "fwhm_z": 2.6828837641394796,
  "gcor": 0.0223537,
  "gsr_x": 0.005451986100524664,
  "gsr_y": 0.047921862453222275,
  "provenance": {
    "md5sum": "a15e501692e5c9eae69182a5f9fa0144",
    "settings": {
      "fd_thres": 0.2,
      "testing": false
    },
    "software": "mriqc",
    "version": "21.0.0rc2",
    "webapi_port": null,
    "webapi_url": "https://mriqc.nimh.nih.gov/api/v1"
  },
  "size_t": 590,
  "size_x": 70,
  "size_y": 70,
  "size_z": 40,
  "snr": 2.9537980412062845,
  "spacing_tr": 1.0,
  "spacing_x": 3.0,
  "spacing_y": 3.0,
  "spacing_z": 3.003000020980835,
  "summary_bg_k": 38.619451134727235,
  "summary_bg_mad": 58.814069432455206,
  "summary_bg_mean": 258.56988525390625,
  "summary_bg_median": 119.05762481689453,
  "summary_bg_n": 123643.0,
  "summary_bg_p05": 73.74423370361328,
  "summary_bg_p95": 927.5099792480459,
  "summary_bg_stdv": 423.7959289550781,
  "summary_fg_k": 0.8293720701797223,
  "summary_fg_mad": 1301.3743672454982,
  "summary_fg_mean": 4305.70703125,
  "summary_fg_median": 4073.61865234375,
  "summary_fg_n": 33742.0,
  "summary_fg_p05": 2453.6034301757813,
  "summary_fg_p95": 6827.558105468749,
  "summary_fg_stdv": 1379.0916748046875,
  "tsnr": 64.10071201785468
}