{
  "aor": 0.0007500509337860782,
  "aqi": 0.002709802105263158,
  "bids_meta": {
    "AcquisitionDateTime": "20180928160207.332500",
    "ConversionSoftware": "dicm2nii.m 20181126",
    "DeviceSerialNumber": "67060",
    "EchoTime1": 0.035,
    "EchoTime2": 0.001,
    "EffectiveEchoSpacing": 0.000599988,
    "FlipAngle": 62,
    "ImageType": [
      "ORIGINAL",
      "PRIMARY",
      "M",
      "MB",
      "ND",
      "MOSAIC"
    ],
    "InstitutionAddress": "Medical Center Dr 5,Columbia,SC,US,29203",
    "InstitutionName": "R",
    "MRAcquisitionType": "2D",
    "Manufacturer": "SIEMENS",
    "Modality": "MR",
    "PhaseEncodingDirection": "j-",
    "RepetitionTime": 1,
    "ScanOptions": "FS",
    "ScanningSequence": "EP",
    "SequenceName": "epfid2d1_70",
    "SequenceVariant": "SK\\SS",
    "SeriesDescription": "fMRI_Run_1",
    "SeriesNumber": 3,
    "SliceThickness": 2.73,
    "SliceTiming": [
      0,
      0.685,
      0.39,
      0.0975,
      0.7825,
      0.49,
      0.195,
      0.88,
      0.5875,
      0.2925,
      0,
      0.685,
      0.39,
      0.0975,
      0.7825,
      0.49,
      0.195,
      0.88,
      0.5875,
      0.2925,
      0,
      0.685,
      0.39,
      0.0975,
      0.7825,
      0.49,
      0.195,
      0.88,
      0.5875,
      0.2925,
      0,
      0.685,
      0.39,
      0.0975,
      0.7825,
      0.49,
      0.195,
      0.88,
      0.5875,
      0.2925
    ],
    "SoftwareVersion": "syngo MR E11",
    "TaskName": "affect",
    "TotalReadoutTime": 0.041399172,
    "dataset": "ds003507",
    "deltaTE": 34,
    "modality": "bold",
    "run_id": 1,
    "subject_id": "02",
    "task_id": "affect"
  },
  "dummy_trs": 1,
  "dvars_nstd": 24.708093014030606,
  "dvars_std": 1.1134559228571435,
  "dvars_vstd": 0.9965554570918363,
  "efc": 0.5226264199073218,
  "fber": 893.7539672851562,
  "fd_mean": 0.21301527175521145,
  "fd_num": 347,
  "fd_perc": 58.91341256366723,
  "fwhm_avg": 2.7040302755611343,
  "fwhm_x": 2.5535866666666664,
  "fwhm_y": 2.81935,
  "fwhm_z": 2.7391541600167364,
  "gcor": 0.0142912,
  "gsr_x": -0.010578012093901634,
  "gsr_y": 0.06171855330467224,
  "provenance": {
    "md5sum": "9bf9a9803ce68a8345385fc7eae4116a",
    "settings": {
      "fd_thres": 0.2,
      "testing": false
    },
    "software": "mriqc",
    "version": "21.0.0rc2",
    "webapi_port": null,
    "webapi_url": "https://mriqc.nimh.nih.gov/api/v1"
  },
  "size_t": 589,
  "size_x": 70,
  "size_y": 70,
  "size_z": 40,
  "snr": 2.640613732160176,
  "spacing_tr": 1.0,
  "spacing_x": 3.0,
  "spacing_y": 3.0,
  "spacing_z": 3.003000020980835,
  "summary_bg_k": 27.56251489251634,
  "summary_bg_mad": 68.15440006543986,
  "summary_bg_mean": 255.8112335205078,
  "summary_bg_median": 129.57046508789062,
  "summary_bg_n": 117807.0,
  "summary_bg_p05": 77.50084686279297,
  "summary_bg_p95": 869.0183471679686,
  "summary_bg_stdv": 339.0305480957031,
  "summary_fg_k": 0.8296191306610781,
  "summary_fg_mad": 1408.7716323205107,
  "summary_fg_mean": 4241.37939453125,
  "summary_fg_median": 3963.259765625,
  "summary_fg_n": 39202.0,
  "summary_fg_p05": 2279.023718261719,
  "summary_fg_p95": 7031.887475585937,
  "summary_fg_stdv": 1500.86669921875,
  "tsnr": 63.12179451342672
}