{
  "aor": 0.0014045238095238095,
  "aqi": 0.0027479060204081635,
  "bids_meta": {
    "AcquisitionDateTime": "20180928161431.512500",
    "ConversionSoftware": "dicm2nii.m 20181126",
    "DeviceSerialNumber": "67060",
    "EchoTime1": 0.035,
    "EchoTime2": 0.001,
    "EffectiveEchoSpacing": 0.000599988,
    "FlipAngle": 62,
    "ImageType": [
      "ORIGINAL",
      "PRIMARY",
      "M",
      "MB",
      "ND",
      "MOSAIC"
    ],
    "InstitutionAddress": "Medical Center Dr 5,Columbia,SC,US,29203",
    "InstitutionName": "R",
    "MRAcquisitionType": "2D",
    "Manufacturer": "SIEMENS",
    "Modality": "MR",
    "PhaseEncodingDirection": "j-",
    "RepetitionTime": 1,
    "ScanOptions": "FS",
    "ScanningSequence": "EP",
    "SequenceName": "epfid2d1_70",
    "SequenceVariant": "SK\\SS",
    "SeriesDescription": "fMRI_Run_2",
    "SeriesNumber": 9,
    "SliceThickness": 2.73,
    "SliceTiming": [
      0,
      0.6875,
      0.3925,
      0.0975,
      0.785,
      0.49,
      0.1975,
      0.8825,
      0.5875,
      0.295,
      0,
      0.6875,
      0.3925,
      0.0975,
      0.785,
      0.49,
      0.1975,
      0.8825,
      0.5875,
      0.295,
      0,
      0.6875,
      0.3925,
      0.0975,
      0.785,
      0.49,
      0.1975,
      0.8825,
      0.5875,
      0.295,
      0,
      0.6875,
      0.3925,
      0.0975,
      0.785,
      0.49,
      0.1975,
      0.8825,
      0.5875,
      0.295
    ],
    "SoftwareVersion": "syngo MR E11",
    "TaskName": "affect",
    "TotalReadoutTime": 0.041399172,
    "dataset": "ds003507",
    "deltaTE": 34,
    "modality": "bold",
    "run_id": 2,
    "subject_id": "02",
    "task_id": "affect"
  },
  "dummy_trs": 2,
  "dvars_nstd": 24.11709826073254,
  "dvars_std": 1.130218742129471,
  "dvars_vstd": 1.0148835867632024,
  "efc": 0.5237664547517396,
  "fber": 870.6378173828125,
  "fd_mean": 0.20790045500889875,
  "fd_num": 303,
  "fd_perc": 51.53061224489796,
  "fwhm_avg": 2.7537422744697384,
  "fwhm_x": 2.58573,
  "fwhm_y": 2.8490066666666665,
  "fwhm_z": 2.8264901567425493,
  "gcor": 0.0313307,
  "gsr_x": -0.010635427199304104,
  "gsr_y": 0.06211107596755028,
  "provenance": {
    "md5sum": "0e779bd86dd6befc2be74416af7e7092",
    "settings": {
      "fd_thres": 0.2,
      "testing": false
    },
    "software": "mriqc",
    "version": "21.0.0rc2",
    "webapi_port": null,
    "webapi_url": "https://mriqc.nimh.nih.gov/api/v1"
  },
  "size_t": 588,
  "size_x": 70,
  "size_y": 70,
  "size_z": 40,
  "snr": 2.6155947522854066,
  "spacing_tr": 1.0,
  "spacing_x": 3.0,
  "spacing_y": 3.0,
  "spacing_z": 3.003000020980835,
  "summary_bg_k": 25.42101959297396,
  "summary_bg_mad": 71.22795599362435,
  "summary_bg_mean": 263.324951171875,
  "summary_bg_median": 132.3758544921875,
  "summary_bg_n": 117544.0,
  "summary_bg_p05": 78.17687225341797,
  "summary_bg_p95": 905.7009826660154,
  "summary_bg_stdv": 349.84490966796875,
  "summary_fg_k": 0.7365890236165864,
  "summary_fg_mad": 1448.7392725463824,
  "summary_fg_mean": 4291.5849609375,
  "summary_fg_median": 4004.35888671875,
  "summary_fg_n": 39300.0,
  "summary_fg_p05": 2283.7643188476563,
  "summary_fg_p95": 7143.791381835935,
  "summary_fg_stdv": 1530.9359130859375,
  "tsnr": 60.835820883279666
}