{
  "aor": 0.003249728813559322,
  "aqi": 0.006098211762711864,
  "bids_meta": {
    "AcquisitionDateTime": "20180928162535.345000",
    "ConversionSoftware": "dicm2nii.m 20181126",
    "DeviceSerialNumber": "67060",
    "EchoTime1": 0.035,
    "EchoTime2": 0.001,
    "EffectiveEchoSpacing": 0.000599988,
    "FlipAngle": 62,
    "ImageType": [
      "ORIGINAL",
      "PRIMARY",
      "M",
      "MB",
      "ND",
      "MOSAIC"
    ],
    "InstitutionAddress": "Medical Center Dr 5,Columbia,SC,US,29203",
    "InstitutionName": "R",
    "MRAcquisitionType": "2D",
    "Manufacturer": "SIEMENS",
    "Modality": "MR",
    "PhaseEncodingDirection": "j-",
    "RepetitionTime": 1,
    "ScanOptions": "FS",
    "ScanningSequence": "EP",
    "SequenceName": "epfid2d1_70",
    "SequenceVariant": "SK\\SS",
    "SeriesDescription": "fMRI_Run_3",
    "SeriesNumber": 11,
    "SliceThickness": 2.73,
    "SliceTiming": [
      0,
      0.685,
      0.3925,
      0.0975,
      0.7825,
      0.49,
      0.195,
      0.8825,
      0.5875,
      0.2925,
      0,
      0.685,
      0.3925,
      0.0975,
      0.7825,
      0.49,
      0.195,
      0.8825,
      0.5875,
      0.2925,
      0,
      0.685,
      0.3925,
      0.0975,
      0.7825,
      0.49,
      0.195,
      0.8825,
      0.5875,
      0.2925,
      0,
      0.685,
      0.3925,
      0.0975,
      0.7825,
      0.49,
      0.195,
      0.8825,
      0.5875,
      0.2925
    ],
    "SoftwareVersion": "syngo MR E11",
    "TaskName": "affect",
    "TotalReadoutTime": 0.041399172,
    "dataset": "ds003507",
    "deltaTE": 34,
    "modality": "bold",
    "run_id": 3,
    "subject_id": "02",
    "task_id": "affect"
  },
  "dummy_trs": 0,
  "dvars_nstd": 27.512765920101863,
  "dvars_std": 1.1341133485059427,
  "dvars_vstd": 1.0261842815280138,
  "efc": 0.5258794019937492,
  "fber": 828.1653442382812,
  "fd_mean": 0.21741884604579406,
  "fd_num": 257,
  "fd_perc": 43.559322033898304,
  "fwhm_avg": 2.787523192408256,
  "fwhm_x": 2.6231166666666668,
  "fwhm_y": 2.8990500000000003,
  "fwhm_z": 2.8404029105581006,
  "gcor": 0.0539903,
  "gsr_x": -0.010158838704228401,
  "gsr_y": 0.06251373887062073,
  "provenance": {
    "md5sum": "8717a83097c186784b5b1fb497588581",
    "settings": {
      "fd_thres": 0.2,
      "testing": false
    },
    "software": "mriqc",
    "version": "21.0.0rc2",
    "webapi_port": null,
    "webapi_url": "https://mriqc.nimh.nih.gov/api/v1"
  },
  "size_t": 590,
  "size_x": 70,
  "size_y": 70,
  "size_z": 40,
  "snr": 2.58760599525384,
  "spacing_tr": 1.0,
  "spacing_x": 3.0,
  "spacing_y": 3.0,
  "spacing_z": 3.003000020980835,
  "summary_bg_k": 24.39415253814007,
  "summary_bg_mad": 73.96927473643022,
  "summary_bg_mean": 269.71575927734375,
  "summary_bg_median": 135.48812866210938,
  "summary_bg_n": 117413.0,
  "summary_bg_p05": 79.31694793701172,
  "summary_bg_p95": 925.0810058593748,
  "summary_bg_stdv": 357.3554382324219,
  "summary_fg_k": 0.7521580016242648,
  "summary_fg_mad": 1457.688275463673,
  "summary_fg_mean": 4257.70751953125,
  "summary_fg_median": 3978.350830078125,
  "summary_fg_n": 39770.0,
  "summary_fg_p05": 2225.9999389648438,
  "summary_fg_p95": 7095.158520507812,
  "summary_fg_stdv": 1537.444580078125,
  "tsnr": 42.600338199175894
}