{
  "aor": 0.0011437118644067796,
  "aqi": 0.005425446423728814,
  "bids_meta": {
    "AcquisitionDateTime": "20181030140213.915000",
    "ConversionSoftware": "dicm2nii.m 20181126",
    "DeviceSerialNumber": "67060",
    "EchoTime1": 0.035,
    "EchoTime2": 0.001,
    "EffectiveEchoSpacing": 0.000599988,
    "FlipAngle": 62,
    "ImageType": [
      "ORIGINAL",
      "PRIMARY",
      "M",
      "MB",
      "ND",
      "MOSAIC"
    ],
    "InstitutionAddress": "Medical Center Dr 5,Columbia,SC,US,29203",
    "InstitutionName": "USC",
    "MRAcquisitionType": "2D",
    "Manufacturer": "SIEMENS",
    "Modality": "MR",
    "PhaseEncodingDirection": "j-",
    "RepetitionTime": 1,
    "ScanOptions": "FS",
    "ScanningSequence": "EP",
    "SequenceName": "epfid2d1_70",
    "SequenceVariant": "SK\\SS",
    "SeriesDescription": "fMRI_Run_1",
    "SeriesNumber": 3,
    "SliceThickness": 2.73,
    "SliceTiming": [
      0,
      0.685,
      0.39,
      0.0975,
      0.7825,
      0.49,
      0.195,
      0.88,
      0.5875,
      0.2925,
      0,
      0.685,
      0.39,
      0.0975,
      0.7825,
      0.49,
      0.195,
      0.88,
      0.5875,
      0.2925,
      0,
      0.685,
      0.39,
      0.0975,
      0.7825,
      0.49,
      0.195,
      0.88,
      0.5875,
      0.2925,
      0,
      0.685,
      0.39,
      0.0975,
      0.7825,
      0.49,
      0.195,
      0.88,
      0.5875,
      0.2925
    ],
    "SoftwareVersion": "syngo MR E11",
    "TaskName": "affect",
    "TotalReadoutTime": 0.041399172,
    "dataset": "ds003507",
    "deltaTE": 34,
    "modality": "bold",
    "run_id": 1,
    "subject_id": "09",
    "task_id": "affect"
  },
  "dummy_trs": 0,
  "dvars_nstd": 22.360430293140922,
  "dvars_std": 1.0543985778607803,
  "dvars_vstd": 0.9406603581494042,
  "efc": 0.5325274632375578,
  "fber": 1019.65380859375,
  "fd_mean": 0.22786257393170034,
  "fd_num": 355,
  "fd_perc": 60.16949152542373,
  "fwhm_avg": 3.05677230051997,
  "fwhm_x": 2.8665533333333335,
  "fwhm_y": 3.22402,
  "fwhm_z": 3.079743568226576,
  "gcor": 0.0477619,
  "gsr_x": 0.016175176948308945,
  "gsr_y": 0.05700672045350075,
  "provenance": {
    "md5sum": "d5331d65c64ec7c224e20f62fdc0cb38",
    "settings": {
      "fd_thres": 0.2,
      "testing": false
    },
    "software": "mriqc",
    "version": "21.0.0rc2",
    "webapi_port": null,
    "webapi_url": "https://mriqc.nimh.nih.gov/api/v1"
  },
  "size_t": 590,
  "size_x": 70,
  "size_y": 70,
  "size_z": 40,
  "snr": 2.3297423167983538,
  "spacing_tr": 1.0,
  "spacing_x": 3.0,
  "spacing_y": 3.0,
  "spacing_z": 3.003000020980835,
  "summary_bg_k": 30.014622934801793,
  "summary_bg_mad": 87.90576047536885,
  "summary_bg_mean": 352.48516845703125,
  "summary_bg_median": 150.2745819091797,
  "summary_bg_n": 112783.0,
  "summary_bg_p05": 83.20186080932618,
  "summary_bg_p95": 1339.9666137695292,
  "summary_bg_stdv": 591.2197875976562,
  "summary_fg_k": 0.5185212520851525,
  "summary_fg_mad": 2038.7995720657411,
  "summary_fg_mean": 5430.29296875,
  "summary_fg_median": 4956.2783203125,
  "summary_fg_n": 42228.0,
  "summary_fg_p05": 2753.0989013671874,
  "summary_fg_p95": 9445.52919921875,
  "summary_fg_stdv": 2127.3681640625,
  "tsnr": 45.42164175538346
}