{
  "aor": 0.004463084745762712,
  "aqi": 0.00802416833898305,
  "bids_meta": {
    "AcquisitionDateTime": "20181205153452.087500",
    "ConversionSoftware": "dicm2nii.m 20181126",
    "DeviceSerialNumber": "67060",
    "EchoTime1": 0.035,
    "EchoTime2": 0.001,
    "EffectiveEchoSpacing": 0.000599988,
    "FlipAngle": 62,
    "ImageType": [
      "ORIGINAL",
      "PRIMARY",
      "M",
      "MB",
      "ND",
      "MOSAIC"
    ],
    "InstitutionAddress": "Medical Center Dr 5,Columbia,SC,US,29203",
    "InstitutionName": "USC",
    "MRAcquisitionType": "2D",
    "Manufacturer": "SIEMENS",
    "Modality": "MR",
    "PhaseEncodingDirection": "j-",
    "RepetitionTime": 1,
    "ScanOptions": "FS",
    "ScanningSequence": "EP",
    "SequenceName": "epfid2d1_70",
    "SequenceVariant": "SK\\SS",
    "SeriesDescription": "fMRI_Run_1",
    "SeriesNumber": 3,
    "SliceThickness": 2.73,
    "SliceTiming": [
      0,
      0.685,
      0.3925,
      0.0975,
      0.785,
      0.49,
      0.195,
      0.8825,
      0.5875,
      0.295,
      0,
      0.685,
      0.3925,
      0.0975,
      0.785,
      0.49,
      0.195,
      0.8825,
      0.5875,
      0.295,
      0,
      0.685,
      0.3925,
      0.0975,
      0.785,
      0.49,
      0.195,
      0.8825,
      0.5875,
      0.295,
      0,
      0.685,
      0.3925,
      0.0975,
      0.785,
      0.49,
      0.195,
      0.8825,
      0.5875,
      0.295
    ],
    "SoftwareVersion": "syngo MR E11",
    "TaskName": "affect",
    "TotalReadoutTime": 0.041399172,
    "dataset": "ds003507",
    "deltaTE": 34,
    "modality": "bold",
    "run_id": 1,
    "subject_id": "20",
    "task_id": "affect"
  },
  "dummy_trs": 0,
  "dvars_nstd": 25.34106373585738,
  "dvars_std": 1.0357546693039044,
  "dvars_vstd": 0.9652165260441428,
  "efc": 0.5092140855476632,
  "fber": 1074.8853759765625,
  "fd_mean": 0.19402605108306614,
  "fd_num": 127,
  "fd_perc": 21.52542372881356,
  "fwhm_avg": 3.0681133571630177,
  "fwhm_x": 2.8693166666666667,
  "fwhm_y": 3.221783333333333,
  "fwhm_z": 3.1132400714890522,
  "gcor": 0.0280614,
  "gsr_x": -0.016136566177010536,
  "gsr_y": 0.06436722725629807,
  "provenance": {
    "md5sum": "2261f9f19c8faa27607b42031426e796",
    "settings": {
      "fd_thres": 0.2,
      "testing": false
    },
    "software": "mriqc",
    "version": "21.0.0rc2",
    "webapi_port": null,
    "webapi_url": "https://mriqc.nimh.nih.gov/api/v1"
  },
  "size_t": 590,
  "size_x": 70,
  "size_y": 70,
  "size_z": 40,
  "snr": 2.1353770454706056,
  "spacing_tr": 1.0,
  "spacing_x": 3.0,
  "spacing_y": 3.0,
  "spacing_z": 3.003000020980835,
  "summary_bg_k": 29.571725350494965,
  "summary_bg_mad": 66.56506387984885,
  "summary_bg_mean": 302.2095642089844,
  "summary_bg_median": 133.03134155273438,
  "summary_bg_n": 117112.0,
  "summary_bg_p05": 81.46101379394531,
  "summary_bg_p95": 1208.633538818359,
  "summary_bg_stdv": 510.6419372558594,
  "summary_fg_k": 1.816624951422071,
  "summary_fg_mad": 1680.707700684768,
  "summary_fg_mean": 5005.7236328125,
  "summary_fg_median": 4491.564453125,
  "summary_fg_n": 38415.0,
  "summary_fg_p05": 2592.32587890625,
  "summary_fg_p95": 9373.99814453125,
  "summary_fg_stdv": 2103.37841796875,
  "tsnr": 40.62960906280205
}