{
  "aor": 0.0041407457627118645,
  "aqi": 0.01770577233898305,
  "bids_meta": {
    "AcquisitionDateTime": "20181205155754.332500",
    "ConversionSoftware": "dicm2nii.m 20181126",
    "DeviceSerialNumber": "67060",
    "EchoTime1": 0.035,
    "EchoTime2": 0.001,
    "EffectiveEchoSpacing": 0.000599988,
    "FlipAngle": 62,
    "ImageType": [
      "ORIGINAL",
      "PRIMARY",
      "M",
      "MB",
      "ND",
      "MOSAIC"
    ],
    "InstitutionAddress": "Medical Center Dr 5,Columbia,SC,US,29203",
    "InstitutionName": "USC",
    "MRAcquisitionType": "2D",
    "Manufacturer": "SIEMENS",
    "Modality": "MR",
    "PhaseEncodingDirection": "j-",
    "RepetitionTime": 1,
    "ScanOptions": "FS",
    "ScanningSequence": "EP",
    "SequenceName": "epfid2d1_70",
    "SequenceVariant": "SK\\SS",
    "SeriesDescription": "fMRI_Run_3",
    "SeriesNumber": 11,
    "SliceThickness": 2.73,
    "SliceTiming": [
      0,
      0.685,
      0.3925,
      0.0975,
      0.785,
      0.49,
      0.195,
      0.8825,
      0.5875,
      0.295,
      0,
      0.685,
      0.3925,
      0.0975,
      0.785,
      0.49,
      0.195,
      0.8825,
      0.5875,
      0.295,
      0,
      0.685,
      0.3925,
      0.0975,
      0.785,
      0.49,
      0.195,
      0.8825,
      0.5875,
      0.295,
      0,
      0.685,
      0.3925,
      0.0975,
      0.785,
      0.49,
      0.195,
      0.8825,
      0.5875,
      0.295
    ],
    "SoftwareVersion": "syngo MR E11",
    "TaskName": "affect",
    "TotalReadoutTime": 0.041399172,
    "dataset": "ds003507",
    "deltaTE": 34,
    "modality": "bold",
    "run_id": 3,
    "subject_id": "20",
    "task_id": "affect"
  },
  "dummy_trs": 0,
  "dvars_nstd": 25.727761169847188,
  "dvars_std": 0.8024594785738531,
  "dvars_vstd": 0.8287962691511042,
  "efc": 0.4988648028901027,
  "fber": 1144.9130859375,
  "fd_mean": 0.2502312523558394,
  "fd_num": 149,
  "fd_perc": 25.25423728813559,
  "fwhm_avg": 3.140604709798049,
  "fwhm_x": 2.9112533333333332,
  "fwhm_y": 3.20138,
  "fwhm_z": 3.3091807960608137,
  "gcor": 0.0250697,
  "gsr_x": -0.009558172896504402,
  "gsr_y": 0.06581341475248337,
  "provenance": {
    "md5sum": "2bf3d4b6836ba68b9d556400f1a30222",
    "settings": {
      "fd_thres": 0.2,
      "testing": false
    },
    "software": "mriqc",
    "version": "21.0.0rc2",
    "webapi_port": null,
    "webapi_url": "https://mriqc.nimh.nih.gov/api/v1"
  },
  "size_t": 590,
  "size_x": 70,
  "size_y": 70,
  "size_z": 40,
  "snr": 2.078797626577497,
  "spacing_tr": 1.0,
  "spacing_x": 3.0,
  "spacing_y": 3.0,
  "spacing_z": 3.003000020980835,
  "summary_bg_k": 29.560127436647043,
  "summary_bg_mad": 68.70227696558281,
  "summary_bg_mean": 288.859375,
  "summary_bg_median": 128.9762725830078,
  "summary_bg_n": 119706.0,
  "summary_bg_p05": 67.99957656860352,
  "summary_bg_p95": 1155.4165344238281,
  "summary_bg_stdv": 487.474853515625,
  "summary_fg_k": 2.383713967624125,
  "summary_fg_mad": 1602.6249490792923,
  "summary_fg_mean": 4929.84765625,
  "summary_fg_median": 4380.6201171875,
  "summary_fg_n": 37061.0,
  "summary_fg_p05": 2586.164306640625,
  "summary_fg_p95": 9301.7841796875,
  "summary_fg_stdv": 2107.257080078125,
  "tsnr": 26.982423475012183
}