{
  "aor": 0.0002608305084745763,
  "aqi": 0.0025452122203389834,
  "bids_meta": {
    "AcquisitionDateTime": "20181128152819.877500",
    "ConversionSoftware": "dicm2nii.m 20181126",
    "DeviceSerialNumber": "67060",
    "EchoTime1": 0.035,
    "EchoTime2": 0.001,
    "EffectiveEchoSpacing": 0.000599988,
    "FlipAngle": 62,
    "ImageType": [
      "ORIGINAL",
      "PRIMARY",
      "M",
      "MB",
      "ND",
      "MOSAIC"
    ],
    "InstitutionAddress": "Medical Center Dr 5,Columbia,SC,US,29203",
    "InstitutionName": "Palmetto Health Richland",
    "MRAcquisitionType": "2D",
    "Manufacturer": "SIEMENS",
    "Modality": "MR",
    "PhaseEncodingDirection": "j-",
    "RepetitionTime": 1,
    "ScanOptions": "FS",
    "ScanningSequence": "EP",
    "SequenceName": "epfid2d1_70",
    "SequenceVariant": "SK\\SS",
    "SeriesDescription": "fMRI_Run_3",
    "SeriesNumber": 11,
    "SliceThickness": 2.73,
    "SliceTiming": [
      0,
      0.6875,
      0.3925,
      0.1,
      0.785,
      0.49,
      0.1975,
      0.8825,
      0.59,
      0.295,
      0,
      0.6875,
      0.3925,
      0.1,
      0.785,
      0.49,
      0.1975,
      0.8825,
      0.59,
      0.295,
      0,
      0.6875,
      0.3925,
      0.1,
      0.785,
      0.49,
      0.1975,
      0.8825,
      0.59,
      0.295,
      0,
      0.6875,
      0.3925,
      0.1,
      0.785,
      0.49,
      0.1975,
      0.8825,
      0.59,
      0.295
    ],
    "SoftwareVersion": "syngo MR E11",
    "TaskName": "affect",
    "TotalReadoutTime": 0.041399172,
    "dataset": "ds003507",
    "deltaTE": 34,
    "modality": "bold",
    "run_id": 3,
    "subject_id": "17",
    "task_id": "affect"
  },
  "dummy_trs": 0,
  "dvars_nstd": 19.61175732047538,
  "dvars_std": 1.0686086451782695,
  "dvars_vstd": 0.9801290138200343,
  "efc": 0.4849572557127852,
  "fber": 1575.9979248046875,
  "fd_mean": 0.12606190582957283,
  "fd_num": 91,
  "fd_perc": 15.423728813559322,
  "fwhm_avg": 2.624442936430931,
  "fwhm_x": 2.4482466666666665,
  "fwhm_y": 2.770576666666667,
  "fwhm_z": 2.65450547595946,
  "gcor": 0.0207939,
  "gsr_x": -0.01516253873705864,
  "gsr_y": 0.05472275987267494,
  "provenance": {
    "md5sum": "7a6621f17e9498fea70fb87e5cbcb0c2",
    "settings": {
      "fd_thres": 0.2,
      "testing": false
    },
    "software": "mriqc",
    "version": "21.0.0rc2",
    "webapi_port": null,
    "webapi_url": "https://mriqc.nimh.nih.gov/api/v1"
  },
  "size_t": 590,
  "size_x": 70,
  "size_y": 70,
  "size_z": 40,
  "snr": 3.1072800660202717,
  "spacing_tr": 1.0,
  "spacing_x": 3.0,
  "spacing_y": 3.0,
  "spacing_z": 3.003000020980835,
  "summary_bg_k": 44.32364498224132,
  "summary_bg_mad": 43.13870005361906,
  "summary_bg_mean": 223.56179809570312,
  "summary_bg_median": 108.02711486816406,
  "summary_bg_n": 125860.0,
  "summary_bg_p05": 75.46270751953125,
  "summary_bg_p95": 771.0771270751948,
  "summary_bg_stdv": 357.52947998046875,
  "summary_fg_k": 0.41757053352869633,
  "summary_fg_mad": 1371.532291465241,
  "summary_fg_mean": 4570.15966796875,
  "summary_fg_median": 4365.744140625,
  "summary_fg_n": 32105.0,
  "summary_fg_p05": 2633.22333984375,
  "summary_fg_p95": 7131.3083984375,
  "summary_fg_stdv": 1404.983154296875,
  "tsnr": 69.56412570364773
}