{
  "bids_meta": {
    "AcquisitionDateTime": "20181106133325.627500",
    "ConversionSoftware": "dicm2nii.m 20181126",
    "DeviceSerialNumber": "67060",
    "EchoTime": 0.00411,
    "FlipAngle": 9,
    "ImageType": [
      "ORIGINAL",
      "PRIMARY",
      "M",
      "ND",
      "NORM"
    ],
    "InstitutionAddress": "Medical Center Dr 5,Columbia,SC,US,29203",
    "InstitutionName": "R",
    "InversionTime": 0.925,
    "MRAcquisitionType": "3D",
    "Manufacturer": "SIEMENS",
    "Modality": "MR",
    "PhaseEncodingDirection": "j-",
    "RepetitionTime": 2.25,
    "ScanOptions": "IR",
    "ScanningSequence": "GR\\IR",
    "SequenceName": "*tfl3d1_16ns",
    "SequenceVariant": "SK\\SP\\MP",
    "SeriesDescription": "T1_32_Channel_mprage_ns_sag_p2_iso 1.0mm_192",
    "SeriesNumber": 12,
    "SliceThickness": 1,
    "SoftwareVersion": "syngo MR E11",
    "TaskName": "affect",
    "dataset": "ds003507",
    "modality": "T1w",
    "subject_id": "12"
  },
  "cjv": 0.4147014608785177,
  "cnr": 2.0680042174842486,
  "efc": 0.699740944878149,
  "fber": 20.578766516396456,
  "fwhm_avg": 4.016286823016812,
  "fwhm_x": 4.083760243411079,
  "fwhm_y": 4.1795,
  "fwhm_z": 3.7856002256393566,
  "icvs_csf": 0.18992846349829595,
  "icvs_gm": 0.43058700519483384,
  "icvs_wm": 0.3794845313068702,
  "inu_med": 1.2465484142303467,
  "inu_range": 0.5381735861301422,
  "provenance": {
    "md5sum": "447df3d0eca777dcc35543ec9b917a2c",
    "settings": {
      "testing": false
    },
    "software": "mriqc",
    "version": "21.0.0rc2",
    "warnings": {
      "large_rot_frame": true,
      "small_air_mask": false
    },
    "webapi_port": null,
    "webapi_url": "https://mriqc.nimh.nih.gov/api/v1"
  },
  "qi_1": 0.0,
  "qi_2": 0.005020944857694876,
  "rpve_csf": 30.438694897469794,
  "rpve_gm": 14.331264624032563,
  "rpve_wm": 19.04605710245713,
  "size_x": 192,
  "size_y": 256,
  "size_z": 256,
  "snr_csf": 3.004175993140327,
  "snr_gm": 10.605148032199411,
  "snr_total": 10.933841584482344,
  "snr_wm": 19.1922007281073,
  "snrd_csf": 2.2443878371131034,
  "snrd_gm": 4.644813426162149,
  "snrd_total": 4.40492780177787,
  "snrd_wm": 6.325582142058357,
  "spacing_x": 0.9999999403953552,
  "spacing_y": 1.0,
  "spacing_z": 0.9999999403953552,
  "summary_bg_k": 0.34977521500056197,
  "summary_bg_mad": 103.56934301123113,
  "summary_bg_mean": 155.04656290621054,
  "summary_bg_median": 141.20149052143097,
  "summary_bg_n": 2736001.0,
  "summary_bg_p05": 28.176502250134945,
  "summary_bg_p95": 327.2195685841143,
  "summary_bg_stdv": 94.86840647919247,
  "summary_csf_k": 0.7757660411551459,
  "summary_csf_mad": 112.47599123061401,
  "summary_csf_mean": 373.0132882457725,
  "summary_csf_median": 354.8112755045295,
  "summary_csf_n": 19439.0,
  "summary_csf_p05": 210.87719589695337,
  "summary_csf_p95": 585.1781048446892,
  "summary_csf_stdv": 118.10298395414713,
  "summary_gm_k": 0.03332954866332649,
  "summary_gm_mad": 67.62747055071256,
  "summary_gm_mean": 734.349010122401,
  "summary_gm_median": 734.2902812808752,
  "summary_gm_n": 18808.0,
  "summary_gm_p05": 619.3168612973765,
  "summary_gm_p95": 849.175981964916,
  "summary_gm_stdv": 69.23720047111385,
  "summary_wm_k": 3.3987127245508093,
  "summary_wm_mad": 42.562743703245665,
  "summary_wm_mean": 999.7055814684371,
  "summary_wm_median": 1000.000013820827,
  "summary_wm_n": 202208.0,
  "summary_wm_p05": 915.9489759765565,
  "summary_wm_p95": 1077.5119766145945,
  "summary_wm_stdv": 52.10437069115507,
  "tpm_overlap_csf": 0.17992113530635834,
  "tpm_overlap_gm": 0.45593512058258057,
  "tpm_overlap_wm": 0.5061442255973816,
  "wm2max": 0.4720136258113019
}