{
  "bids_meta": {
    "AcquisitionDateTime": "20181002150758.175000",
    "ConversionSoftware": "dicm2nii.m 20181126",
    "DeviceSerialNumber": "67060",
    "EchoTime": 0.00411,
    "FlipAngle": 9,
    "ImageType": [
      "ORIGINAL",
      "PRIMARY",
      "M",
      "ND",
      "NORM"
    ],
    "InstitutionAddress": "Medical Center Dr 5,Columbia,SC,US,29203",
    "InstitutionName": "Palmetto Health Richland",
    "InversionTime": 0.925,
    "MRAcquisitionType": "3D",
    "Manufacturer": "SIEMENS",
    "Modality": "MR",
    "PhaseEncodingDirection": "j-",
    "RepetitionTime": 2.25,
    "ScanOptions": "IR",
    "ScanningSequence": "GR\\IR",
    "SequenceName": "*tfl3d1_16ns",
    "SequenceVariant": "SK\\SP\\MP",
    "SeriesDescription": "T1_32_Channel_mprage_ns_sag_p2_iso 1.0mm_192",
    "SeriesNumber": 12,
    "SliceThickness": 1,
    "SoftwareVersion": "syngo MR E11",
    "dataset": "ds003507",
    "modality": "T1w",
    "subject_id": "03"
  },
  "cjv": 0.4509416131084733,
  "cnr": 2.6536100516970036,
  "efc": 0.6022729406045098,
  "fber": 556.525798943536,
  "fwhm_avg": 3.8073199999999994,
  "fwhm_x": 3.96875,
  "fwhm_y": 3.87628,
  "fwhm_z": 3.57693,
  "icvs_csf": 0.19213322528836638,
  "icvs_gm": 0.4193024899162188,
  "icvs_wm": 0.38856428479541477,
  "inu_med": 0.9502220153808594,
  "inu_range": 0.37159590423107136,
  "provenance": {
    "md5sum": "7791580b44156638145cd12570271725",
    "settings": {
      "testing": false
    },
    "software": "mriqc",
    "version": "21.0.0rc2",
    "warnings": {
      "large_rot_frame": true,
      "small_air_mask": false
    },
    "webapi_port": null,
    "webapi_url": "https://mriqc.nimh.nih.gov/api/v1"
  },
  "qi_1": 3.184845232445929e-06,
  "qi_2": 0.016538879001196348,
  "rpve_csf": 30.871708935111602,
  "rpve_gm": 14.981695272323199,
  "rpve_wm": 18.97491888512191,
  "size_x": 192,
  "size_y": 256,
  "size_z": 256,
  "snr_csf": 3.4381753740609278,
  "snr_gm": 10.816344835503633,
  "snr_total": 11.518433002111818,
  "snr_wm": 20.300778796770892,
  "snrd_csf": 11.572205338618126,
  "snrd_gm": 25.567294473460485,
  "snrd_total": 23.55640765756337,
  "snrd_wm": 33.52972316061149,
  "spacing_x": 1.0,
  "spacing_y": 1.0,
  "spacing_z": 1.0,
  "summary_bg_k": 10.705403451600379,
  "summary_bg_mad": 19.538973748723546,
  "summary_bg_mean": 29.411625876780075,
  "summary_bg_median": 26.294009163975716,
  "summary_bg_n": 2003955.0,
  "summary_bg_p05": 0.0,
  "summary_bg_p95": 78.3727004379034,
  "summary_bg_stdv": 24.74875029111268,
  "summary_csf_k": 1.400167332836718,
  "summary_csf_mad": 82.87545387139745,
  "summary_csf_mean": 366.0766698190739,
  "summary_csf_median": 345.13274498283863,
  "summary_csf_n": 21022.0,
  "summary_csf_p05": 238.87757163122296,
  "summary_csf_p95": 556.818618517369,
  "summary_csf_stdv": 100.38014309636932,
  "summary_gm_k": 0.08407099945382379,
  "summary_gm_mad": 67.82006105535201,
  "summary_gm_mean": 764.3530467300019,
  "summary_gm_median": 762.5262657552958,
  "summary_gm_n": 19048.0,
  "summary_gm_p05": 650.8785922192037,
  "summary_gm_p95": 887.8621038682758,
  "summary_gm_stdv": 70.49574150738728,
  "summary_wm_k": 6.469658774566973,
  "summary_wm_mad": 39.26672985250722,
  "summary_wm_mean": 1004.7178813126868,
  "summary_wm_median": 1000.0000046938658,
  "summary_wm_n": 209263.0,
  "summary_wm_p05": 937.7347723394632,
  "summary_wm_p95": 1083.2749780267477,
  "summary_wm_stdv": 49.25907647997445,
  "tpm_overlap_csf": 0.17378661036491394,
  "tpm_overlap_gm": 0.43627655506134033,
  "tpm_overlap_wm": 0.4847929775714874,
  "wm2max": 0.41563306927212124
}