{
  "aor": 0.0003152292020373515,
  "aqi": 0.0028759937860780987,
  "bids_meta": {
    "AcquisitionDateTime": "20181030141356.702500",
    "ConversionSoftware": "dicm2nii.m 20181126",
    "DeviceSerialNumber": "67060",
    "EchoTime1": 0.035,
    "EchoTime2": 0.001,
    "EffectiveEchoSpacing": 0.000599988,
    "FlipAngle": 62,
    "ImageType": [
      "ORIGINAL",
      "PRIMARY",
      "M",
      "MB",
      "ND",
      "MOSAIC"
    ],
    "InstitutionAddress": "Medical Center Dr 5,Columbia,SC,US,29203",
    "InstitutionName": "USC",
    "MRAcquisitionType": "2D",
    "Manufacturer": "SIEMENS",
    "Modality": "MR",
    "PhaseEncodingDirection": "j-",
    "RepetitionTime": 1,
    "ScanOptions": "FS",
    "ScanningSequence": "EP",
    "SequenceName": "epfid2d1_70",
    "SequenceVariant": "SK\\SS",
    "SeriesDescription": "fMRI_Run_2",
    "SeriesNumber": 9,
    "SliceThickness": 2.73,
    "SliceTiming": [
      0,
      0.685,
      0.3925,
      0.0975,
      0.7825,
      0.49,
      0.195,
      0.8825,
      0.5875,
      0.2925,
      0,
      0.685,
      0.3925,
      0.0975,
      0.7825,
      0.49,
      0.195,
      0.8825,
      0.5875,
      0.2925,
      0,
      0.685,
      0.3925,
      0.0975,
      0.7825,
      0.49,
      0.195,
      0.8825,
      0.5875,
      0.2925,
      0,
      0.685,
      0.3925,
      0.0975,
      0.7825,
      0.49,
      0.195,
      0.8825,
      0.5875,
      0.2925
    ],
    "SoftwareVersion": "syngo MR E11",
    "TaskName": "affect",
    "TotalReadoutTime": 0.041399172,
    "dataset": "ds003507",
    "deltaTE": 34,
    "modality": "bold",
    "run_id": 2,
    "subject_id": "09",
    "task_id": "affect"
  },
  "dummy_trs": 1,
  "dvars_nstd": 23.70881096197279,
  "dvars_std": 1.1325090627210888,
  "dvars_vstd": 0.9651174044727897,
  "efc": 0.5350600946311683,
  "fber": 940.4659423828125,
  "fd_mean": 0.21967032475319764,
  "fd_num": 344,
  "fd_perc": 58.40407470288625,
  "fwhm_avg": 3.100250302403095,
  "fwhm_x": 2.8876233333333334,
  "fwhm_y": 3.2840566666666664,
  "fwhm_z": 3.1290709072092837,
  "gcor": 0.0345718,
  "gsr_x": 0.012262722477316856,
  "gsr_y": 0.05947570130228996,
  "provenance": {
    "md5sum": "db0aaf6ae73c7feffba2556ad841eb5b",
    "settings": {
      "fd_thres": 0.2,
      "testing": false
    },
    "software": "mriqc",
    "version": "21.0.0rc2",
    "webapi_port": null,
    "webapi_url": "https://mriqc.nimh.nih.gov/api/v1"
  },
  "size_t": 589,
  "size_x": 70,
  "size_y": 70,
  "size_z": 40,
  "snr": 2.294731990889693,
  "spacing_tr": 1.0,
  "spacing_x": 3.0,
  "spacing_y": 3.0,
  "spacing_z": 3.003000020980835,
  "summary_bg_k": 29.833509202277,
  "summary_bg_mad": 95.25531485368012,
  "summary_bg_mean": 365.52105712890625,
  "summary_bg_median": 157.5679168701172,
  "summary_bg_n": 111924.0,
  "summary_bg_p05": 83.00170135498047,
  "summary_bg_p95": 1430.648742675779,
  "summary_bg_stdv": 608.5911865234375,
  "summary_fg_k": 0.5423676270069535,
  "summary_fg_mad": 2087.2371566063175,
  "summary_fg_mean": 5508.94482421875,
  "summary_fg_median": 5020.9990234375,
  "summary_fg_n": 42322.0,
  "summary_fg_p05": 2773.842700195313,
  "summary_fg_p95": 9645.793603515624,
  "summary_fg_stdv": 2188.02880859375,
  "tsnr": 59.77768787834793
}