{
  "aor": 0.000471135593220339,
  "aqi": 0.0025607301864406778,
  "bids_meta": {
    "AcquisitionDateTime": "20181030142428.142500",
    "ConversionSoftware": "dicm2nii.m 20181126",
    "DeviceSerialNumber": "67060",
    "EchoTime1": 0.035,
    "EchoTime2": 0.001,
    "EffectiveEchoSpacing": 0.000599988,
    "FlipAngle": 62,
    "ImageType": [
      "ORIGINAL",
      "PRIMARY",
      "M",
      "MB",
      "ND",
      "MOSAIC"
    ],
    "InstitutionAddress": "Medical Center Dr 5,Columbia,SC,US,29203",
    "InstitutionName": "USC",
    "MRAcquisitionType": "2D",
    "Manufacturer": "SIEMENS",
    "Modality": "MR",
    "PhaseEncodingDirection": "j-",
    "RepetitionTime": 1,
    "ScanOptions": "FS",
    "ScanningSequence": "EP",
    "SequenceName": "epfid2d1_70",
    "SequenceVariant": "SK\\SS",
    "SeriesDescription": "fMRI_Run_3",
    "SeriesNumber": 11,
    "SliceThickness": 2.73,
    "SliceTiming": [
      0,
      0.6875,
      0.3925,
      0.1,
      0.785,
      0.49,
      0.1975,
      0.8825,
      0.59,
      0.295,
      0,
      0.6875,
      0.3925,
      0.1,
      0.785,
      0.49,
      0.1975,
      0.8825,
      0.59,
      0.295,
      0,
      0.6875,
      0.3925,
      0.1,
      0.785,
      0.49,
      0.1975,
      0.8825,
      0.59,
      0.295,
      0,
      0.6875,
      0.3925,
      0.1,
      0.785,
      0.49,
      0.1975,
      0.8825,
      0.59,
      0.295
    ],
    "SoftwareVersion": "syngo MR E11",
    "TaskName": "affect",
    "TotalReadoutTime": 0.041399172,
    "dataset": "ds003507",
    "deltaTE": 34,
    "modality": "bold",
    "run_id": 3,
    "subject_id": "09",
    "task_id": "affect"
  },
  "dummy_trs": 0,
  "dvars_nstd": 22.75169183932089,
  "dvars_std": 1.1436057288964334,
  "dvars_vstd": 0.9797973311714772,
  "efc": 0.5362163303518286,
  "fber": 915.4288940429688,
  "fd_mean": 0.20139685388568826,
  "fd_num": 305,
  "fd_perc": 51.69491525423729,
  "fwhm_avg": 3.1157938665406424,
  "fwhm_x": 2.8816699999999997,
  "fwhm_y": 3.3040000000000003,
  "fwhm_z": 3.161711599621928,
  "gcor": 0.0419378,
  "gsr_x": 0.011653493158519268,
  "gsr_y": 0.06106467545032501,
  "provenance": {
    "md5sum": "ce05c8ddade9397354df87d62f000607",
    "settings": {
      "fd_thres": 0.2,
      "testing": false
    },
    "software": "mriqc",
    "version": "21.0.0rc2",
    "webapi_port": null,
    "webapi_url": "https://mriqc.nimh.nih.gov/api/v1"
  },
  "size_t": 590,
  "size_x": 70,
  "size_y": 70,
  "size_z": 40,
  "snr": 2.2855191844026175,
  "spacing_tr": 1.0,
  "spacing_x": 3.0,
  "spacing_y": 3.0,
  "spacing_z": 3.003000020980835,
  "summary_bg_k": 27.081311389921645,
  "summary_bg_mad": 95.40419493790841,
  "summary_bg_mean": 379.4363098144531,
  "summary_bg_median": 159.70677185058594,
  "summary_bg_n": 112202.0,
  "summary_bg_p05": 86.04076461791992,
  "summary_bg_p95": 1515.831982421875,
  "summary_bg_stdv": 631.16796875,
  "summary_fg_k": 0.4895318247836449,
  "summary_fg_mad": 2090.0582995972923,
  "summary_fg_mean": 5522.2626953125,
  "summary_fg_median": 5027.36279296875,
  "summary_fg_n": 42430.0,
  "summary_fg_p05": 2768.1380493164065,
  "summary_fg_p95": 9688.229980468746,
  "summary_fg_stdv": 2199.633056640625,
  "tsnr": 63.65502903936431
}