{
  "aor": 0.004231016949152542,
  "aqi": 0.02434484322033898,
  "bids_meta": {
    "AcquisitionDateTime": "20181108144625.502500",
    "ConversionSoftware": "dicm2nii.m 20181126",
    "DeviceSerialNumber": "67060",
    "EchoTime1": 0.035,
    "EchoTime2": 0.001,
    "EffectiveEchoSpacing": 0.000599988,
    "FlipAngle": 62,
    "ImageType": [
      "ORIGINAL",
      "PRIMARY",
      "M",
      "MB",
      "ND",
      "MOSAIC"
    ],
    "InstitutionAddress": "Medical Center Dr 5,Columbia,SC,US,29203",
    "InstitutionName": "USC",
    "MRAcquisitionType": "2D",
    "Manufacturer": "SIEMENS",
    "Modality": "MR",
    "PhaseEncodingDirection": "j-",
    "RepetitionTime": 1,
    "ScanOptions": "FS",
    "ScanningSequence": "EP",
    "SequenceName": "epfid2d1_70",
    "SequenceVariant": "SK\\SS",
    "SeriesDescription": "fMRI_Run_2",
    "SeriesNumber": 9,
    "SliceThickness": 2.73,
    "SliceTiming": [
      0,
      0.685,
      0.3925,
      0.0975,
      0.785,
      0.49,
      0.1975,
      0.8825,
      0.5875,
      0.295,
      0,
      0.685,
      0.3925,
      0.0975,
      0.785,
      0.49,
      0.1975,
      0.8825,
      0.5875,
      0.295,
      0,
      0.685,
      0.3925,
      0.0975,
      0.785,
      0.49,
      0.1975,
      0.8825,
      0.5875,
      0.295,
      0,
      0.685,
      0.3925,
      0.0975,
      0.785,
      0.49,
      0.1975,
      0.8825,
      0.5875,
      0.295
    ],
    "SoftwareVersion": "syngo MR E11",
    "TaskName": "affect",
    "TotalReadoutTime": 0.041399172,
    "dataset": "ds003507",
    "deltaTE": 34,
    "modality": "bold",
    "run_id": 2,
    "subject_id": "13",
    "task_id": "affect"
  },
  "dummy_trs": 0,
  "dvars_nstd": 29.67759076857382,
  "dvars_std": 0.8332277341595918,
  "dvars_vstd": 0.8365233048047538,
  "efc": 0.5044851493309293,
  "fber": 1117.3763427734375,
  "fd_mean": 0.31605631874128054,
  "fd_num": 172,
  "fd_perc": 29.152542372881356,
  "fwhm_avg": 2.622133422614814,
  "fwhm_x": 2.420263333333333,
  "fwhm_y": 2.79309,
  "fwhm_z": 2.653046934511109,
  "gcor": 0.0564939,
  "gsr_x": -0.0031881581526249647,
  "gsr_y": 0.05456395074725151,
  "provenance": {
    "md5sum": "2dd9fc26c25cdd4b8aa3c9e5843b1dbf",
    "settings": {
      "fd_thres": 0.2,
      "testing": false
    },
    "software": "mriqc",
    "version": "21.0.0rc2",
    "webapi_port": null,
    "webapi_url": "https://mriqc.nimh.nih.gov/api/v1"
  },
  "size_t": 590,
  "size_x": 70,
  "size_y": 70,
  "size_z": 40,
  "snr": 3.0902215822137373,
  "spacing_tr": 1.0,
  "spacing_x": 3.0,
  "spacing_y": 3.0,
  "spacing_z": 3.003000020980835,
  "summary_bg_k": 47.81506065310818,
  "summary_bg_mad": 55.165364921779,
  "summary_bg_mean": 241.14735412597656,
  "summary_bg_median": 115.52033996582031,
  "summary_bg_n": 123466.0,
  "summary_bg_p05": 73.37457275390625,
  "summary_bg_p95": 839.5106048583984,
  "summary_bg_stdv": 378.4574279785156,
  "summary_fg_k": 0.7934752140083461,
  "summary_fg_mad": 1154.5301463419091,
  "summary_fg_mean": 4097.20068359375,
  "summary_fg_median": 3879.65087890625,
  "summary_fg_n": 33667.0,
  "summary_fg_p05": 2413.804931640625,
  "summary_fg_p95": 6437.869335937498,
  "summary_fg_stdv": 1255.4417724609375,
  "tsnr": 22.803323750500567
}