{
  "aor": 0.0027353559322033896,
  "aqi": 0.013979454610169492,
  "bids_meta": {
    "AcquisitionDateTime": "20181108143353.127500",
    "ConversionSoftware": "dicm2nii.m 20181126",
    "DeviceSerialNumber": "67060",
    "EchoTime1": 0.035,
    "EchoTime2": 0.001,
    "EffectiveEchoSpacing": 0.000599988,
    "FlipAngle": 62,
    "ImageType": [
      "ORIGINAL",
      "PRIMARY",
      "M",
      "MB",
      "ND",
      "MOSAIC"
    ],
    "InstitutionAddress": "Medical Center Dr 5,Columbia,SC,US,29203",
    "InstitutionName": "USC",
    "MRAcquisitionType": "2D",
    "Manufacturer": "SIEMENS",
    "Modality": "MR",
    "PhaseEncodingDirection": "j-",
    "RepetitionTime": 1,
    "ScanOptions": "FS",
    "ScanningSequence": "EP",
    "SequenceName": "epfid2d1_70",
    "SequenceVariant": "SK\\SS",
    "SeriesDescription": "fMRI_Run_1",
    "SeriesNumber": 3,
    "SliceThickness": 2.73,
    "SliceTiming": [
      0,
      0.685,
      0.3925,
      0.0975,
      0.785,
      0.49,
      0.1975,
      0.8825,
      0.5875,
      0.295,
      0,
      0.685,
      0.3925,
      0.0975,
      0.785,
      0.49,
      0.1975,
      0.8825,
      0.5875,
      0.295,
      0,
      0.685,
      0.3925,
      0.0975,
      0.785,
      0.49,
      0.1975,
      0.8825,
      0.5875,
      0.295,
      0,
      0.685,
      0.3925,
      0.0975,
      0.785,
      0.49,
      0.1975,
      0.8825,
      0.5875,
      0.295
    ],
    "SoftwareVersion": "syngo MR E11",
    "TaskName": "affect",
    "TotalReadoutTime": 0.041399172,
    "dataset": "ds003507",
    "deltaTE": 34,
    "modality": "bold",
    "run_id": 1,
    "subject_id": "13",
    "task_id": "affect"
  },
  "dummy_trs": 0,
  "dvars_nstd": 26.188165123837,
  "dvars_std": 0.926399915534804,
  "dvars_vstd": 0.8830171402207124,
  "efc": 0.5042819143163897,
  "fber": 1139.4141845703125,
  "fd_mean": 0.2337363543231464,
  "fd_num": 178,
  "fd_perc": 30.16949152542373,
  "fwhm_avg": 2.592796977996498,
  "fwhm_x": 2.405676666666667,
  "fwhm_y": 2.7403333333333335,
  "fwhm_z": 2.6323809339894937,
  "gcor": 0.0277309,
  "gsr_x": -0.004726226907223463,
  "gsr_y": 0.06023475155234337,
  "provenance": {
    "md5sum": "0b3545b444aab8168e18fd3e12e779f6",
    "settings": {
      "fd_thres": 0.2,
      "testing": false
    },
    "software": "mriqc",
    "version": "21.0.0rc2",
    "webapi_port": null,
    "webapi_url": "https://mriqc.nimh.nih.gov/api/v1"
  },
  "size_t": 590,
  "size_x": 70,
  "size_y": 70,
  "size_z": 40,
  "snr": 3.0722824293407145,
  "spacing_tr": 1.0,
  "spacing_x": 3.0,
  "spacing_y": 3.0,
  "spacing_z": 3.003000020980835,
  "summary_bg_k": 49.998754518622775,
  "summary_bg_mad": 53.662662421426134,
  "summary_bg_mean": 242.81089782714844,
  "summary_bg_median": 113.4237289428711,
  "summary_bg_n": 123561.0,
  "summary_bg_p05": 72.10338592529297,
  "summary_bg_p95": 852.7965698242188,
  "summary_bg_stdv": 401.966796875,
  "summary_fg_k": 0.8423249804680326,
  "summary_fg_mad": 1144.7737839889796,
  "summary_fg_mean": 4082.290283203125,
  "summary_fg_median": 3862.35498046875,
  "summary_fg_n": 33776.0,
  "summary_fg_p05": 2397.8114013671875,
  "summary_fg_p95": 6434.03564453125,
  "summary_fg_stdv": 1257.142822265625,
  "tsnr": 29.629797355504707
}