{
  "aor": 0.0009524278438030561,
  "aqi": 0.002881371305602717,
  "bids_meta": {
    "AcquisitionDateTime": "20181128151743.702500",
    "ConversionSoftware": "dicm2nii.m 20181126",
    "DeviceSerialNumber": "67060",
    "EchoTime1": 0.035,
    "EchoTime2": 0.001,
    "EffectiveEchoSpacing": 0.000599988,
    "FlipAngle": 62,
    "ImageType": [
      "ORIGINAL",
      "PRIMARY",
      "M",
      "MB",
      "ND",
      "MOSAIC"
    ],
    "InstitutionAddress": "Medical Center Dr 5,Columbia,SC,US,29203",
    "InstitutionName": "Palmetto Health Richland",
    "MRAcquisitionType": "2D",
    "Manufacturer": "SIEMENS",
    "Modality": "MR",
    "PhaseEncodingDirection": "j-",
    "RepetitionTime": 1,
    "ScanOptions": "FS",
    "ScanningSequence": "EP",
    "SequenceName": "epfid2d1_70",
    "SequenceVariant": "SK\\SS",
    "SeriesDescription": "fMRI_Run_2",
    "SeriesNumber": 9,
    "SliceThickness": 2.73,
    "SliceTiming": [
      0,
      0.6875,
      0.3925,
      0.0975,
      0.785,
      0.49,
      0.1975,
      0.8825,
      0.5875,
      0.295,
      0,
      0.6875,
      0.3925,
      0.0975,
      0.785,
      0.49,
      0.1975,
      0.8825,
      0.5875,
      0.295,
      0,
      0.6875,
      0.3925,
      0.0975,
      0.785,
      0.49,
      0.1975,
      0.8825,
      0.5875,
      0.295,
      0,
      0.6875,
      0.3925,
      0.0975,
      0.785,
      0.49,
      0.1975,
      0.8825,
      0.5875,
      0.295
    ],
    "SoftwareVersion": "syngo MR E11",
    "TaskName": "affect",
    "TotalReadoutTime": 0.041399172,
    "dataset": "ds003507",
    "deltaTE": 34,
    "modality": "bold",
    "run_id": 2,
    "subject_id": "17",
    "task_id": "affect"
  },
  "dummy_trs": 1,
  "dvars_nstd": 20.368578862159882,
  "dvars_std": 1.0965998094557832,
  "dvars_vstd": 0.9940813345578227,
  "efc": 0.48388351775019794,
  "fber": 1589.0731201171875,
  "fd_mean": 0.14117474810212174,
  "fd_num": 132,
  "fd_perc": 22.410865874363328,
  "fwhm_avg": 2.618715707020822,
  "fwhm_x": 2.4478933333333335,
  "fwhm_y": 2.7653933333333334,
  "fwhm_z": 2.642860454395798,
  "gcor": 0.0331781,
  "gsr_x": -0.014894763007760048,
  "gsr_y": 0.054360177367925644,
  "provenance": {
    "md5sum": "0a1dfe9a13d5fa069c2633e9cc3af936",
    "settings": {
      "fd_thres": 0.2,
      "testing": false
    },
    "software": "mriqc",
    "version": "21.0.0rc2",
    "webapi_port": null,
    "webapi_url": "https://mriqc.nimh.nih.gov/api/v1"
  },
  "size_t": 589,
  "size_x": 70,
  "size_y": 70,
  "size_z": 40,
  "snr": 3.1162397458830022,
  "spacing_tr": 1.0,
  "spacing_x": 3.0,
  "spacing_y": 3.0,
  "spacing_z": 3.003000020980835,
  "summary_bg_k": 46.01729456208587,
  "summary_bg_mad": 43.03825520116904,
  "summary_bg_mean": 220.9620361328125,
  "summary_bg_median": 107.33106994628906,
  "summary_bg_n": 126012.0,
  "summary_bg_p05": 74.80136108398438,
  "summary_bg_p95": 758.5378662109375,
  "summary_bg_stdv": 354.4283142089844,
  "summary_fg_k": 0.4509513601098889,
  "summary_fg_mad": 1358.9332492971175,
  "summary_fg_mean": 4553.89306640625,
  "summary_fg_median": 4350.8701171875,
  "summary_fg_n": 31986.0,
  "summary_fg_p05": 2632.7415161132812,
  "summary_fg_p95": 7103.1776123046875,
  "summary_fg_stdv": 1396.1705322265625,
  "tsnr": 64.06315817614086
}