{
  "aor": 0.0012652372881355933,
  "aqi": 0.008961386440677965,
  "bids_meta": {
    "AcquisitionDateTime": "20181128150537.832500",
    "ConversionSoftware": "dicm2nii.m 20181126",
    "DeviceSerialNumber": "67060",
    "EchoTime1": 0.035,
    "EchoTime2": 0.001,
    "EffectiveEchoSpacing": 0.000599988,
    "FlipAngle": 62,
    "ImageType": [
      "ORIGINAL",
      "PRIMARY",
      "M",
      "MB",
      "ND",
      "MOSAIC"
    ],
    "InstitutionAddress": "Medical Center Dr 5,Columbia,SC,US,29203",
    "InstitutionName": "Palmetto Health Richland",
    "MRAcquisitionType": "2D",
    "Manufacturer": "SIEMENS",
    "Modality": "MR",
    "PhaseEncodingDirection": "j-",
    "RepetitionTime": 1,
    "ScanOptions": "FS",
    "ScanningSequence": "EP",
    "SequenceName": "epfid2d1_70",
    "SequenceVariant": "SK\\SS",
    "SeriesDescription": "fMRI_Run_1",
    "SeriesNumber": 3,
    "SliceThickness": 2.73,
    "SliceTiming": [
      0,
      0.6875,
      0.3925,
      0.1,
      0.785,
      0.49,
      0.1975,
      0.8825,
      0.59,
      0.295,
      0,
      0.6875,
      0.3925,
      0.1,
      0.785,
      0.49,
      0.1975,
      0.8825,
      0.59,
      0.295,
      0,
      0.6875,
      0.3925,
      0.1,
      0.785,
      0.49,
      0.1975,
      0.8825,
      0.59,
      0.295,
      0,
      0.6875,
      0.3925,
      0.1,
      0.785,
      0.49,
      0.1975,
      0.8825,
      0.59,
      0.295
    ],
    "SoftwareVersion": "syngo MR E11",
    "TaskName": "affect",
    "TotalReadoutTime": 0.041399172,
    "dataset": "ds003507",
    "deltaTE": 34,
    "modality": "bold",
    "run_id": 1,
    "subject_id": "17",
    "task_id": "affect"
  },
  "dummy_trs": 0,
  "dvars_nstd": 19.971477811290278,
  "dvars_std": 0.9635246288624788,
  "dvars_vstd": 0.9124419207470282,
  "efc": 0.48176351090848485,
  "fber": 1622.278564453125,
  "fd_mean": 0.15222213601559215,
  "fd_num": 143,
  "fd_perc": 24.23728813559322,
  "fwhm_avg": 2.643643141813623,
  "fwhm_x": 2.48029,
  "fwhm_y": 2.810083333333333,
  "fwhm_z": 2.6405560921075355,
  "gcor": 0.0243323,
  "gsr_x": -0.012938079424202442,
  "gsr_y": 0.05749901011586189,
  "provenance": {
    "md5sum": "237d8cefb44deac62bfa07720f8c6f01",
    "settings": {
      "fd_thres": 0.2,
      "testing": false
    },
    "software": "mriqc",
    "version": "21.0.0rc2",
    "webapi_port": null,
    "webapi_url": "https://mriqc.nimh.nih.gov/api/v1"
  },
  "size_t": 590,
  "size_x": 70,
  "size_y": 70,
  "size_z": 40,
  "snr": 3.1493230138058435,
  "spacing_tr": 1.0,
  "spacing_x": 3.0,
  "spacing_y": 3.0,
  "spacing_z": 3.003000020980835,
  "summary_bg_k": 45.424674430055745,
  "summary_bg_mad": 44.43534355880502,
  "summary_bg_mean": 216.82984924316406,
  "summary_bg_median": 106.10847473144531,
  "summary_bg_n": 126415.0,
  "summary_bg_p05": 71.6322021484375,
  "summary_bg_p95": 725.8350830078123,
  "summary_bg_stdv": 347.6455993652344,
  "summary_fg_k": 0.41391801962027674,
  "summary_fg_mad": 1331.5422095065699,
  "summary_fg_mean": 4508.5439453125,
  "summary_fg_median": 4302.73876953125,
  "summary_fg_n": 31779.0,
  "summary_fg_p05": 2637.4012939453123,
  "summary_fg_p95": 7017.631396484374,
  "summary_fg_stdv": 1366.220947265625,
  "tsnr": 40.84696225589141
}