{
  "bids_meta": {
    "AcquisitionDateTime": "20181212155137.347500",
    "ConversionSoftware": "dicm2nii.m 20181126",
    "DeviceSerialNumber": "67060",
    "EchoTime": 0.00411,
    "FlipAngle": 9,
    "ImageType": [
      "ORIGINAL",
      "PRIMARY",
      "M",
      "ND",
      "NORM"
    ],
    "InstitutionAddress": "Medical Center Dr 5,Columbia,SC,US,29203",
    "InstitutionName": "Palmetto Health Richland",
    "InversionTime": 0.925,
    "MRAcquisitionType": "3D",
    "Manufacturer": "SIEMENS",
    "Modality": "MR",
    "PhaseEncodingDirection": "j-",
    "RepetitionTime": 2.25,
    "ScanOptions": "IR",
    "ScanningSequence": "GR\\IR",
    "SequenceName": "*tfl3d1_16ns",
    "SequenceVariant": "SK\\SP\\MP",
    "SeriesDescription": "T1_32_Channel_mprage_ns_sag_p2_iso 1.0mm_192",
    "SeriesNumber": 12,
    "SliceThickness": 1,
    "SoftwareVersion": "syngo MR E11",
    "dataset": "ds003507",
    "modality": "T1w",
    "subject_id": "21"
  },
  "cjv": 0.4355063881975233,
  "cnr": 2.7124184564829465,
  "efc": 0.5364803042929269,
  "fber": 511.490766248342,
  "fwhm_avg": 3.9179165066651698,
  "fwhm_x": 4.026569519995508,
  "fwhm_y": 3.99406,
  "fwhm_z": 3.73312,
  "icvs_csf": 0.17632427145464802,
  "icvs_gm": 0.4370997681337849,
  "icvs_wm": 0.38657596041156705,
  "inu_med": 0.9758756160736084,
  "inu_range": 0.47639334201812744,
  "provenance": {
    "md5sum": "3b94b546c32a1acb627553a7c2c4c60d",
    "settings": {
      "testing": false
    },
    "software": "mriqc",
    "version": "21.0.0rc2",
    "warnings": {
      "large_rot_frame": true,
      "small_air_mask": false
    },
    "webapi_port": null,
    "webapi_url": "https://mriqc.nimh.nih.gov/api/v1"
  },
  "qi_1": 2.1992155625593408e-05,
  "qi_2": 0.016117255085048052,
  "rpve_csf": 36.00612406334048,
  "rpve_gm": 15.527773615065687,
  "rpve_wm": 19.985804794739604,
  "size_x": 192,
  "size_y": 256,
  "size_z": 256,
  "snr_csf": 3.18942895001914,
  "snr_gm": 10.949496932577619,
  "snr_total": 10.805607639085764,
  "snr_wm": 18.277897034660537,
  "snrd_csf": 13.307812966293852,
  "snrd_gm": 23.54699557393366,
  "snrd_total": 22.714559847549694,
  "snrd_wm": 31.288871002421565,
  "spacing_x": 1.0000001192092896,
  "spacing_y": 1.0,
  "spacing_z": 1.0,
  "summary_bg_k": 18.392736515105163,
  "summary_bg_mad": 20.938318567485016,
  "summary_bg_mean": 29.48987907702711,
  "summary_bg_median": 28.245362520217896,
  "summary_bg_n": 3721584.0,
  "summary_bg_p05": 0.0,
  "summary_bg_p95": 70.54207962751389,
  "summary_bg_stdv": 24.58614004286403,
  "summary_csf_k": 9.529963255559139,
  "summary_csf_mad": 132.82084909475344,
  "summary_csf_mean": 431.7443302212343,
  "summary_csf_median": 425.32095128297806,
  "summary_csf_n": 19345.0,
  "summary_csf_p05": 250.72752103805541,
  "summary_csf_p95": 635.5777180433273,
  "summary_csf_stdv": 133.34987697164922,
  "summary_gm_k": 0.507311491738768,
  "summary_gm_mad": 62.70920661878088,
  "summary_gm_mean": 758.5457897029817,
  "summary_gm_median": 752.5677271485329,
  "summary_gm_n": 22137.0,
  "summary_gm_p05": 656.4051065683365,
  "summary_gm_p95": 885.6632990241051,
  "summary_gm_stdv": 68.72925154730063,
  "summary_wm_k": 3.149066459390859,
  "summary_wm_mad": 45.04910964519503,
  "summary_wm_mean": 1004.4844452808146,
  "summary_wm_median": 999.9999558925629,
  "summary_wm_n": 179560.0,
  "summary_wm_p05": 926.1768493056297,
  "summary_wm_p95": 1098.4307646751404,
  "summary_wm_stdv": 54.710734468410955,
  "tpm_overlap_csf": 0.15430882573127747,
  "tpm_overlap_gm": 0.4531358778476715,
  "tpm_overlap_wm": 0.49116531014442444,
  "wm2max": 0.3451030668647342
}