{
  "aor": 0.01618335593220339,
  "aqi": 0.012462029508474576,
  "bids_meta": {
    "AcquisitionDateTime": "20181205154659.282500",
    "ConversionSoftware": "dicm2nii.m 20181126",
    "DeviceSerialNumber": "67060",
    "EchoTime1": 0.035,
    "EchoTime2": 0.001,
    "EffectiveEchoSpacing": 0.000599988,
    "FlipAngle": 62,
    "ImageType": [
      "ORIGINAL",
      "PRIMARY",
      "M",
      "MB",
      "ND",
      "MOSAIC"
    ],
    "InstitutionAddress": "Medical Center Dr 5,Columbia,SC,US,29203",
    "InstitutionName": "USC",
    "MRAcquisitionType": "2D",
    "Manufacturer": "SIEMENS",
    "Modality": "MR",
    "PhaseEncodingDirection": "j-",
    "RepetitionTime": 1,
    "ScanOptions": "FS",
    "ScanningSequence": "EP",
    "SequenceName": "epfid2d1_70",
    "SequenceVariant": "SK\\SS",
    "SeriesDescription": "fMRI_Run_2",
    "SeriesNumber": 9,
    "SliceThickness": 2.73,
    "SliceTiming": [
      0,
      0.6875,
      0.3925,
      0.0975,
      0.785,
      0.49,
      0.1975,
      0.8825,
      0.5875,
      0.295,
      0,
      0.6875,
      0.3925,
      0.0975,
      0.785,
      0.49,
      0.1975,
      0.8825,
      0.5875,
      0.295,
      0,
      0.6875,
      0.3925,
      0.0975,
      0.785,
      0.49,
      0.1975,
      0.8825,
      0.5875,
      0.295,
      0,
      0.6875,
      0.3925,
      0.0975,
      0.785,
      0.49,
      0.1975,
      0.8825,
      0.5875,
      0.295
    ],
    "SoftwareVersion": "syngo MR E11",
    "TaskName": "affect",
    "TotalReadoutTime": 0.041399172,
    "dataset": "ds003507",
    "deltaTE": 34,
    "modality": "bold",
    "run_id": 2,
    "subject_id": "20",
    "task_id": "affect"
  },
  "dummy_trs": 0,
  "dvars_nstd": 31.69177397818338,
  "dvars_std": 1.093841235178269,
  "dvars_vstd": 1.0366104748387113,
  "efc": 0.5106461434490445,
  "fber": 1034.869140625,
  "fd_mean": 0.307184529128757,
  "fd_num": 200,
  "fd_perc": 33.898305084745765,
  "fwhm_avg": 3.143307227476702,
  "fwhm_x": 2.9378466666666667,
  "fwhm_y": 3.267113333333333,
  "fwhm_z": 3.2249616824301066,
  "gcor": 0.0487177,
  "gsr_x": -0.01763104274868965,
  "gsr_y": 0.06752120703458786,
  "provenance": {
    "md5sum": "591d500ccdb89ffc1d80600500006efa",
    "settings": {
      "fd_thres": 0.2,
      "testing": false
    },
    "software": "mriqc",
    "version": "21.0.0rc2",
    "webapi_port": null,
    "webapi_url": "https://mriqc.nimh.nih.gov/api/v1"
  },
  "size_t": 590,
  "size_x": 70,
  "size_y": 70,
  "size_z": 40,
  "snr": 2.1343966294685317,
  "spacing_tr": 1.0,
  "spacing_x": 3.0,
  "spacing_y": 3.0,
  "spacing_z": 3.003000020980835,
  "summary_bg_k": 29.470940662674074,
  "summary_bg_mad": 67.69713844828982,
  "summary_bg_mean": 307.1025390625,
  "summary_bg_median": 134.9271240234375,
  "summary_bg_n": 117295.0,
  "summary_bg_p05": 82.46898193359375,
  "summary_bg_p95": 1240.7040283203119,
  "summary_bg_stdv": 520.0464477539062,
  "summary_fg_k": 1.8433554546247057,
  "summary_fg_mad": 1679.2482641259264,
  "summary_fg_mean": 4995.45263671875,
  "summary_fg_median": 4479.6796875,
  "summary_fg_n": 38299.0,
  "summary_fg_p05": 2589.0285888671874,
  "summary_fg_p95": 9350.89375,
  "summary_fg_stdv": 2098.7763671875,
  "tsnr": 31.589498764602467
}