{
  "bids_meta": {
    "AcquisitionDateTime": "20181130140815.682500",
    "ConversionSoftware": "dicm2nii.m 20181126",
    "DeviceSerialNumber": "67060",
    "EchoTime": 0.00411,
    "FlipAngle": 9,
    "ImageType": [
      "ORIGINAL",
      "PRIMARY",
      "M",
      "ND",
      "NORM"
    ],
    "InstitutionAddress": "Medical Center Dr 5,Columbia,SC,US,29203",
    "InstitutionName": "PALMETTO RICHLAND",
    "InversionTime": 0.925,
    "MRAcquisitionType": "3D",
    "Manufacturer": "SIEMENS",
    "Modality": "MR",
    "PhaseEncodingDirection": "j-",
    "RepetitionTime": 2.25,
    "ScanOptions": "IR",
    "ScanningSequence": "GR\\IR",
    "SequenceName": "*tfl3d1_16ns",
    "SequenceVariant": "SK\\SP\\MP",
    "SeriesDescription": "T1_32_Channel_mprage_ns_sag_p2_iso 1.0mm_192",
    "SeriesNumber": 12,
    "SliceThickness": 1,
    "SoftwareVersion": "syngo MR E11",
    "dataset": "ds003507",
    "modality": "T1w",
    "subject_id": "19"
  },
  "cjv": 0.38407164558744883,
  "cnr": 3.222574234286533,
  "efc": 0.5810455853677393,
  "fber": 476.0403366719973,
  "fwhm_avg": 3.9717000749633757,
  "fwhm_x": 4.13761,
  "fwhm_y": 4.00446,
  "fwhm_z": 3.773030224890126,
  "icvs_csf": 0.186135578844457,
  "icvs_gm": 0.44210951937146425,
  "icvs_wm": 0.3717549017840788,
  "inu_med": 1.04111909866333,
  "inu_range": 0.4054049551486968,
  "provenance": {
    "md5sum": "7e152e7dde502a88f6e27fd12d9f9ee2",
    "settings": {
      "testing": false
    },
    "software": "mriqc",
    "version": "21.0.0rc2",
    "warnings": {
      "large_rot_frame": true,
      "small_air_mask": false
    },
    "webapi_port": null,
    "webapi_url": "https://mriqc.nimh.nih.gov/api/v1"
  },
  "qi_1": 2.683462586781263e-06,
  "qi_2": 0.018837134350207452,
  "rpve_csf": 37.77776872521862,
  "rpve_gm": 17.40130567015134,
  "rpve_wm": 23.973518101453937,
  "size_x": 192,
  "size_y": 256,
  "size_z": 256,
  "snr_csf": 3.510573498389896,
  "snr_gm": 11.435686060511012,
  "snr_total": 12.74664065762932,
  "snr_wm": 23.293662413987047,
  "snrd_csf": 11.49220120082754,
  "snrd_gm": 24.035498553328168,
  "snrd_total": 22.665986875027684,
  "snrd_wm": 32.47026087092735,
  "spacing_x": 1.0,
  "spacing_y": 1.0,
  "spacing_z": 0.9999999403953552,
  "summary_bg_k": 11.928230947873688,
  "summary_bg_mad": 20.17650546065476,
  "summary_bg_mean": 26.363395027842028,
  "summary_bg_median": 27.217692255973816,
  "summary_bg_n": 2412751.0,
  "summary_bg_p05": 0.0,
  "summary_bg_p95": 67.94416559487581,
  "summary_bg_stdv": 21.56577186460612,
  "summary_csf_k": 1.7136372885734499,
  "summary_csf_mad": 78.03560200223826,
  "summary_csf_mean": 373.89336629706753,
  "summary_csf_median": 353.93006437271833,
  "summary_csf_n": 15989.0,
  "summary_csf_p05": 245.80978318676353,
  "summary_csf_p95": 570.7510040059685,
  "summary_csf_stdv": 100.81515069781942,
  "summary_gm_k": 0.04688112666649458,
  "summary_gm_mad": 63.71918452464132,
  "summary_gm_mean": 741.8705808580584,
  "summary_gm_median": 740.2311708219349,
  "summary_gm_n": 20681.0,
  "summary_gm_p05": 638.7652151323855,
  "summary_gm_p95": 851.7036310173571,
  "summary_gm_stdv": 64.7283661235703,
  "summary_wm_k": 4.95539089609931,
  "summary_wm_mad": 36.05066784514049,
  "summary_wm_mean": 1000.0967351568213,
  "summary_wm_median": 1000.0000277943909,
  "summary_wm_n": 170526.0,
  "summary_wm_p05": 932.6062199473381,
  "summary_wm_p95": 1063.7914940193295,
  "summary_wm_stdv": 42.93000722313858,
  "tpm_overlap_csf": 0.17114529013633728,
  "tpm_overlap_gm": 0.44987934827804565,
  "tpm_overlap_wm": 0.5023184418678284,
  "wm2max": 0.5272501846575921
}