{
  "aor": 0.008178728813559322,
  "aqi": 0.011507289644067796,
  "bids_meta": {
    "AcquisitionDateTime": "20181018144612.580000",
    "ConversionSoftware": "dicm2nii.m 20181126",
    "DeviceSerialNumber": "67060",
    "EchoTime1": 0.035,
    "EchoTime2": 0.001,
    "EffectiveEchoSpacing": 0.000599988,
    "FlipAngle": 62,
    "ImageType": [
      "ORIGINAL",
      "PRIMARY",
      "M",
      "MB",
      "ND",
      "MOSAIC"
    ],
    "InstitutionAddress": "Medical Center Dr 5,Columbia,SC,US,29203",
    "InstitutionName": "Palmetto Health Richland",
    "MRAcquisitionType": "2D",
    "Manufacturer": "SIEMENS",
    "Modality": "MR",
    "PhaseEncodingDirection": "j-",
    "RepetitionTime": 1,
    "ScanOptions": "FS",
    "ScanningSequence": "EP",
    "SequenceName": "epfid2d1_70",
    "SequenceVariant": "SK\\SS",
    "SeriesDescription": "fMRI_Run_2",
    "SeriesNumber": 9,
    "SliceThickness": 2.73,
    "SliceTiming": [
      0,
      0.685,
      0.3925,
      0.0975,
      0.7825,
      0.49,
      0.195,
      0.8825,
      0.5875,
      0.295,
      0,
      0.685,
      0.3925,
      0.0975,
      0.7825,
      0.49,
      0.195,
      0.8825,
      0.5875,
      0.295,
      0,
      0.685,
      0.3925,
      0.0975,
      0.7825,
      0.49,
      0.195,
      0.8825,
      0.5875,
      0.295,
      0,
      0.685,
      0.3925,
      0.0975,
      0.7825,
      0.49,
      0.195,
      0.8825,
      0.5875,
      0.295
    ],
    "SoftwareVersion": "syngo MR E11",
    "TaskName": "affect",
    "TotalReadoutTime": 0.041399172,
    "dataset": "ds003507",
    "deltaTE": 34,
    "modality": "bold",
    "run_id": 2,
    "subject_id": "06",
    "task_id": "affect"
  },
  "dummy_trs": 0,
  "dvars_nstd": 32.52127649016979,
  "dvars_std": 0.942841895568761,
  "dvars_vstd": 0.9147525103056025,
  "efc": 0.5723462755417931,
  "fber": 626.325439453125,
  "fd_mean": 0.2900923591479136,
  "fd_num": 194,
  "fd_perc": 32.88135593220339,
  "fwhm_avg": 2.989371758781303,
  "fwhm_x": 2.706,
  "fwhm_y": 3.157413333333333,
  "fwhm_z": 3.1047019430105767,
  "gcor": 0.0296349,
  "gsr_x": 0.013814123347401619,
  "gsr_y": 0.10607363283634186,
  "provenance": {
    "md5sum": "909aa13bf1712a79d8a609c792de111b",
    "settings": {
      "fd_thres": 0.2,
      "testing": false
    },
    "software": "mriqc",
    "version": "21.0.0rc2",
    "webapi_port": null,
    "webapi_url": "https://mriqc.nimh.nih.gov/api/v1"
  },
  "size_t": 590,
  "size_x": 70,
  "size_y": 70,
  "size_z": 40,
  "snr": 2.2261255545476644,
  "spacing_tr": 1.0,
  "spacing_x": 3.0,
  "spacing_y": 3.0,
  "spacing_z": 3.003000020980835,
  "summary_bg_k": 16.336673920014913,
  "summary_bg_mad": 100.42242202858313,
  "summary_bg_mean": 449.15771484375,
  "summary_bg_median": 163.50677490234375,
  "summary_bg_n": 107513.0,
  "summary_bg_p05": 85.48983001708984,
  "summary_bg_p95": 1970.0999755859366,
  "summary_bg_stdv": 732.7438354492188,
  "summary_fg_k": 1.3303840625710217,
  "summary_fg_mad": 1837.9203641052254,
  "summary_fg_mean": 4703.8779296875,
  "summary_fg_median": 4333.5380859375,
  "summary_fg_n": 44884.0,
  "summary_fg_p05": 2276.7850341796875,
  "summary_fg_p95": 8345.718066406249,
  "summary_fg_stdv": 1946.651123046875,
  "tsnr": 34.751099515589885
}