{
  "aor": 0.00875874363327674,
  "aqi": 0.01199645415959253,
  "bids_meta": {
    "AcquisitionDateTime": "20181018143327.135000",
    "ConversionSoftware": "dicm2nii.m 20181126",
    "DeviceSerialNumber": "67060",
    "EchoTime1": 0.035,
    "EchoTime2": 0.001,
    "EffectiveEchoSpacing": 0.000599988,
    "FlipAngle": 62,
    "ImageType": [
      "ORIGINAL",
      "PRIMARY",
      "M",
      "MB",
      "ND",
      "MOSAIC"
    ],
    "InstitutionAddress": "Medical Center Dr 5,Columbia,SC,US,29203",
    "InstitutionName": "Palmetto Health Richland",
    "MRAcquisitionType": "2D",
    "Manufacturer": "SIEMENS",
    "Modality": "MR",
    "PhaseEncodingDirection": "j-",
    "RepetitionTime": 1,
    "ScanOptions": "FS",
    "ScanningSequence": "EP",
    "SequenceName": "epfid2d1_70",
    "SequenceVariant": "SK\\SS",
    "SeriesDescription": "fMRI_Run_1",
    "SeriesNumber": 3,
    "SliceThickness": 2.73,
    "SliceTiming": [
      0,
      0.685,
      0.39,
      0.0975,
      0.7825,
      0.49,
      0.195,
      0.88,
      0.5875,
      0.2925,
      0,
      0.685,
      0.39,
      0.0975,
      0.7825,
      0.49,
      0.195,
      0.88,
      0.5875,
      0.2925,
      0,
      0.685,
      0.39,
      0.0975,
      0.7825,
      0.49,
      0.195,
      0.88,
      0.5875,
      0.2925,
      0,
      0.685,
      0.39,
      0.0975,
      0.7825,
      0.49,
      0.195,
      0.88,
      0.5875,
      0.2925
    ],
    "SoftwareVersion": "syngo MR E11",
    "TaskName": "affect",
    "TotalReadoutTime": 0.041399172,
    "dataset": "ds003507",
    "deltaTE": 34,
    "modality": "bold",
    "run_id": 1,
    "subject_id": "06",
    "task_id": "affect"
  },
  "dummy_trs": 1,
  "dvars_nstd": 31.355663935408145,
  "dvars_std": 0.9311998438095241,
  "dvars_vstd": 0.9022785260714282,
  "efc": 0.5723892666938333,
  "fber": 613.5996704101562,
  "fd_mean": 0.271219608889516,
  "fd_num": 165,
  "fd_perc": 28.01358234295416,
  "fwhm_avg": 2.9568201227524433,
  "fwhm_x": 2.6677133333333334,
  "fwhm_y": 3.1464700000000003,
  "fwhm_z": 3.056277034923995,
  "gcor": 0.0157942,
  "gsr_x": 0.009179582819342613,
  "gsr_y": 0.10714184492826462,
  "provenance": {
    "md5sum": "6cd49653db6fd3b45ca86cbc4dfe8d31",
    "settings": {
      "fd_thres": 0.2,
      "testing": false
    },
    "software": "mriqc",
    "version": "21.0.0rc2",
    "webapi_port": null,
    "webapi_url": "https://mriqc.nimh.nih.gov/api/v1"
  },
  "size_t": 589,
  "size_x": 70,
  "size_y": 70,
  "size_z": 40,
  "snr": 2.232777521786173,
  "spacing_tr": 1.0,
  "spacing_x": 3.0,
  "spacing_y": 3.0,
  "spacing_z": 3.003000020980835,
  "summary_bg_k": 16.151446549981394,
  "summary_bg_mad": 102.47325027893862,
  "summary_bg_mean": 435.2292785644531,
  "summary_bg_median": 163.68421936035156,
  "summary_bg_n": 106839.0,
  "summary_bg_p05": 83.24618530273438,
  "summary_bg_p95": 1898.9166381835928,
  "summary_bg_stdv": 703.9999389648438,
  "summary_fg_k": 1.3402520914855627,
  "summary_fg_mad": 1836.7204553273089,
  "summary_fg_mean": 4684.2939453125,
  "summary_fg_median": 4319.49267578125,
  "summary_fg_n": 45243.0,
  "summary_fg_p05": 2271.589453125,
  "summary_fg_p95": 8312.65712890625,
  "summary_fg_stdv": 1934.561279296875,
  "tsnr": 34.58996744710021
}