{
  "bids_meta": {
    "AcquisitionDateTime": "20180921145140.477500",
    "ConversionSoftware": "dicm2nii.m 20181126",
    "DeviceSerialNumber": "67060",
    "EchoTime": 0.00411,
    "FlipAngle": 9,
    "ImageType": [
      "ORIGINAL",
      "PRIMARY",
      "M",
      "ND",
      "NORM"
    ],
    "InstitutionAddress": "Medical Center Dr 5,Columbia,SC,US,29203",
    "InstitutionName": "R",
    "InversionTime": 0.925,
    "MRAcquisitionType": "3D",
    "Manufacturer": "SIEMENS",
    "Modality": "MR",
    "PhaseEncodingDirection": "j-",
    "RepetitionTime": 2.25,
    "ScanOptions": "IR",
    "ScanningSequence": "GR\\IR",
    "SequenceName": "*tfl3d1_16ns",
    "SequenceVariant": "SK\\SP\\MP",
    "SeriesDescription": "T1_32_Channel_mprage_ns_sag_p2_iso 1.0mm_192",
    "SeriesNumber": 12,
    "SliceThickness": 1,
    "SoftwareVersion": "syngo MR E11",
    "dataset": "ds003507",
    "modality": "T1w",
    "subject_id": "01"
  },
  "cjv": 0.5348258986738617,
  "cnr": 2.2072157409878055,
  "efc": 0.6347060849786802,
  "fber": 410.09167919341576,
  "fwhm_avg": 4.000523015916925,
  "fwhm_x": 3.9968085706298693,
  "fwhm_y": 4.160040247957721,
  "fwhm_z": 3.8447202291631837,
  "icvs_csf": 0.1933463593247714,
  "icvs_gm": 0.4390659538980516,
  "icvs_wm": 0.367587686777177,
  "inu_med": 1.4425405263900757,
  "inu_range": 0.6711940169334412,
  "provenance": {
    "md5sum": "0f407ddf111205f9d574eebf18e124b7",
    "settings": {
      "testing": false
    },
    "software": "mriqc",
    "version": "21.0.0rc2",
    "warnings": {
      "large_rot_frame": true,
      "small_air_mask": false
    },
    "webapi_port": null,
    "webapi_url": "https://mriqc.nimh.nih.gov/api/v1"
  },
  "qi_1": 0.0,
  "qi_2": 0.02671683983979432,
  "rpve_csf": 28.116453998690467,
  "rpve_gm": 13.34850173406425,
  "rpve_wm": 18.41875870608265,
  "size_x": 192,
  "size_y": 256,
  "size_z": 256,
  "snr_csf": 3.5619831351422095,
  "snr_gm": 10.968367533318208,
  "snr_total": 10.669302413486719,
  "snr_wm": 17.477556571999735,
  "snrd_csf": 11.237536003071005,
  "snrd_gm": 21.182437921268985,
  "snrd_total": 19.80345892699383,
  "snrd_wm": 26.9904028566415,
  "spacing_x": 1.0000003576278687,
  "spacing_y": 0.9999999403953552,
  "spacing_z": 0.9999999403953552,
  "summary_bg_k": 10.779302845308097,
  "summary_bg_mad": 24.272938080544627,
  "summary_bg_mean": 39.45337372739634,
  "summary_bg_median": 32.64960480481386,
  "summary_bg_n": 1883841.0,
  "summary_bg_p05": 0.0,
  "summary_bg_p95": 97.94881441444159,
  "summary_bg_stdv": 33.33836701990587,
  "summary_csf_k": 0.05275055187569233,
  "summary_csf_mad": 127.78167403321194,
  "summary_csf_mean": 428.28951428260274,
  "summary_csf_median": 416.3530295714736,
  "summary_csf_n": 17779.0,
  "summary_csf_p05": 258.64697016701103,
  "summary_csf_p95": 620.5306734517217,
  "summary_csf_stdv": 116.88469722814793,
  "summary_gm_k": 0.047872653547417876,
  "summary_gm_mad": 70.16832100295372,
  "summary_gm_mean": 787.3126205486516,
  "summary_gm_median": 784.8136993572116,
  "summary_gm_n": 32861.0,
  "summary_gm_p05": 673.3157694041729,
  "summary_gm_p95": 911.4602932110429,
  "summary_gm_stdv": 71.55137311610437,
  "summary_wm_k": 5.3860927085738926,
  "summary_wm_mad": 44.91888541342166,
  "summary_wm_mean": 1007.2694623082631,
  "summary_wm_median": 999.9999996125698,
  "summary_wm_n": 205796.0,
  "summary_wm_p05": 932.1603308394551,
  "summary_wm_p95": 1105.7583736777306,
  "summary_wm_stdv": 57.216096878279714,
  "tpm_overlap_csf": 0.16588249802589417,
  "tpm_overlap_gm": 0.4523550570011139,
  "tpm_overlap_wm": 0.4827430844306946,
  "wm2max": 0.4155532250740421
}