{
  "bids_meta": {
    "AcquisitionDateTime": "20181108150836.040000",
    "ConversionSoftware": "dicm2nii.m 20181126",
    "DeviceSerialNumber": "67060",
    "EchoTime": 0.00411,
    "FlipAngle": 9,
    "ImageType": [
      "ORIGINAL",
      "PRIMARY",
      "M",
      "ND",
      "NORM"
    ],
    "InstitutionAddress": "Medical Center Dr 5,Columbia,SC,US,29203",
    "InstitutionName": "USC",
    "InversionTime": 0.925,
    "MRAcquisitionType": "3D",
    "Manufacturer": "SIEMENS",
    "Modality": "MR",
    "PhaseEncodingDirection": "j-",
    "RepetitionTime": 2.25,
    "ScanOptions": "IR",
    "ScanningSequence": "GR\\IR",
    "SequenceName": "*tfl3d1_16ns",
    "SequenceVariant": "SK\\SP\\MP",
    "SeriesDescription": "T1_32_Channel_mprage_ns_sag_p2_iso 1.0mm_192",
    "SeriesNumber": 12,
    "SliceThickness": 1,
    "SoftwareVersion": "syngo MR E11",
    "dataset": "ds003507",
    "modality": "T1w",
    "subject_id": "13"
  },
  "cjv": 0.4760760180042438,
  "cnr": 2.6096530355345173,
  "efc": 0.5726986573281531,
  "fber": 431.6500907029479,
  "fwhm_avg": 4.444449825269005,
  "fwhm_x": 4.397249475807014,
  "fwhm_y": 4.69262,
  "fwhm_z": 4.24348,
  "icvs_csf": 0.22363636864846737,
  "icvs_gm": 0.407950198952734,
  "icvs_wm": 0.36841343239879865,
  "inu_med": 0.8938621878623962,
  "inu_range": 0.453434094786644,
  "provenance": {
    "md5sum": "8bfa927470a9c07dd38a897b5c8ec55a",
    "settings": {
      "testing": false
    },
    "software": "mriqc",
    "version": "21.0.0rc2",
    "warnings": {
      "large_rot_frame": true,
      "small_air_mask": false
    },
    "webapi_port": null,
    "webapi_url": "https://mriqc.nimh.nih.gov/api/v1"
  },
  "qi_1": 0.0,
  "qi_2": 0.01574467079105341,
  "rpve_csf": 29.45493247764176,
  "rpve_gm": 16.144692904382627,
  "rpve_wm": 21.358655496631055,
  "size_x": 192,
  "size_y": 256,
  "size_z": 256,
  "snr_csf": 3.6383625837268334,
  "snr_gm": 11.64219640072436,
  "snr_total": 11.808714632974999,
  "snr_wm": 20.1455849144738,
  "snrd_csf": 12.807586365490923,
  "snrd_gm": 23.543233512818638,
  "snrd_total": 22.259669271370203,
  "snrd_wm": 30.428187935801052,
  "spacing_x": 1.0000001192092896,
  "spacing_y": 1.0,
  "spacing_z": 1.0,
  "summary_bg_k": 5.021493157394614,
  "summary_bg_mad": 21.53057452843579,
  "summary_bg_mean": 31.456346732748333,
  "summary_bg_median": 29.04430367052555,
  "summary_bg_n": 2656498.0,
  "summary_bg_p05": 0.0,
  "summary_bg_p95": 72.93347366154194,
  "summary_bg_stdv": 25.24054598265761,
  "summary_csf_k": -0.15648045078300266,
  "summary_csf_mad": 125.90259771866262,
  "summary_csf_mean": 420.6769437982733,
  "summary_csf_median": 420.911892876029,
  "summary_csf_n": 25353.0,
  "summary_csf_p05": 244.1565591096878,
  "summary_csf_p95": 608.2614821717141,
  "summary_csf_stdv": 115.68489453178228,
  "summary_gm_k": 0.042231466947934226,
  "summary_gm_mad": 65.13853182729939,
  "summary_gm_mean": 773.0030021025441,
  "summary_gm_median": 773.731029368937,
  "summary_gm_n": 21602.0,
  "summary_gm_p05": 661.1497760936618,
  "summary_gm_p95": 881.6075664702803,
  "summary_gm_stdv": 66.45765916912899,
  "summary_wm_k": 3.1692289488868104,
  "summary_wm_mad": 42.582691845128565,
  "summary_wm_mean": 1001.3880530148986,
  "summary_wm_median": 999.9999855831265,
  "summary_wm_n": 189369.0,
  "summary_wm_p05": 924.8997146636248,
  "summary_wm_p95": 1079.7104634344578,
  "summary_wm_stdv": 49.6385361595304,
  "tpm_overlap_csf": 0.15802717208862305,
  "tpm_overlap_gm": 0.4483121931552887,
  "tpm_overlap_wm": 0.4994443953037262,
  "wm2max": 0.5358713375166757
}