{
  "aor": 0.0008386734693877552,
  "aqi": 0.0033952452210884356,
  "bids_meta": {
    "AcquisitionDateTime": "20180921141748.780000",
    "ConversionSoftware": "dicm2nii.m 20181126",
    "DeviceSerialNumber": "67060",
    "EchoTime1": 0.035,
    "EchoTime2": 0.001,
    "EffectiveEchoSpacing": 0.000599988,
    "FlipAngle": 62,
    "ImageType": [
      "ORIGINAL",
      "PRIMARY",
      "M",
      "MB",
      "ND",
      "MOSAIC"
    ],
    "InstitutionAddress": "Medical Center Dr 5,Columbia,SC,US,29203",
    "InstitutionName": "R",
    "MRAcquisitionType": "2D",
    "Manufacturer": "SIEMENS",
    "Modality": "MR",
    "PhaseEncodingDirection": "j-",
    "RepetitionTime": 1,
    "ScanOptions": "FS",
    "ScanningSequence": "EP",
    "SequenceName": "epfid2d1_70",
    "SequenceVariant": "SK\\SS",
    "SeriesDescription": "fMRI_Run_1",
    "SeriesNumber": 3,
    "SliceThickness": 2.73,
    "SliceTiming": [
      0,
      0.685,
      0.3925,
      0.0975,
      0.7825,
      0.49,
      0.195,
      0.88,
      0.5875,
      0.2925,
      0,
      0.685,
      0.3925,
      0.0975,
      0.7825,
      0.49,
      0.195,
      0.88,
      0.5875,
      0.2925,
      0,
      0.685,
      0.3925,
      0.0975,
      0.7825,
      0.49,
      0.195,
      0.88,
      0.5875,
      0.2925,
      0,
      0.685,
      0.3925,
      0.0975,
      0.7825,
      0.49,
      0.195,
      0.88,
      0.5875,
      0.2925
    ],
    "SoftwareVersion": "syngo MR E11",
    "TaskName": "affect",
    "TotalReadoutTime": 0.041399172,
    "dataset": "ds003507",
    "deltaTE": 34,
    "modality": "bold",
    "run_id": 1,
    "subject_id": "01",
    "task_id": "affect"
  },
  "dummy_trs": 2,
  "dvars_nstd": 18.660382095638834,
  "dvars_std": 0.9984860963202726,
  "dvars_vstd": 0.9608838605451445,
  "efc": 0.5499578411745824,
  "fber": 621.5152587890625,
  "fd_mean": 0.10265072911646428,
  "fd_num": 6,
  "fd_perc": 1.0204081632653061,
  "fwhm_avg": 3.1007224522418535,
  "fwhm_x": 2.7352133333333337,
  "fwhm_y": 3.337666666666667,
  "fwhm_z": 3.229287356725559,
  "gcor": 0.0124361,
  "gsr_x": -0.001704107504338026,
  "gsr_y": 0.09022544324398041,
  "provenance": {
    "md5sum": "8cfa3f74da738c8106017b480e8b7f28",
    "settings": {
      "fd_thres": 0.2,
      "testing": false
    },
    "software": "mriqc",
    "version": "21.0.0rc2",
    "webapi_port": null,
    "webapi_url": "https://mriqc.nimh.nih.gov/api/v1"
  },
  "size_t": 588,
  "size_x": 70,
  "size_y": 70,
  "size_z": 40,
  "snr": 2.0746745483834617,
  "spacing_tr": 1.0,
  "spacing_x": 3.0,
  "spacing_y": 3.0,
  "spacing_z": 3.003000020980835,
  "summary_bg_k": 26.01622888828519,
  "summary_bg_mad": 96.12330316422123,
  "summary_bg_mean": 389.8924865722656,
  "summary_bg_median": 158.3001708984375,
  "summary_bg_n": 108682.0,
  "summary_bg_p05": 84.25008506774903,
  "summary_bg_p95": 1527.7892578124997,
  "summary_bg_stdv": 661.9013061523438,
  "summary_fg_k": 1.8044408594919723,
  "summary_fg_mad": 1765.6554507463416,
  "summary_fg_mean": 4624.54345703125,
  "summary_fg_median": 4175.150390625,
  "summary_fg_n": 43102.0,
  "summary_fg_p05": 2243.2118408203123,
  "summary_fg_p95": 8515.966650390621,
  "summary_fg_stdv": 2012.4129638671875,
  "tsnr": 55.30002152826637
}