{
  "aor": 0.001153299319727891,
  "aqi": 0.002089300656462585,
  "bids_meta": {
    "AcquisitionDateTime": "20181004153402.600000",
    "ConversionSoftware": "dicm2nii.m 20181126",
    "DeviceSerialNumber": "67060",
    "EchoTime1": 0.035,
    "EchoTime2": 0.001,
    "EffectiveEchoSpacing": 0.000599988,
    "FlipAngle": 62,
    "ImageType": [
      "ORIGINAL",
      "PRIMARY",
      "M",
      "MB",
      "ND",
      "MOSAIC"
    ],
    "InstitutionAddress": "Medical Center Dr 5,Columbia,SC,US,29203",
    "InstitutionName": "R",
    "MRAcquisitionType": "2D",
    "Manufacturer": "SIEMENS",
    "Modality": "MR",
    "PhaseEncodingDirection": "j-",
    "RepetitionTime": 1,
    "ScanOptions": "FS",
    "ScanningSequence": "EP",
    "SequenceName": "epfid2d1_70",
    "SequenceVariant": "SK\\SS",
    "SeriesDescription": "fMRI_Run_2",
    "SeriesNumber": 9,
    "SliceThickness": 2.73,
    "SliceTiming": [
      0,
      0.685,
      0.39,
      0.0975,
      0.7825,
      0.49,
      0.195,
      0.88,
      0.5875,
      0.2925,
      0,
      0.685,
      0.39,
      0.0975,
      0.7825,
      0.49,
      0.195,
      0.88,
      0.5875,
      0.2925,
      0,
      0.685,
      0.39,
      0.0975,
      0.7825,
      0.49,
      0.195,
      0.88,
      0.5875,
      0.2925,
      0,
      0.685,
      0.39,
      0.0975,
      0.7825,
      0.49,
      0.195,
      0.88,
      0.5875,
      0.2925
    ],
    "SoftwareVersion": "syngo MR E11",
    "TaskName": "affect",
    "TotalReadoutTime": 0.041399172,
    "dataset": "ds003507",
    "deltaTE": 34,
    "modality": "bold",
    "run_id": 2,
    "subject_id": "04",
    "task_id": "affect"
  },
  "dummy_trs": 2,
  "dvars_nstd": 21.030600100800655,
  "dvars_std": 1.1409917481601364,
  "dvars_vstd": 1.0069588897274273,
  "efc": 0.5186498741051356,
  "fber": 869.6815795898438,
  "fd_mean": 0.09478287965187136,
  "fd_num": 0,
  "fd_perc": 0.0,
  "fwhm_avg": 3.0101051178932536,
  "fwhm_x": 2.858916666666667,
  "fwhm_y": 3.17344,
  "fwhm_z": 2.9979586870130945,
  "gcor": 0.0203791,
  "gsr_x": -0.010083027184009552,
  "gsr_y": 0.07222098857164383,
  "provenance": {
    "md5sum": "07693a6cbcec23eebce54476b6043093",
    "settings": {
      "fd_thres": 0.2,
      "testing": false
    },
    "software": "mriqc",
    "version": "21.0.0rc2",
    "webapi_port": null,
    "webapi_url": "https://mriqc.nimh.nih.gov/api/v1"
  },
  "size_t": 588,
  "size_x": 70,
  "size_y": 70,
  "size_z": 40,
  "snr": 2.2413945569922213,
  "spacing_tr": 1.0,
  "spacing_x": 3.0,
  "spacing_y": 3.0,
  "spacing_z": 3.003000020980835,
  "summary_bg_k": 21.947405865722246,
  "summary_bg_mad": 78.28541719346524,
  "summary_bg_mean": 317.5010070800781,
  "summary_bg_median": 139.96087646484375,
  "summary_bg_n": 117816.0,
  "summary_bg_p05": 80.46216011047363,
  "summary_bg_p95": 1260.3464965820312,
  "summary_bg_stdv": 487.5791320800781,
  "summary_fg_k": 1.677958069576941,
  "summary_fg_mad": 1632.332373854539,
  "summary_fg_mean": 4751.42236328125,
  "summary_fg_median": 4284.08154296875,
  "summary_fg_n": 37429.0,
  "summary_fg_p05": 2488.321337890625,
  "summary_fg_p95": 8531.201953124999,
  "summary_fg_stdv": 1911.3209228515625,
  "tsnr": 69.00297042238526
}