{
  "aor": 0.0014692711864406783,
  "aqi": 0.003114148830508475,
  "bids_meta": {
    "AcquisitionDateTime": "20181004152140.730000",
    "ConversionSoftware": "dicm2nii.m 20181126",
    "DeviceSerialNumber": "67060",
    "EchoTime1": 0.035,
    "EchoTime2": 0.001,
    "EffectiveEchoSpacing": 0.000599988,
    "FlipAngle": 62,
    "ImageType": [
      "ORIGINAL",
      "PRIMARY",
      "M",
      "MB",
      "ND",
      "MOSAIC"
    ],
    "InstitutionAddress": "Medical Center Dr 5,Columbia,SC,US,29203",
    "InstitutionName": "R",
    "MRAcquisitionType": "2D",
    "Manufacturer": "SIEMENS",
    "Modality": "MR",
    "PhaseEncodingDirection": "j-",
    "RepetitionTime": 1,
    "ScanOptions": "FS",
    "ScanningSequence": "EP",
    "SequenceName": "epfid2d1_70",
    "SequenceVariant": "SK\\SS",
    "SeriesDescription": "fMRI_Run_1",
    "SeriesNumber": 3,
    "SliceThickness": 2.73,
    "SliceTiming": [
      0,
      0.685,
      0.3925,
      0.0975,
      0.7825,
      0.49,
      0.195,
      0.8825,
      0.5875,
      0.2925,
      0,
      0.685,
      0.3925,
      0.0975,
      0.7825,
      0.49,
      0.195,
      0.8825,
      0.5875,
      0.2925,
      0,
      0.685,
      0.3925,
      0.0975,
      0.7825,
      0.49,
      0.195,
      0.8825,
      0.5875,
      0.2925,
      0,
      0.685,
      0.3925,
      0.0975,
      0.7825,
      0.49,
      0.195,
      0.8825,
      0.5875,
      0.2925
    ],
    "SoftwareVersion": "syngo MR E11",
    "TaskName": "affect",
    "TotalReadoutTime": 0.041399172,
    "dataset": "ds003507",
    "deltaTE": 34,
    "modality": "bold",
    "run_id": 1,
    "subject_id": "04",
    "task_id": "affect"
  },
  "dummy_trs": 0,
  "dvars_nstd": 22.71127192714772,
  "dvars_std": 1.1364998265195247,
  "dvars_vstd": 0.9888646364176559,
  "efc": 0.5172360535029883,
  "fber": 893.2391357421875,
  "fd_mean": 0.10798137762850495,
  "fd_num": 10,
  "fd_perc": 1.694915254237288,
  "fwhm_avg": 2.9929813805943226,
  "fwhm_x": 2.8622366666666665,
  "fwhm_y": 3.15087,
  "fwhm_z": 2.9658374751163015,
  "gcor": 0.0205582,
  "gsr_x": -0.00716642988845706,
  "gsr_y": 0.07141678780317307,
  "provenance": {
    "md5sum": "0acdb7ae19ccd8f2228288fa30a916c2",
    "settings": {
      "fd_thres": 0.2,
      "testing": false
    },
    "software": "mriqc",
    "version": "21.0.0rc2",
    "webapi_port": null,
    "webapi_url": "https://mriqc.nimh.nih.gov/api/v1"
  },
  "size_t": 590,
  "size_x": 70,
  "size_y": 70,
  "size_z": 40,
  "snr": 2.256942414982595,
  "spacing_tr": 1.0,
  "spacing_x": 3.0,
  "spacing_y": 3.0,
  "spacing_z": 3.003000020980835,
  "summary_bg_k": 24.674692004694496,
  "summary_bg_mad": 75.4531438269487,
  "summary_bg_mean": 310.3789978027344,
  "summary_bg_median": 137.00677490234375,
  "summary_bg_n": 118048.0,
  "summary_bg_p05": 79.8406753540039,
  "summary_bg_p95": 1225.3640686035144,
  "summary_bg_stdv": 484.6221923828125,
  "summary_fg_k": 1.810131785767175,
  "summary_fg_mad": 1599.5746832357017,
  "summary_fg_mean": 4704.830078125,
  "summary_fg_median": 4246.30517578125,
  "summary_fg_n": 37417.0,
  "summary_fg_p05": 2482.876220703125,
  "summary_fg_p95": 8441.3390625,
  "summary_fg_stdv": 1881.4163818359375,
  "tsnr": 58.299798612017184
}