{
  "aor": 0.0002618505942275043,
  "aqi": 0.0017843832767402376,
  "bids_meta": {
    "AcquisitionDateTime": "20181004154456.100000",
    "ConversionSoftware": "dicm2nii.m 20181126",
    "DeviceSerialNumber": "67060",
    "EchoTime1": 0.035,
    "EchoTime2": 0.001,
    "EffectiveEchoSpacing": 0.000599988,
    "FlipAngle": 62,
    "ImageType": [
      "ORIGINAL",
      "PRIMARY",
      "M",
      "MB",
      "ND",
      "MOSAIC"
    ],
    "InstitutionAddress": "Medical Center Dr 5,Columbia,SC,US,29203",
    "InstitutionName": "R",
    "MRAcquisitionType": "2D",
    "Manufacturer": "SIEMENS",
    "Modality": "MR",
    "PhaseEncodingDirection": "j-",
    "RepetitionTime": 1,
    "ScanOptions": "FS",
    "ScanningSequence": "EP",
    "SequenceName": "epfid2d1_70",
    "SequenceVariant": "SK\\SS",
    "SeriesDescription": "fMRI_Run_3",
    "SeriesNumber": 11,
    "SliceThickness": 2.73,
    "SliceTiming": [
      0,
      0.6875,
      0.3925,
      0.1,
      0.785,
      0.49,
      0.1975,
      0.8825,
      0.5875,
      0.295,
      0,
      0.6875,
      0.3925,
      0.1,
      0.785,
      0.49,
      0.1975,
      0.8825,
      0.5875,
      0.295,
      0,
      0.6875,
      0.3925,
      0.1,
      0.785,
      0.49,
      0.1975,
      0.8825,
      0.5875,
      0.295,
      0,
      0.6875,
      0.3925,
      0.1,
      0.785,
      0.49,
      0.1975,
      0.8825,
      0.5875,
      0.295
    ],
    "SoftwareVersion": "syngo MR E11",
    "TaskName": "affect",
    "TotalReadoutTime": 0.041399172,
    "dataset": "ds003507",
    "deltaTE": 34,
    "modality": "bold",
    "run_id": 3,
    "subject_id": "04",
    "task_id": "affect"
  },
  "dummy_trs": 1,
  "dvars_nstd": 21.176214863656455,
  "dvars_std": 1.1438888518537416,
  "dvars_vstd": 0.9934227841836732,
  "efc": 0.5203395621418485,
  "fber": 835.584716796875,
  "fd_mean": 0.08564403962020278,
  "fd_num": 0,
  "fd_perc": 0.0,
  "fwhm_avg": 3.000144192200201,
  "fwhm_x": 2.8623999999999996,
  "fwhm_y": 3.16063,
  "fwhm_z": 2.9774025766006025,
  "gcor": 0.018742,
  "gsr_x": -0.010019045323133469,
  "gsr_y": 0.07118149846792221,
  "provenance": {
    "md5sum": "d82ba42f55a8b0206d19a5c148735fd3",
    "settings": {
      "fd_thres": 0.2,
      "testing": false
    },
    "software": "mriqc",
    "version": "21.0.0rc2",
    "webapi_port": null,
    "webapi_url": "https://mriqc.nimh.nih.gov/api/v1"
  },
  "size_t": 589,
  "size_x": 70,
  "size_y": 70,
  "size_z": 40,
  "snr": 2.2370474027762963,
  "spacing_tr": 1.0,
  "spacing_x": 3.0,
  "spacing_y": 3.0,
  "spacing_z": 3.003000020980835,
  "summary_bg_k": 22.45199077243928,
  "summary_bg_mad": 80.30217563575998,
  "summary_bg_mean": 327.2486267089844,
  "summary_bg_median": 143.24449157714844,
  "summary_bg_n": 117637.0,
  "summary_bg_p05": 82.36332702636719,
  "summary_bg_p95": 1297.7260009765623,
  "summary_bg_stdv": 507.4664306640625,
  "summary_fg_k": 1.6480477034903087,
  "summary_fg_mad": 1652.9081851609235,
  "summary_fg_mean": 4776.3369140625,
  "summary_fg_median": 4307.87255859375,
  "summary_fg_n": 37533.0,
  "summary_fg_p05": 2495.89921875,
  "summary_fg_p95": 8600.900585937501,
  "summary_fg_stdv": 1925.6700439453125,
  "tsnr": 74.48520867805928
}