{
  "aor": 0.014336830508474575,
  "aqi": 0.013284444966101695,
  "bids_meta": {
    "AcquisitionDateTime": "20181108145759.820000",
    "ConversionSoftware": "dicm2nii.m 20181126",
    "DeviceSerialNumber": "67060",
    "EchoTime1": 0.035,
    "EchoTime2": 0.001,
    "EffectiveEchoSpacing": 0.000599988,
    "FlipAngle": 62,
    "ImageType": [
      "ORIGINAL",
      "PRIMARY",
      "M",
      "MB",
      "ND",
      "MOSAIC"
    ],
    "InstitutionAddress": "Medical Center Dr 5,Columbia,SC,US,29203",
    "InstitutionName": "USC",
    "MRAcquisitionType": "2D",
    "Manufacturer": "SIEMENS",
    "Modality": "MR",
    "PhaseEncodingDirection": "j-",
    "RepetitionTime": 1,
    "ScanOptions": "FS",
    "ScanningSequence": "EP",
    "SequenceName": "epfid2d1_70",
    "SequenceVariant": "SK\\SS",
    "SeriesDescription": "fMRI_Run_3",
    "SeriesNumber": 11,
    "SliceThickness": 2.73,
    "SliceTiming": [
      0,
      0.685,
      0.39,
      0.0975,
      0.7825,
      0.49,
      0.195,
      0.88,
      0.5875,
      0.2925,
      0,
      0.685,
      0.39,
      0.0975,
      0.7825,
      0.49,
      0.195,
      0.88,
      0.5875,
      0.2925,
      0,
      0.685,
      0.39,
      0.0975,
      0.7825,
      0.49,
      0.195,
      0.88,
      0.5875,
      0.2925,
      0,
      0.685,
      0.39,
      0.0975,
      0.7825,
      0.49,
      0.195,
      0.88,
      0.5875,
      0.2925
    ],
    "SoftwareVersion": "syngo MR E11",
    "TaskName": "affect",
    "TotalReadoutTime": 0.041399172,
    "dataset": "ds003507",
    "deltaTE": 34,
    "modality": "bold",
    "run_id": 3,
    "subject_id": "13",
    "task_id": "affect"
  },
  "dummy_trs": 0,
  "dvars_nstd": 19.857175253989826,
  "dvars_std": 0.9323913608319193,
  "dvars_vstd": 0.936955994974533,
  "efc": 0.505077522152199,
  "fber": 1144.7530517578125,
  "fd_mean": 0.12166289944082298,
  "fd_num": 37,
  "fd_perc": 6.271186440677966,
  "fwhm_avg": 2.505416385422548,
  "fwhm_x": 2.33465,
  "fwhm_y": 2.6207733333333336,
  "fwhm_z": 2.560825822934311,
  "gcor": 0.0835165,
  "gsr_x": -0.0040209610015153885,
  "gsr_y": 0.0504111684858799,
  "provenance": {
    "md5sum": "a4219848a5872e5d4d3cc801e255f32c",
    "settings": {
      "fd_thres": 0.2,
      "testing": false
    },
    "software": "mriqc",
    "version": "21.0.0rc2",
    "webapi_port": null,
    "webapi_url": "https://mriqc.nimh.nih.gov/api/v1"
  },
  "size_t": 590,
  "size_x": 70,
  "size_y": 70,
  "size_z": 40,
  "snr": 3.1078014650078405,
  "spacing_tr": 1.0,
  "spacing_x": 3.0,
  "spacing_y": 3.0,
  "spacing_z": 3.003000020980835,
  "summary_bg_k": 46.32483566690257,
  "summary_bg_mad": 51.85841044793529,
  "summary_bg_mean": 242.53245544433594,
  "summary_bg_median": 112.95084381103516,
  "summary_bg_n": 123436.0,
  "summary_bg_p05": 73.00805282592773,
  "summary_bg_p95": 864.1093139648438,
  "summary_bg_stdv": 390.2590026855469,
  "summary_fg_k": 0.9632470694621058,
  "summary_fg_mad": 1129.913737241292,
  "summary_fg_mean": 4075.284423828125,
  "summary_fg_median": 3859.8837890625,
  "summary_fg_n": 33434.0,
  "summary_fg_p05": 2410.7805297851564,
  "summary_fg_p95": 6379.398144531249,
  "summary_fg_stdv": 1241.9796142578125,
  "tsnr": 30.38432199473027
}