{
  "bids_meta": {
    "AcquisitionDateTime": "20181128153849.047500",
    "ConversionSoftware": "dicm2nii.m 20181126",
    "DeviceSerialNumber": "67060",
    "EchoTime": 0.00411,
    "FlipAngle": 9,
    "ImageType": [
      "ORIGINAL",
      "PRIMARY",
      "M",
      "ND",
      "NORM"
    ],
    "InstitutionAddress": "Medical Center Dr 5,Columbia,SC,US,29203",
    "InstitutionName": "Palmetto Health Richland",
    "InversionTime": 0.925,
    "MRAcquisitionType": "3D",
    "Manufacturer": "SIEMENS",
    "Modality": "MR",
    "PhaseEncodingDirection": "j-",
    "RepetitionTime": 2.25,
    "ScanOptions": "IR",
    "ScanningSequence": "GR\\IR",
    "SequenceName": "*tfl3d1_16ns",
    "SequenceVariant": "SK\\SP\\MP",
    "SeriesDescription": "T1_32_Channel_mprage_ns_sag_p2_iso 1.0mm_192",
    "SeriesNumber": 12,
    "SliceThickness": 1,
    "SoftwareVersion": "syngo MR E11",
    "dataset": "ds003507",
    "modality": "T1w",
    "subject_id": "17"
  },
  "cjv": 0.3860741548655659,
  "cnr": 3.275789512119548,
  "efc": 0.5719300933034758,
  "fber": 563.5841216170887,
  "fwhm_avg": 4.006353253378495,
  "fwhm_x": 4.097879511494694,
  "fwhm_y": 4.171500248640791,
  "fwhm_z": 3.74968,
  "icvs_csf": 0.19026684284426032,
  "icvs_gm": 0.43952201308413025,
  "icvs_wm": 0.37021114407160943,
  "inu_med": 0.9959062337875366,
  "inu_range": 0.37729896008968367,
  "provenance": {
    "md5sum": "946b96563b5ba751a4445ee7eb9531ef",
    "settings": {
      "testing": false
    },
    "software": "mriqc",
    "version": "21.0.0rc2",
    "warnings": {
      "large_rot_frame": true,
      "small_air_mask": false
    },
    "webapi_port": null,
    "webapi_url": "https://mriqc.nimh.nih.gov/api/v1"
  },
  "qi_1": 0.0,
  "qi_2": 0.018215143589375402,
  "rpve_csf": 33.69126574982358,
  "rpve_gm": 15.98807964723467,
  "rpve_wm": 22.228331308221954,
  "size_x": 192,
  "size_y": 256,
  "size_z": 256,
  "snr_csf": 3.200436074722733,
  "snr_gm": 11.81603184793355,
  "snr_total": 12.488382701863335,
  "snr_wm": 22.44868018293372,
  "snrd_csf": 11.744009397905327,
  "snrd_gm": 24.70157184882425,
  "snrd_total": 23.28440614613055,
  "snrd_wm": 33.407637191662076,
  "spacing_x": 1.0000001192092896,
  "spacing_y": 0.9999999403953552,
  "spacing_z": 1.0,
  "summary_bg_k": 4.523507445903915,
  "summary_bg_mad": 19.6103781274261,
  "summary_bg_mean": 26.440458807732327,
  "summary_bg_median": 26.50262676179409,
  "summary_bg_n": 2440858.0,
  "summary_bg_p05": 0.0,
  "summary_bg_p95": 66.23225256800652,
  "summary_bg_stdv": 20.70883133728185,
  "summary_csf_k": 1.4801416861451528,
  "summary_csf_mad": 100.2868969678298,
  "summary_csf_mean": 375.3924738539038,
  "summary_csf_median": 351.5366768091917,
  "summary_csf_n": 17317.0,
  "summary_csf_p05": 234.90566758811474,
  "summary_csf_p95": 571.7759366333485,
  "summary_csf_stdv": 109.83707170204326,
  "summary_gm_k": -0.013930054517361068,
  "summary_gm_mad": 62.61622574878518,
  "summary_gm_mean": 741.2085573519753,
  "summary_gm_median": 739.3989723175764,
  "summary_gm_n": 25322.0,
  "summary_gm_p05": 640.7338263206184,
  "summary_gm_p95": 847.2525060698388,
  "summary_gm_stdv": 62.5746766559723,
  "summary_wm_k": 3.0338112742397874,
  "summary_wm_mad": 37.99510762188807,
  "summary_wm_mean": 998.9843095086695,
  "summary_wm_median": 1000.0000306963921,
  "summary_wm_n": 181013.0,
  "summary_wm_p05": 924.5769589394331,
  "summary_wm_p95": 1065.7946252077818,
  "summary_wm_stdv": 44.545926990406265,
  "tpm_overlap_csf": 0.17415161430835724,
  "tpm_overlap_gm": 0.4533108174800873,
  "tpm_overlap_wm": 0.4899074137210846,
  "wm2max": 0.5171441106284922
}