{
  "aor": 0.008690896551724139,
  "aqi": 0.007245401793103449,
  "bids_meta": {
    "AcquisitionDateTime": "20181129150704.575000",
    "ConversionSoftware": "dicm2nii.m 20181126",
    "DeviceSerialNumber": "67060",
    "EchoTime1": 0.035,
    "EchoTime2": 0.001,
    "EffectiveEchoSpacing": 0.000599988,
    "FlipAngle": 62,
    "ImageType": [
      "ORIGINAL",
      "PRIMARY",
      "M",
      "MB",
      "ND",
      "MOSAIC"
    ],
    "InstitutionAddress": "Medical Center Dr 5,Columbia,SC,US,29203",
    "InstitutionName": "R",
    "MRAcquisitionType": "2D",
    "Manufacturer": "SIEMENS",
    "Modality": "MR",
    "PhaseEncodingDirection": "j-",
    "RepetitionTime": 1,
    "ScanOptions": "FS",
    "ScanningSequence": "EP",
    "SequenceName": "epfid2d1_70",
    "SequenceVariant": "SK\\SS",
    "SeriesDescription": "fMRI_Run_1",
    "SeriesNumber": 7,
    "SliceThickness": 2.73,
    "SliceTiming": [
      0,
      0.6875,
      0.3925,
      0.0975,
      0.785,
      0.49,
      0.1975,
      0.8825,
      0.5875,
      0.295,
      0,
      0.6875,
      0.3925,
      0.0975,
      0.785,
      0.49,
      0.1975,
      0.8825,
      0.5875,
      0.295,
      0,
      0.6875,
      0.3925,
      0.0975,
      0.785,
      0.49,
      0.1975,
      0.8825,
      0.5875,
      0.295,
      0,
      0.6875,
      0.3925,
      0.0975,
      0.785,
      0.49,
      0.1975,
      0.8825,
      0.5875,
      0.295
    ],
    "SoftwareVersion": "syngo MR E11",
    "TaskName": "affect",
    "TotalReadoutTime": 0.041399172,
    "dataset": "ds003507",
    "deltaTE": 34,
    "modality": "bold",
    "run_id": 1,
    "subject_id": "18",
    "task_id": "affect"
  },
  "dummy_trs": 10,
  "dvars_nstd": 26.07808876354059,
  "dvars_std": 1.1071419355785832,
  "dvars_vstd": 1.0205644795336803,
  "efc": 0.5462363912924496,
  "fber": 777.7227172851562,
  "fd_mean": 0.2179001957061169,
  "fd_num": 187,
  "fd_perc": 32.241379310344826,
  "fwhm_avg": 2.8507729348529733,
  "fwhm_x": 2.6146966666666667,
  "fwhm_y": 3.0466766666666665,
  "fwhm_z": 2.8909454712255873,
  "gcor": 0.0318675,
  "gsr_x": -0.010101201944053173,
  "gsr_y": 0.10620956122875214,
  "provenance": {
    "md5sum": "457f2a66b57d75c2d773017f245ce39c",
    "settings": {
      "fd_thres": 0.2,
      "testing": false
    },
    "software": "mriqc",
    "version": "21.0.0rc2",
    "webapi_port": null,
    "webapi_url": "https://mriqc.nimh.nih.gov/api/v1"
  },
  "size_t": 580,
  "size_x": 70,
  "size_y": 70,
  "size_z": 40,
  "snr": 2.422822735095392,
  "spacing_tr": 1.0,
  "spacing_x": 3.0,
  "spacing_y": 3.0,
  "spacing_z": 3.003000259399414,
  "summary_bg_k": 14.033786437064933,
  "summary_bg_mad": 102.02860082513114,
  "summary_bg_mean": 401.4149169921875,
  "summary_bg_median": 154.3241424560547,
  "summary_bg_n": 115049.0,
  "summary_bg_p05": 71.0834457397461,
  "summary_bg_p95": 1662.818237304685,
  "summary_bg_stdv": 603.6634521484375,
  "summary_fg_k": 0.6711458998962381,
  "summary_fg_mad": 1765.7180704201214,
  "summary_fg_mean": 4769.431640625,
  "summary_fg_median": 4431.8798828125,
  "summary_fg_n": 40060.0,
  "summary_fg_p05": 2436.22890625,
  "summary_fg_p95": 8203.54189453125,
  "summary_fg_stdv": 1829.1988525390625,
  "tsnr": 41.31799036776647
}