{
  "aor": 0.0031704965753424656,
  "aqi": 0.011218803510273974,
  "bids_meta": {
    "AcquisitionDateTime": "20181129153044.242500",
    "ConversionSoftware": "dicm2nii.m 20181126",
    "DeviceSerialNumber": "67060",
    "EchoTime1": 0.035,
    "EchoTime2": 0.001,
    "EffectiveEchoSpacing": 0.000599988,
    "FlipAngle": 62,
    "ImageType": [
      "ORIGINAL",
      "PRIMARY",
      "M",
      "MB",
      "ND",
      "MOSAIC"
    ],
    "InstitutionAddress": "Medical Center Dr 5,Columbia,SC,US,29203",
    "InstitutionName": "R",
    "MRAcquisitionType": "2D",
    "Manufacturer": "SIEMENS",
    "Modality": "MR",
    "PhaseEncodingDirection": "j-",
    "RepetitionTime": 1,
    "ScanOptions": "FS",
    "ScanningSequence": "EP",
    "SequenceName": "epfid2d1_70",
    "SequenceVariant": "SK\\SS",
    "SeriesDescription": "fMRI_Run_3",
    "SeriesNumber": 15,
    "SliceThickness": 2.73,
    "SliceTiming": [
      0,
      0.685,
      0.39,
      0.0975,
      0.7825,
      0.49,
      0.195,
      0.88,
      0.5875,
      0.2925,
      0,
      0.685,
      0.39,
      0.0975,
      0.7825,
      0.49,
      0.195,
      0.88,
      0.5875,
      0.2925,
      0,
      0.685,
      0.39,
      0.0975,
      0.7825,
      0.49,
      0.195,
      0.88,
      0.5875,
      0.2925,
      0,
      0.685,
      0.39,
      0.0975,
      0.7825,
      0.49,
      0.195,
      0.88,
      0.5875,
      0.2925
    ],
    "SoftwareVersion": "syngo MR E11",
    "TaskName": "affect",
    "TotalReadoutTime": 0.041399172,
    "dataset": "ds003507",
    "deltaTE": 34,
    "modality": "bold",
    "run_id": 3,
    "subject_id": "18",
    "task_id": "affect"
  },
  "dummy_trs": 6,
  "dvars_nstd": 28.841360713773593,
  "dvars_std": 0.9998717414579756,
  "dvars_vstd": 0.9260873653001713,
  "efc": 0.5486799631205705,
  "fber": 739.9329223632812,
  "fd_mean": 0.25342417313397503,
  "fd_num": 207,
  "fd_perc": 35.445205479452056,
  "fwhm_avg": 2.904420560505826,
  "fwhm_x": 2.6753,
  "fwhm_y": 3.1065633333333333,
  "fwhm_z": 2.9313983481841444,
  "gcor": 0.0479831,
  "gsr_x": -0.010742372833192348,
  "gsr_y": 0.10442955046892166,
  "provenance": {
    "md5sum": "fdf008f938e17ac30fb0da6b810b7a57",
    "settings": {
      "fd_thres": 0.2,
      "testing": false
    },
    "software": "mriqc",
    "version": "21.0.0rc2",
    "webapi_port": null,
    "webapi_url": "https://mriqc.nimh.nih.gov/api/v1"
  },
  "size_t": 584,
  "size_x": 70,
  "size_y": 70,
  "size_z": 40,
  "snr": 2.424386183712608,
  "spacing_tr": 1.0,
  "spacing_x": 3.0,
  "spacing_y": 3.0,
  "spacing_z": 3.003000259399414,
  "summary_bg_k": 15.154349961298337,
  "summary_bg_mad": 97.98376127192651,
  "summary_bg_mean": 410.4450378417969,
  "summary_bg_median": 157.85958862304688,
  "summary_bg_n": 114544.0,
  "summary_bg_p05": 83.52568054199219,
  "summary_bg_p95": 1694.9416015624997,
  "summary_bg_stdv": 615.51025390625,
  "summary_fg_k": 0.6447202573221857,
  "summary_fg_mad": 1796.490029649622,
  "summary_fg_mean": 4828.732421875,
  "summary_fg_median": 4480.5205078125,
  "summary_fg_n": 40030.0,
  "summary_fg_p05": 2488.007861328125,
  "summary_fg_p95": 8272.289160156246,
  "summary_fg_stdv": 1848.08203125,
  "tsnr": 35.36276632337831
}