{
  "aor": 0.004789711375212224,
  "aqi": 0.010794854770797963,
  "bids_meta": {
    "AcquisitionDateTime": "20181129151936.445000",
    "ConversionSoftware": "dicm2nii.m 20181126",
    "DeviceSerialNumber": "67060",
    "EchoTime1": 0.035,
    "EchoTime2": 0.001,
    "EffectiveEchoSpacing": 0.000599988,
    "FlipAngle": 62,
    "ImageType": [
      "ORIGINAL",
      "PRIMARY",
      "M",
      "MB",
      "ND",
      "MOSAIC"
    ],
    "InstitutionAddress": "Medical Center Dr 5,Columbia,SC,US,29203",
    "InstitutionName": "R",
    "MRAcquisitionType": "2D",
    "Manufacturer": "SIEMENS",
    "Modality": "MR",
    "PhaseEncodingDirection": "j-",
    "RepetitionTime": 1,
    "ScanOptions": "FS",
    "ScanningSequence": "EP",
    "SequenceName": "epfid2d1_70",
    "SequenceVariant": "SK\\SS",
    "SeriesDescription": "fMRI_Run_2",
    "SeriesNumber": 13,
    "SliceThickness": 2.73,
    "SliceTiming": [
      0,
      0.685,
      0.3925,
      0.0975,
      0.7825,
      0.49,
      0.195,
      0.8825,
      0.5875,
      0.2925,
      0,
      0.685,
      0.3925,
      0.0975,
      0.7825,
      0.49,
      0.195,
      0.8825,
      0.5875,
      0.2925,
      0,
      0.685,
      0.3925,
      0.0975,
      0.7825,
      0.49,
      0.195,
      0.8825,
      0.5875,
      0.2925,
      0,
      0.685,
      0.3925,
      0.0975,
      0.7825,
      0.49,
      0.195,
      0.8825,
      0.5875,
      0.2925
    ],
    "SoftwareVersion": "syngo MR E11",
    "TaskName": "affect",
    "TotalReadoutTime": 0.041399172,
    "dataset": "ds003507",
    "deltaTE": 34,
    "modality": "bold",
    "run_id": 2,
    "subject_id": "18",
    "task_id": "affect"
  },
  "dummy_trs": 1,
  "dvars_nstd": 28.97631926760205,
  "dvars_std": 1.0779804510884368,
  "dvars_vstd": 0.9762867419727899,
  "efc": 0.5488378085293244,
  "fber": 750.22509765625,
  "fd_mean": 0.24928986572218995,
  "fd_num": 215,
  "fd_perc": 36.502546689303905,
  "fwhm_avg": 2.8671695555674113,
  "fwhm_x": 2.6605166666666666,
  "fwhm_y": 3.07324,
  "fwhm_z": 2.8677520000355683,
  "gcor": 0.0429434,
  "gsr_x": -0.011788543313741684,
  "gsr_y": 0.10613631457090378,
  "provenance": {
    "md5sum": "99acb62d801cfca3653a8b8aecc4171e",
    "settings": {
      "fd_thres": 0.2,
      "testing": false
    },
    "software": "mriqc",
    "version": "21.0.0rc2",
    "webapi_port": null,
    "webapi_url": "https://mriqc.nimh.nih.gov/api/v1"
  },
  "size_t": 589,
  "size_x": 70,
  "size_y": 70,
  "size_z": 40,
  "snr": 2.425552760675523,
  "spacing_tr": 1.0,
  "spacing_x": 3.0,
  "spacing_y": 3.0,
  "spacing_z": 3.003000259399414,
  "summary_bg_k": 14.467078884455542,
  "summary_bg_mad": 99.1908753844163,
  "summary_bg_mean": 412.5526428222656,
  "summary_bg_median": 156.8896484375,
  "summary_bg_n": 114611.0,
  "summary_bg_p05": 81.75297164916992,
  "summary_bg_p95": 1701.1630249023438,
  "summary_bg_stdv": 621.1633911132812,
  "summary_fg_k": 0.683719176902005,
  "summary_fg_mad": 1792.5645362268453,
  "summary_fg_mean": 4812.8583984375,
  "summary_fg_median": 4471.443359375,
  "summary_fg_n": 40015.0,
  "summary_fg_p05": 2470.171875,
  "summary_fg_p95": 8271.799804687495,
  "summary_fg_stdv": 1843.450927734375,
  "tsnr": 35.502114919014275
}