{
  "aor": 0.0007714965986394558,
  "aqi": 0.007357732346938775,
  "bids_meta": {
    "AcquisitionDateTime": "20181109134930.842500",
    "ConversionSoftware": "dicm2nii.m 20181126",
    "DeviceSerialNumber": "67060",
    "EchoTime1": 0.035,
    "EchoTime2": 0.001,
    "EffectiveEchoSpacing": 0.000599988,
    "FlipAngle": 62,
    "ImageType": [
      "ORIGINAL",
      "PRIMARY",
      "M",
      "MB",
      "ND",
      "MOSAIC"
    ],
    "InstitutionAddress": "Medical Center Dr 5,Columbia,SC,US,29203",
    "InstitutionName": "USC",
    "MRAcquisitionType": "2D",
    "Manufacturer": "SIEMENS",
    "Modality": "MR",
    "PhaseEncodingDirection": "j-",
    "RepetitionTime": 1,
    "ScanOptions": "FS",
    "ScanningSequence": "EP",
    "SequenceName": "epfid2d1_70",
    "SequenceVariant": "SK\\SS",
    "SeriesDescription": "fMRI_Run_3",
    "SeriesNumber": 12,
    "SliceThickness": 2.73,
    "SliceTiming": [
      0,
      0.685,
      0.3925,
      0.0975,
      0.785,
      0.49,
      0.1975,
      0.8825,
      0.5875,
      0.295,
      0,
      0.685,
      0.3925,
      0.0975,
      0.785,
      0.49,
      0.1975,
      0.8825,
      0.5875,
      0.295,
      0,
      0.685,
      0.3925,
      0.0975,
      0.785,
      0.49,
      0.1975,
      0.8825,
      0.5875,
      0.295,
      0,
      0.685,
      0.3925,
      0.0975,
      0.785,
      0.49,
      0.1975,
      0.8825,
      0.5875,
      0.295
    ],
    "SoftwareVersion": "syngo MR E11",
    "TaskName": "affect",
    "TotalReadoutTime": 0.041399172,
    "dataset": "ds003507",
    "deltaTE": 34,
    "modality": "bold",
    "run_id": 3,
    "subject_id": "15",
    "task_id": "affect"
  },
  "dummy_trs": 2,
  "dvars_nstd": 21.882217231720634,
  "dvars_std": 1.0497162384497438,
  "dvars_vstd": 0.9661040626916519,
  "efc": 0.5720401785392668,
  "fber": 536.4288330078125,
  "fd_mean": 0.14194705284064038,
  "fd_num": 117,
  "fd_perc": 19.897959183673468,
  "fwhm_avg": 2.976250747547702,
  "fwhm_x": 2.7158800000000003,
  "fwhm_y": 3.0984700000000003,
  "fwhm_z": 3.114402242643104,
  "gcor": 0.0193057,
  "gsr_x": 0.003618858056142926,
  "gsr_y": 0.08145710825920105,
  "provenance": {
    "md5sum": "ee94b5e1af458e2da9eb847a6366f039",
    "settings": {
      "fd_thres": 0.2,
      "testing": false
    },
    "software": "mriqc",
    "version": "21.0.0rc2",
    "webapi_port": null,
    "webapi_url": "https://mriqc.nimh.nih.gov/api/v1"
  },
  "size_t": 588,
  "size_x": 70,
  "size_y": 70,
  "size_z": 40,
  "snr": 2.214623528223876,
  "spacing_tr": 1.0,
  "spacing_x": 3.0,
  "spacing_y": 3.0,
  "spacing_z": 3.003000020980835,
  "summary_bg_k": 14.837495235394503,
  "summary_bg_mad": 117.19869187525752,
  "summary_bg_mean": 467.94952392578125,
  "summary_bg_median": 173.25340270996094,
  "summary_bg_n": 108901.0,
  "summary_bg_p05": 83.51870727539062,
  "summary_bg_p95": 2006.0748291015625,
  "summary_bg_stdv": 742.5648803710938,
  "summary_fg_k": 2.3719195529169337,
  "summary_fg_mad": 1673.2036557890285,
  "summary_fg_mean": 4658.416015625,
  "summary_fg_median": 4231.125,
  "summary_fg_n": 44240.0,
  "summary_fg_p05": 2362.7216552734376,
  "summary_fg_p95": 8276.441601562494,
  "summary_fg_stdv": 1910.517578125,
  "tsnr": 46.81614942988381
}