{
  "aor": 0.0009076570458404075,
  "aqi": 0.007863547266553481,
  "bids_meta": {
    "AcquisitionDateTime": "20181109132357.432500",
    "ConversionSoftware": "dicm2nii.m 20181126",
    "DeviceSerialNumber": "67060",
    "EchoTime1": 0.035,
    "EchoTime2": 0.001,
    "EffectiveEchoSpacing": 0.000599988,
    "FlipAngle": 62,
    "ImageType": [
      "ORIGINAL",
      "PRIMARY",
      "M",
      "MB",
      "ND",
      "MOSAIC"
    ],
    "InstitutionAddress": "Medical Center Dr 5,Columbia,SC,US,29203",
    "InstitutionName": "USC",
    "MRAcquisitionType": "2D",
    "Manufacturer": "SIEMENS",
    "Modality": "MR",
    "PhaseEncodingDirection": "j-",
    "RepetitionTime": 1,
    "ScanOptions": "FS",
    "ScanningSequence": "EP",
    "SequenceName": "epfid2d1_70",
    "SequenceVariant": "SK\\SS",
    "SeriesDescription": "fMRI_Run_1",
    "SeriesNumber": 4,
    "SliceThickness": 2.73,
    "SliceTiming": [
      0,
      0.6875,
      0.3925,
      0.0975,
      0.785,
      0.49,
      0.1975,
      0.8825,
      0.5875,
      0.295,
      0,
      0.6875,
      0.3925,
      0.0975,
      0.785,
      0.49,
      0.1975,
      0.8825,
      0.5875,
      0.295,
      0,
      0.6875,
      0.3925,
      0.0975,
      0.785,
      0.49,
      0.1975,
      0.8825,
      0.5875,
      0.295,
      0,
      0.6875,
      0.3925,
      0.0975,
      0.785,
      0.49,
      0.1975,
      0.8825,
      0.5875,
      0.295
    ],
    "SoftwareVersion": "syngo MR E11",
    "TaskName": "affect",
    "TotalReadoutTime": 0.041399172,
    "dataset": "ds003507",
    "deltaTE": 34,
    "modality": "bold",
    "run_id": 1,
    "subject_id": "15",
    "task_id": "affect"
  },
  "dummy_trs": 1,
  "dvars_nstd": 19.35855487574831,
  "dvars_std": 0.9651333389285713,
  "dvars_vstd": 0.9347617467687068,
  "efc": 0.5679194539892911,
  "fber": 579.4469604492188,
  "fd_mean": 0.12419950196263145,
  "fd_num": 55,
  "fd_perc": 9.33786078098472,
  "fwhm_avg": 3.0080655382372825,
  "fwhm_x": 2.739076666666667,
  "fwhm_y": 3.1384233333333333,
  "fwhm_z": 3.146696614711847,
  "gcor": 0.023853,
  "gsr_x": 0.0013712786603718996,
  "gsr_y": 0.08211257308721542,
  "provenance": {
    "md5sum": "c3d1bc403ea65aa5c82d48c0fb543421",
    "settings": {
      "fd_thres": 0.2,
      "testing": false
    },
    "software": "mriqc",
    "version": "21.0.0rc2",
    "webapi_port": null,
    "webapi_url": "https://mriqc.nimh.nih.gov/api/v1"
  },
  "size_t": 589,
  "size_x": 70,
  "size_y": 70,
  "size_z": 40,
  "snr": 2.2252371673483364,
  "spacing_tr": 1.0,
  "spacing_x": 3.0,
  "spacing_y": 3.0,
  "spacing_z": 3.003000020980835,
  "summary_bg_k": 15.619524563836865,
  "summary_bg_mad": 104.33718662900071,
  "summary_bg_mean": 444.0247497558594,
  "summary_bg_median": 166.3955841064453,
  "summary_bg_n": 109386.0,
  "summary_bg_p05": 86.48387145996094,
  "summary_bg_p95": 1890.0289001464844,
  "summary_bg_stdv": 699.972412109375,
  "summary_fg_k": 2.5429729507914356,
  "summary_fg_mad": 1656.4521691261061,
  "summary_fg_mean": 4639.94384765625,
  "summary_fg_median": 4213.60302734375,
  "summary_fg_n": 43893.0,
  "summary_fg_p05": 2381.366455078125,
  "summary_fg_p95": 8203.553125,
  "summary_fg_stdv": 1893.53076171875,
  "tsnr": 41.74261071300134
}