{
  "aor": 0.0013191525423728813,
  "aqi": 0.0019726976237288136,
  "bids_meta": {
    "AcquisitionDateTime": "20181212151756.747500",
    "ConversionSoftware": "dicm2nii.m 20181126",
    "DeviceSerialNumber": "67060",
    "EchoTime1": 0.035,
    "EchoTime2": 0.001,
    "EffectiveEchoSpacing": 0.000599988,
    "FlipAngle": 62,
    "ImageType": [
      "ORIGINAL",
      "PRIMARY",
      "M",
      "MB",
      "ND",
      "MOSAIC"
    ],
    "InstitutionAddress": "Medical Center Dr 5,Columbia,SC,US,29203",
    "InstitutionName": "Palmetto Health Richland",
    "MRAcquisitionType": "2D",
    "Manufacturer": "SIEMENS",
    "Modality": "MR",
    "PhaseEncodingDirection": "j-",
    "RepetitionTime": 1,
    "ScanOptions": "FS",
    "ScanningSequence": "EP",
    "SequenceName": "epfid2d1_70",
    "SequenceVariant": "SK\\SS",
    "SeriesDescription": "fMRI_Run_1",
    "SeriesNumber": 3,
    "SliceThickness": 2.73,
    "SliceTiming": [
      0,
      0.685,
      0.3925,
      0.0975,
      0.7825,
      0.49,
      0.195,
      0.8825,
      0.5875,
      0.2925,
      0,
      0.685,
      0.3925,
      0.0975,
      0.7825,
      0.49,
      0.195,
      0.8825,
      0.5875,
      0.2925,
      0,
      0.685,
      0.3925,
      0.0975,
      0.7825,
      0.49,
      0.195,
      0.8825,
      0.5875,
      0.2925,
      0,
      0.685,
      0.3925,
      0.0975,
      0.7825,
      0.49,
      0.195,
      0.8825,
      0.5875,
      0.2925
    ],
    "SoftwareVersion": "syngo MR E11",
    "TaskName": "affect",
    "TotalReadoutTime": 0.041399172,
    "dataset": "ds003507",
    "deltaTE": 34,
    "modality": "bold",
    "run_id": 1,
    "subject_id": "21",
    "task_id": "affect"
  },
  "dummy_trs": 0,
  "dvars_nstd": 20.478285368573854,
  "dvars_std": 1.1203167033276746,
  "dvars_vstd": 1.0129063445500857,
  "efc": 0.4991148303795997,
  "fber": 1162.4005126953125,
  "fd_mean": 0.1544295531127879,
  "fd_num": 109,
  "fd_perc": 18.47457627118644,
  "fwhm_avg": 3.0564293090150265,
  "fwhm_x": 2.849413333333333,
  "fwhm_y": 3.2178233333333335,
  "fwhm_z": 3.102051260378413,
  "gcor": 0.0176062,
  "gsr_x": -0.015207470394670963,
  "gsr_y": 0.06203000247478485,
  "provenance": {
    "md5sum": "f918cf5b652faa0481ba4a42c9456b66",
    "settings": {
      "fd_thres": 0.2,
      "testing": false
    },
    "software": "mriqc",
    "version": "21.0.0rc2",
    "webapi_port": null,
    "webapi_url": "https://mriqc.nimh.nih.gov/api/v1"
  },
  "size_t": 590,
  "size_x": 70,
  "size_y": 70,
  "size_z": 40,
  "snr": 2.486219070608644,
  "spacing_tr": 1.0,
  "spacing_x": 3.0,
  "spacing_y": 3.0,
  "spacing_z": 3.003000020980835,
  "summary_bg_k": 29.97355350246373,
  "summary_bg_mad": 60.955049200156054,
  "summary_bg_mean": 274.3625793457031,
  "summary_bg_median": 121.97796630859375,
  "summary_bg_n": 122411.0,
  "summary_bg_p05": 76.70169067382812,
  "summary_bg_p95": 1022.7940368652344,
  "summary_bg_stdv": 426.3600769042969,
  "summary_fg_k": 1.1812022915948708,
  "summary_fg_mad": 1564.218457136725,
  "summary_fg_mean": 4662.44921875,
  "summary_fg_median": 4298.20849609375,
  "summary_fg_n": 34505.0,
  "summary_fg_p05": 2531.12294921875,
  "summary_fg_p95": 8005.585449218745,
  "summary_fg_stdv": 1728.7882080078125,
  "tsnr": 71.60631681780796
}