{
  "aor": 0.0004965423728813559,
  "aqi": 0.0013754247152542372,
  "bids_meta": {
    "AcquisitionDateTime": "20181212154107.242500",
    "ConversionSoftware": "dicm2nii.m 20181126",
    "DeviceSerialNumber": "67060",
    "EchoTime1": 0.035,
    "EchoTime2": 0.001,
    "EffectiveEchoSpacing": 0.000599988,
    "FlipAngle": 62,
    "ImageType": [
      "ORIGINAL",
      "PRIMARY",
      "M",
      "MB",
      "ND",
      "MOSAIC"
    ],
    "InstitutionAddress": "Medical Center Dr 5,Columbia,SC,US,29203",
    "InstitutionName": "Palmetto Health Richland",
    "MRAcquisitionType": "2D",
    "Manufacturer": "SIEMENS",
    "Modality": "MR",
    "PhaseEncodingDirection": "j-",
    "RepetitionTime": 1,
    "ScanOptions": "FS",
    "ScanningSequence": "EP",
    "SequenceName": "epfid2d1_70",
    "SequenceVariant": "SK\\SS",
    "SeriesDescription": "fMRI_Run_3",
    "SeriesNumber": 11,
    "SliceThickness": 2.73,
    "SliceTiming": [
      0,
      0.6875,
      0.3925,
      0.1,
      0.785,
      0.49,
      0.1975,
      0.8825,
      0.59,
      0.295,
      0,
      0.6875,
      0.3925,
      0.1,
      0.785,
      0.49,
      0.1975,
      0.8825,
      0.59,
      0.295,
      0,
      0.6875,
      0.3925,
      0.1,
      0.785,
      0.49,
      0.1975,
      0.8825,
      0.59,
      0.295,
      0,
      0.6875,
      0.3925,
      0.1,
      0.785,
      0.49,
      0.1975,
      0.8825,
      0.59,
      0.295
    ],
    "SoftwareVersion": "syngo MR E11",
    "TaskName": "affect",
    "TotalReadoutTime": 0.041399172,
    "dataset": "ds003507",
    "deltaTE": 34,
    "modality": "bold",
    "run_id": 3,
    "subject_id": "21",
    "task_id": "affect"
  },
  "dummy_trs": 0,
  "dvars_nstd": 18.668952527402375,
  "dvars_std": 1.0946463998641773,
  "dvars_vstd": 1.0055757123089977,
  "efc": 0.5006192491779413,
  "fber": 1130.6287841796875,
  "fd_mean": 0.1266086282076983,
  "fd_num": 41,
  "fd_perc": 6.9491525423728815,
  "fwhm_avg": 3.0415401438270853,
  "fwhm_x": 2.8348666666666666,
  "fwhm_y": 3.2268733333333333,
  "fwhm_z": 3.062880431481256,
  "gcor": 0.0140755,
  "gsr_x": -0.015291193500161171,
  "gsr_y": 0.06410714238882065,
  "provenance": {
    "md5sum": "385b76aaff888402dc9af63fdd032aa4",
    "settings": {
      "fd_thres": 0.2,
      "testing": false
    },
    "software": "mriqc",
    "version": "21.0.0rc2",
    "webapi_port": null,
    "webapi_url": "https://mriqc.nimh.nih.gov/api/v1"
  },
  "size_t": 590,
  "size_x": 70,
  "size_y": 70,
  "size_z": 40,
  "snr": 2.484932651949381,
  "spacing_tr": 1.0,
  "spacing_x": 3.0,
  "spacing_y": 3.0,
  "spacing_z": 3.003000020980835,
  "summary_bg_k": 30.436399005773794,
  "summary_bg_mad": 61.40234551156188,
  "summary_bg_mean": 282.6819763183594,
  "summary_bg_median": 123.91864013671875,
  "summary_bg_n": 122411.0,
  "summary_bg_p05": 78.53559112548828,
  "summary_bg_p95": 1056.9584350585938,
  "summary_bg_stdv": 440.7525634765625,
  "summary_fg_k": 1.0615956256313108,
  "summary_fg_mad": 1587.468635262306,
  "summary_fg_mean": 4693.84765625,
  "summary_fg_median": 4330.0859375,
  "summary_fg_n": 34596.0,
  "summary_fg_p05": 2534.032958984375,
  "summary_fg_p95": 8076.4117431640625,
  "summary_fg_stdv": 1742.5113525390625,
  "tsnr": 80.07446144579444
}