{
  "aor": 0.003073220338983051,
  "aqi": 0.0071344744406779655,
  "bids_meta": {
    "AcquisitionDateTime": "20181029162918.095000",
    "ConversionSoftware": "dicm2nii.m 20181126",
    "DeviceSerialNumber": "67060",
    "EchoTime1": 0.035,
    "EchoTime2": 0.001,
    "EffectiveEchoSpacing": 0.000599988,
    "FlipAngle": 62,
    "ImageType": [
      "ORIGINAL",
      "PRIMARY",
      "M",
      "MB",
      "ND",
      "MOSAIC"
    ],
    "InstitutionAddress": "Medical Center Dr 5,Columbia,SC,US,29203",
    "InstitutionName": "R",
    "MRAcquisitionType": "2D",
    "Manufacturer": "SIEMENS",
    "Modality": "MR",
    "PhaseEncodingDirection": "j-",
    "RepetitionTime": 1,
    "ScanOptions": "FS",
    "ScanningSequence": "EP",
    "SequenceName": "epfid2d1_70",
    "SequenceVariant": "SK\\SS",
    "SeriesDescription": "fMRI_Run_1",
    "SeriesNumber": 14,
    "SliceThickness": 2.73,
    "SliceTiming": [
      0,
      0.685,
      0.39,
      0.0975,
      0.7825,
      0.49,
      0.195,
      0.88,
      0.5875,
      0.2925,
      0,
      0.685,
      0.39,
      0.0975,
      0.7825,
      0.49,
      0.195,
      0.88,
      0.5875,
      0.2925,
      0,
      0.685,
      0.39,
      0.0975,
      0.7825,
      0.49,
      0.195,
      0.88,
      0.5875,
      0.2925,
      0,
      0.685,
      0.39,
      0.0975,
      0.7825,
      0.49,
      0.195,
      0.88,
      0.5875,
      0.2925
    ],
    "SoftwareVersion": "syngo MR E11",
    "TaskName": "affect",
    "TotalReadoutTime": 0.041399172,
    "dataset": "ds003507",
    "deltaTE": 34,
    "modality": "bold",
    "run_id": 1,
    "subject_id": "08",
    "task_id": "affect"
  },
  "dummy_trs": 0,
  "dvars_nstd": 23.17044002297115,
  "dvars_std": 1.0493749053989827,
  "dvars_vstd": 0.9611702226655353,
  "efc": 0.507163679118411,
  "fber": 1160.521484375,
  "fd_mean": 0.22149715374441803,
  "fd_num": 351,
  "fd_perc": 59.49152542372882,
  "fwhm_avg": 2.750612258960666,
  "fwhm_x": 2.5505366666666665,
  "fwhm_y": 2.8880966666666663,
  "fwhm_z": 2.813203443548666,
  "gcor": 0.0253565,
  "gsr_x": -0.0040701632387936115,
  "gsr_y": 0.05125326290726662,
  "provenance": {
    "md5sum": "ea959b511a60c5a7648f9c9fdde35a9a",
    "settings": {
      "fd_thres": 0.2,
      "testing": false
    },
    "software": "mriqc",
    "version": "21.0.0rc2",
    "webapi_port": null,
    "webapi_url": "https://mriqc.nimh.nih.gov/api/v1"
  },
  "size_t": 590,
  "size_x": 70,
  "size_y": 70,
  "size_z": 40,
  "snr": 2.8911336776751435,
  "spacing_tr": 1.0,
  "spacing_x": 3.0,
  "spacing_y": 3.0,
  "spacing_z": 3.003000020980835,
  "summary_bg_k": 54.77868416215746,
  "summary_bg_mad": 52.002901725547524,
  "summary_bg_mean": 223.72174072265625,
  "summary_bg_median": 114.68898010253906,
  "summary_bg_n": 120910.0,
  "summary_bg_p05": 74.79228897094727,
  "summary_bg_p95": 716.9154266357406,
  "summary_bg_stdv": 358.2904052734375,
  "summary_fg_k": 0.49490062474410346,
  "summary_fg_mad": 1309.6555476302835,
  "summary_fg_mean": 4185.16455078125,
  "summary_fg_median": 3976.62548828125,
  "summary_fg_n": 36870.0,
  "summary_fg_p05": 2312.38193359375,
  "summary_fg_p95": 6746.451562499998,
  "summary_fg_stdv": 1375.436767578125,
  "tsnr": 44.12895091343671
}