{
  "bids_meta": {
    "AcquisitionDateTime": "20181113135448.720000",
    "ConversionSoftware": "dicm2nii.m 20181126",
    "DeviceSerialNumber": "67060",
    "EchoTime": 0.00411,
    "FlipAngle": 9,
    "ImageType": [
      "ORIGINAL",
      "PRIMARY",
      "M",
      "ND",
      "NORM"
    ],
    "InstitutionAddress": "Medical Center Dr 5,Columbia,SC,US,29203",
    "InstitutionName": "USC",
    "InversionTime": 0.925,
    "MRAcquisitionType": "3D",
    "Manufacturer": "SIEMENS",
    "Modality": "MR",
    "PhaseEncodingDirection": "j-",
    "RepetitionTime": 2.25,
    "ScanOptions": "IR",
    "ScanningSequence": "GR\\IR",
    "SequenceName": "*tfl3d1_16ns",
    "SequenceVariant": "SK\\SP\\MP",
    "SeriesDescription": "T1_32_Channel_mprage_ns_sag_p2_iso 1.0mm_192",
    "SeriesNumber": 12,
    "SliceThickness": 1,
    "SoftwareVersion": "syngo MR E11",
    "dataset": "ds003507",
    "modality": "T1w",
    "subject_id": "16"
  },
  "cjv": 0.381725441125569,
  "cnr": 3.398107408950735,
  "efc": 0.5688994400656484,
  "fber": 451.7900822094781,
  "fwhm_avg": 4.092486666666667,
  "fwhm_x": 4.29471,
  "fwhm_y": 4.08156,
  "fwhm_z": 3.90119,
  "icvs_csf": 0.1965665161018241,
  "icvs_gm": 0.4444039646723869,
  "icvs_wm": 0.35902951922578896,
  "inu_med": 0.9693482518196106,
  "inu_range": 0.374959260225296,
  "provenance": {
    "md5sum": "163e2aefb5049edc00bc9ee2f9303a00",
    "settings": {
      "testing": false
    },
    "software": "mriqc",
    "version": "21.0.0rc2",
    "warnings": {
      "large_rot_frame": true,
      "small_air_mask": false
    },
    "webapi_port": null,
    "webapi_url": "https://mriqc.nimh.nih.gov/api/v1"
  },
  "qi_1": 1.025545146272321e-05,
  "qi_2": 0.021952012029440457,
  "rpve_csf": 34.19080254352382,
  "rpve_gm": 16.341721536008908,
  "rpve_wm": 23.461275282657724,
  "size_x": 192,
  "size_y": 256,
  "size_z": 256,
  "snr_csf": 3.287836232353895,
  "snr_gm": 11.045273324900544,
  "snr_total": 12.082232996836034,
  "snr_wm": 21.913589433253662,
  "snrd_csf": 12.238548579718676,
  "snrd_gm": 25.39732167728798,
  "snrd_total": 24.28119093614427,
  "snrd_wm": 35.20770255142615,
  "spacing_x": 1.0,
  "spacing_y": 1.0,
  "spacing_z": 1.0,
  "summary_bg_k": 10.64663392390552,
  "summary_bg_mad": 18.60775692286599,
  "summary_bg_mean": 23.81902330177536,
  "summary_bg_median": 25.142904225736856,
  "summary_bg_n": 2336079.0,
  "summary_bg_p05": 0.0,
  "summary_bg_p95": 62.836549770087004,
  "summary_bg_stdv": 19.40041091004952,
  "summary_csf_k": 1.5224689206848323,
  "summary_csf_mad": 91.31925592178787,
  "summary_csf_mean": 362.9290377192687,
  "summary_csf_median": 347.60997077822685,
  "summary_csf_n": 16447.0,
  "summary_csf_p05": 215.74434375576675,
  "summary_csf_p95": 552.6468339040875,
  "summary_csf_stdv": 105.72284580880878,
  "summary_gm_k": -0.07265409421064017,
  "summary_gm_mad": 65.28067857757937,
  "summary_gm_mean": 723.1785261425842,
  "summary_gm_median": 721.3569639064372,
  "summary_gm_n": 24828.0,
  "summary_gm_p05": 616.9745608605444,
  "summary_gm_p95": 833.7192359788343,
  "summary_gm_stdv": 65.30779415375173,
  "summary_wm_k": 0.8248652411853268,
  "summary_wm_mad": 41.08445340395164,
  "summary_wm_mean": 998.4448030805926,
  "summary_wm_median": 999.9999898150563,
  "summary_wm_n": 172435.0,
  "summary_wm_p05": 918.8965195119381,
  "summary_wm_p95": 1069.87820963189,
  "summary_wm_stdv": 45.63365090020588,
  "tpm_overlap_csf": 0.15318816900253296,
  "tpm_overlap_gm": 0.45056551694869995,
  "tpm_overlap_wm": 0.48907896876335144,
  "wm2max": 0.5558946907681885
}