{
  "aor": 0.0009351864406779662,
  "aqi": 0.0070321747288135585,
  "bids_meta": {
    "AcquisitionDateTime": "20181108161044.797500",
    "ConversionSoftware": "dicm2nii.m 20181126",
    "DeviceSerialNumber": "67060",
    "EchoTime1": 0.035,
    "EchoTime2": 0.001,
    "EffectiveEchoSpacing": 0.000599988,
    "FlipAngle": 62,
    "ImageType": [
      "ORIGINAL",
      "PRIMARY",
      "M",
      "MB",
      "ND",
      "MOSAIC"
    ],
    "InstitutionAddress": "Medical Center Dr 5,Columbia,SC,US,29203",
    "InstitutionName": "USC",
    "MRAcquisitionType": "2D",
    "Manufacturer": "SIEMENS",
    "Modality": "MR",
    "PhaseEncodingDirection": "j-",
    "RepetitionTime": 1,
    "ScanOptions": "FS",
    "ScanningSequence": "EP",
    "SequenceName": "epfid2d1_70",
    "SequenceVariant": "SK\\SS",
    "SeriesDescription": "fMRI_Run_2",
    "SeriesNumber": 9,
    "SliceThickness": 2.73,
    "SliceTiming": [
      0,
      0.6875,
      0.3925,
      0.0975,
      0.785,
      0.49,
      0.1975,
      0.8825,
      0.5875,
      0.295,
      0,
      0.6875,
      0.3925,
      0.0975,
      0.785,
      0.49,
      0.1975,
      0.8825,
      0.5875,
      0.295,
      0,
      0.6875,
      0.3925,
      0.0975,
      0.785,
      0.49,
      0.1975,
      0.8825,
      0.5875,
      0.295,
      0,
      0.6875,
      0.3925,
      0.0975,
      0.785,
      0.49,
      0.1975,
      0.8825,
      0.5875,
      0.295
    ],
    "SoftwareVersion": "syngo MR E11",
    "TaskName": "affect",
    "TotalReadoutTime": 0.041399172,
    "dataset": "ds003507",
    "deltaTE": 34,
    "modality": "bold",
    "run_id": 2,
    "subject_id": "14",
    "task_id": "affect"
  },
  "dummy_trs": 0,
  "dvars_nstd": 19.058662778930366,
  "dvars_std": 0.9528757077589138,
  "dvars_vstd": 0.9237530006791177,
  "efc": 0.501643479434916,
  "fber": 1106.8077392578125,
  "fd_mean": 0.12917761522540555,
  "fd_num": 85,
  "fd_perc": 14.40677966101695,
  "fwhm_avg": 2.6413138945083143,
  "fwhm_x": 2.5094266666666667,
  "fwhm_y": 2.8228833333333334,
  "fwhm_z": 2.591631683524943,
  "gcor": 0.0254946,
  "gsr_x": -0.00994670670479536,
  "gsr_y": 0.06244665011763573,
  "provenance": {
    "md5sum": "ceca3364e0c43116cb39ca6a5627167f",
    "settings": {
      "fd_thres": 0.2,
      "testing": false
    },
    "software": "mriqc",
    "version": "21.0.0rc2",
    "webapi_port": null,
    "webapi_url": "https://mriqc.nimh.nih.gov/api/v1"
  },
  "size_t": 590,
  "size_x": 70,
  "size_y": 70,
  "size_z": 40,
  "snr": 2.7306668252060895,
  "spacing_tr": 1.0,
  "spacing_x": 3.0,
  "spacing_y": 3.0,
  "spacing_z": 3.003000020980835,
  "summary_bg_k": 35.62844162206444,
  "summary_bg_mad": 56.23083821868555,
  "summary_bg_mean": 243.68809509277344,
  "summary_bg_median": 118.63898468017578,
  "summary_bg_n": 123372.0,
  "summary_bg_p05": 76.72711944580078,
  "summary_bg_p95": 825.6066253662108,
  "summary_bg_stdv": 345.0733337402344,
  "summary_fg_k": 1.4914903113550109,
  "summary_fg_mad": 1305.3107195712425,
  "summary_fg_mean": 4290.25,
  "summary_fg_median": 3987.523681640625,
  "summary_fg_n": 34907.0,
  "summary_fg_p05": 2484.293408203125,
  "summary_fg_p95": 7084.1922851562485,
  "summary_fg_stdv": 1460.2537841796875,
  "tsnr": 46.10572035051882
}