{
  "aor": 0.0022870169491525424,
  "aqi": 0.006228132050847458,
  "bids_meta": {
    "AcquisitionDateTime": "20181108162136.195000",
    "ConversionSoftware": "dicm2nii.m 20181126",
    "DeviceSerialNumber": "67060",
    "EchoTime1": 0.035,
    "EchoTime2": 0.001,
    "EffectiveEchoSpacing": 0.000599988,
    "FlipAngle": 62,
    "ImageType": [
      "ORIGINAL",
      "PRIMARY",
      "M",
      "MB",
      "ND",
      "MOSAIC"
    ],
    "InstitutionAddress": "Medical Center Dr 5,Columbia,SC,US,29203",
    "InstitutionName": "USC",
    "MRAcquisitionType": "2D",
    "Manufacturer": "SIEMENS",
    "Modality": "MR",
    "PatientAge": "022Y",
    "PatientName": "p328",
    "PatientPosition": "HFS",
    "PatientSex": "F",
    "PatientSize": 1.5494031,
    "PatientWeight": 61.234978,
    "PhaseEncodingDirection": "j-",
    "RepetitionTime": 1,
    "ScanOptions": "FS",
    "ScanningSequence": "EP",
    "SequenceName": "epfid2d1_70",
    "SequenceVariant": "SK\\SS",
    "SeriesDescription": "fMRI_Run_3",
    "SeriesNumber": 11,
    "SliceThickness": 2.73,
    "SliceTiming": [
      0,
      0.685,
      0.39,
      0.0975,
      0.7825,
      0.49,
      0.195,
      0.88,
      0.5875,
      0.2925,
      0,
      0.685,
      0.39,
      0.0975,
      0.7825,
      0.49,
      0.195,
      0.88,
      0.5875,
      0.2925,
      0,
      0.685,
      0.39,
      0.0975,
      0.7825,
      0.49,
      0.195,
      0.88,
      0.5875,
      0.2925,
      0,
      0.685,
      0.39,
      0.0975,
      0.7825,
      0.49,
      0.195,
      0.88,
      0.5875,
      0.2925
    ],
    "SoftwareVersion": "syngo MR E11",
    "TaskName": "affect",
    "TotalReadoutTime": 0.041399172,
    "dataset": "ds003507",
    "deltaTE": 34,
    "modality": "bold",
    "run_id": 3,
    "subject_id": "14",
    "task_id": "affect"
  },
  "dummy_trs": 0,
  "dvars_nstd": 20.124981460882854,
  "dvars_std": 1.018099926112055,
  "dvars_vstd": 0.9680966547198643,
  "efc": 0.5027928365712498,
  "fber": 1106.1263427734375,
  "fd_mean": 0.13904594694446062,
  "fd_num": 94,
  "fd_perc": 15.932203389830509,
  "fwhm_avg": 2.6314160025238302,
  "fwhm_x": 2.5304066666666665,
  "fwhm_y": 2.8252,
  "fwhm_z": 2.5386413409048236,
  "gcor": 0.0326872,
  "gsr_x": -0.010436870157718658,
  "gsr_y": 0.06305939704179764,
  "provenance": {
    "md5sum": "2c52fa0e26ce0836f6d6d77a68b15eb2",
    "settings": {
      "fd_thres": 0.2,
      "testing": false
    },
    "software": "mriqc",
    "version": "21.0.0rc2",
    "webapi_port": null,
    "webapi_url": "https://mriqc.nimh.nih.gov/api/v1"
  },
  "size_t": 590,
  "size_x": 70,
  "size_y": 70,
  "size_z": 40,
  "snr": 2.7166907196302166,
  "spacing_tr": 1.0,
  "spacing_x": 3.0,
  "spacing_y": 3.0,
  "spacing_z": 3.003000020980835,
  "summary_bg_k": 34.19943164850835,
  "summary_bg_mad": 56.48212002016948,
  "summary_bg_mean": 248.33106994628906,
  "summary_bg_median": 119.00169372558594,
  "summary_bg_n": 123168.0,
  "summary_bg_p05": 76.49491119384766,
  "summary_bg_p95": 855.1607299804681,
  "summary_bg_stdv": 353.4704284667969,
  "summary_fg_k": 1.5274348101869535,
  "summary_fg_mad": 1307.4263958327574,
  "summary_fg_mean": 4291.0517578125,
  "summary_fg_median": 3990.74560546875,
  "summary_fg_n": 35046.0,
  "summary_fg_p05": 2468.9965209960938,
  "summary_fg_p95": 7104.104248046875,
  "summary_fg_stdv": 1468.9521484375,
  "tsnr": 46.543622735189274
}