{
  "aor": 0.0015415959252971139,
  "aqi": 0.00454636247877759,
  "bids_meta": {
    "AcquisitionDateTime": "20181108155811.975000",
    "ConversionSoftware": "dicm2nii.m 20181126",
    "DeviceSerialNumber": "67060",
    "EchoTime1": 0.035,
    "EchoTime2": 0.001,
    "EffectiveEchoSpacing": 0.000599988,
    "FlipAngle": 62,
    "ImageType": [
      "ORIGINAL",
      "PRIMARY",
      "M",
      "MB",
      "ND",
      "MOSAIC"
    ],
    "InstitutionAddress": "Medical Center Dr 5,Columbia,SC,US,29203",
    "InstitutionName": "USC",
    "MRAcquisitionType": "2D",
    "Manufacturer": "SIEMENS",
    "Modality": "MR",
    "PhaseEncodingDirection": "j-",
    "RepetitionTime": 1,
    "ScanOptions": "FS",
    "ScanningSequence": "EP",
    "SequenceName": "epfid2d1_70",
    "SequenceVariant": "SK\\SS",
    "SeriesDescription": "fMRI_Run_1",
    "SeriesNumber": 3,
    "SliceThickness": 2.73,
    "SliceTiming": [
      0,
      0.685,
      0.3925,
      0.0975,
      0.7825,
      0.49,
      0.195,
      0.8825,
      0.5875,
      0.2925,
      0,
      0.685,
      0.3925,
      0.0975,
      0.7825,
      0.49,
      0.195,
      0.8825,
      0.5875,
      0.2925,
      0,
      0.685,
      0.3925,
      0.0975,
      0.7825,
      0.49,
      0.195,
      0.8825,
      0.5875,
      0.2925,
      0,
      0.685,
      0.3925,
      0.0975,
      0.7825,
      0.49,
      0.195,
      0.8825,
      0.5875,
      0.2925
    ],
    "SoftwareVersion": "syngo MR E11",
    "TaskName": "affect",
    "TotalReadoutTime": 0.041399172,
    "dataset": "ds003507",
    "deltaTE": 34,
    "modality": "bold",
    "run_id": 1,
    "subject_id": "14",
    "task_id": "affect"
  },
  "dummy_trs": 1,
  "dvars_nstd": 19.572565029846935,
  "dvars_std": 1.017659681836734,
  "dvars_vstd": 0.9660623931632668,
  "efc": 0.5014761759727132,
  "fber": 1109.330322265625,
  "fd_mean": 0.13829090023214094,
  "fd_num": 101,
  "fd_perc": 17.147707979626485,
  "fwhm_avg": 2.6871534803740897,
  "fwhm_x": 2.5439333333333334,
  "fwhm_y": 2.88132,
  "fwhm_z": 2.6362071077889357,
  "gcor": 0.0236958,
  "gsr_x": -0.011396843008697033,
  "gsr_y": 0.06193828210234642,
  "provenance": {
    "md5sum": "4ff77d4e10475d3dcadcc8a5e882f58a",
    "settings": {
      "fd_thres": 0.2,
      "testing": false
    },
    "software": "mriqc",
    "version": "21.0.0rc2",
    "webapi_port": null,
    "webapi_url": "https://mriqc.nimh.nih.gov/api/v1"
  },
  "size_t": 589,
  "size_x": 70,
  "size_y": 70,
  "size_z": 40,
  "snr": 2.6402411910805412,
  "spacing_tr": 1.0,
  "spacing_x": 3.0,
  "spacing_y": 3.0,
  "spacing_z": 3.003000020980835,
  "summary_bg_k": 33.531264266926556,
  "summary_bg_mad": 58.22549426889838,
  "summary_bg_mean": 248.84747314453125,
  "summary_bg_median": 119.42190551757812,
  "summary_bg_n": 122880.0,
  "summary_bg_p05": 75.62818145751953,
  "summary_bg_p95": 851.21997680664,
  "summary_bg_stdv": 357.29095458984375,
  "summary_fg_k": 1.5961128164598382,
  "summary_fg_mad": 1343.4654659466783,
  "summary_fg_mean": 4337.63916015625,
  "summary_fg_median": 4010.972900390625,
  "summary_fg_n": 35062.0,
  "summary_fg_p05": 2478.274694824219,
  "summary_fg_p95": 7272.672363281248,
  "summary_fg_stdv": 1519.1474609375,
  "tsnr": 52.974740121513605
}