{
  "aor": 0.006428559322033897,
  "aqi": 0.010792669576271187,
  "bids_meta": {
    "AcquisitionDateTime": "20181018145719.037500",
    "ConversionSoftware": "dicm2nii.m 20181126",
    "DeviceSerialNumber": "67060",
    "EchoTime1": 0.035,
    "EchoTime2": 0.001,
    "EffectiveEchoSpacing": 0.000599988,
    "FlipAngle": 62,
    "ImageType": [
      "ORIGINAL",
      "PRIMARY",
      "M",
      "MB",
      "ND",
      "MOSAIC"
    ],
    "InstitutionAddress": "Medical Center Dr 5,Columbia,SC,US,29203",
    "InstitutionName": "Palmetto Health Richland",
    "MRAcquisitionType": "2D",
    "Manufacturer": "SIEMENS",
    "Modality": "MR",
    "PhaseEncodingDirection": "j-",
    "RepetitionTime": 1,
    "ScanOptions": "FS",
    "ScanningSequence": "EP",
    "SequenceName": "epfid2d1_70",
    "SequenceVariant": "SK\\SS",
    "SeriesDescription": "fMRI_Run_3",
    "SeriesNumber": 11,
    "SliceThickness": 2.73,
    "SliceTiming": [
      0,
      0.685,
      0.39,
      0.0975,
      0.7825,
      0.49,
      0.195,
      0.88,
      0.5875,
      0.2925,
      0,
      0.685,
      0.39,
      0.0975,
      0.7825,
      0.49,
      0.195,
      0.88,
      0.5875,
      0.2925,
      0,
      0.685,
      0.39,
      0.0975,
      0.7825,
      0.49,
      0.195,
      0.88,
      0.5875,
      0.2925,
      0,
      0.685,
      0.39,
      0.0975,
      0.7825,
      0.49,
      0.195,
      0.88,
      0.5875,
      0.2925
    ],
    "SoftwareVersion": "syngo MR E11",
    "TaskName": "affect",
    "TotalReadoutTime": 0.041399172,
    "dataset": "ds003507",
    "deltaTE": 34,
    "modality": "bold",
    "run_id": 3,
    "subject_id": "06",
    "task_id": "affect"
  },
  "dummy_trs": 0,
  "dvars_nstd": 28.626219773463493,
  "dvars_std": 1.046171271731748,
  "dvars_vstd": 0.9763001879456698,
  "efc": 0.5721801939333852,
  "fber": 619.6696166992188,
  "fd_mean": 0.24252854620174708,
  "fd_num": 226,
  "fd_perc": 38.30508474576271,
  "fwhm_avg": 2.89001585936365,
  "fwhm_x": 2.59264,
  "fwhm_y": 3.075006666666667,
  "fwhm_z": 3.002400911424283,
  "gcor": 0.0198479,
  "gsr_x": 0.00981824565678835,
  "gsr_y": 0.10979598015546799,
  "provenance": {
    "md5sum": "56da6ba2da473fbedf173355138f95ac",
    "settings": {
      "fd_thres": 0.2,
      "testing": false
    },
    "software": "mriqc",
    "version": "21.0.0rc2",
    "webapi_port": null,
    "webapi_url": "https://mriqc.nimh.nih.gov/api/v1"
  },
  "size_t": 590,
  "size_x": 70,
  "size_y": 70,
  "size_z": 40,
  "snr": 2.2476228049729543,
  "spacing_tr": 1.0,
  "spacing_x": 3.0,
  "spacing_y": 3.0,
  "spacing_z": 3.003000020980835,
  "summary_bg_k": 14.983247061826788,
  "summary_bg_mad": 112.28700645859483,
  "summary_bg_mean": 438.490234375,
  "summary_bg_median": 163.04998779296875,
  "summary_bg_n": 107464.0,
  "summary_bg_p05": 66.98330154418946,
  "summary_bg_p95": 1921.148388671869,
  "summary_bg_stdv": 707.9600830078125,
  "summary_fg_k": 1.4855578698385283,
  "summary_fg_mad": 1801.2471340579987,
  "summary_fg_mean": 4658.94775390625,
  "summary_fg_median": 4302.58056640625,
  "summary_fg_n": 45044.0,
  "summary_fg_p05": 2282.13857421875,
  "summary_fg_p95": 8245.128076171874,
  "summary_fg_stdv": 1914.25927734375,
  "tsnr": 37.27349147689529
}