{
  "aor": 0.0009089115646258506,
  "aqi": 0.002977451581632653,
  "bids_meta": {
    "AcquisitionDateTime": "20180921144047.970000",
    "ConversionSoftware": "dicm2nii.m 20181126",
    "DeviceSerialNumber": "67060",
    "EchoTime1": 0.035,
    "EchoTime2": 0.001,
    "EffectiveEchoSpacing": 0.000599988,
    "FlipAngle": 62,
    "ImageType": [
      "ORIGINAL",
      "PRIMARY",
      "M",
      "MB",
      "ND",
      "MOSAIC"
    ],
    "InstitutionAddress": "Medical Center Dr 5,Columbia,SC,US,29203",
    "InstitutionName": "R",
    "MRAcquisitionType": "2D",
    "Manufacturer": "SIEMENS",
    "Modality": "MR",
    "PhaseEncodingDirection": "j-",
    "RepetitionTime": 1,
    "ScanOptions": "FS",
    "ScanningSequence": "EP",
    "SequenceName": "epfid2d1_70",
    "SequenceVariant": "SK\\SS",
    "SeriesDescription": "fMRI_Run_3",
    "SeriesNumber": 11,
    "SliceThickness": 2.73,
    "SliceTiming": [
      0,
      0.685,
      0.3925,
      0.0975,
      0.785,
      0.49,
      0.1975,
      0.8825,
      0.5875,
      0.295,
      0,
      0.685,
      0.3925,
      0.0975,
      0.785,
      0.49,
      0.1975,
      0.8825,
      0.5875,
      0.295,
      0,
      0.685,
      0.3925,
      0.0975,
      0.785,
      0.49,
      0.1975,
      0.8825,
      0.5875,
      0.295,
      0,
      0.685,
      0.3925,
      0.0975,
      0.785,
      0.49,
      0.1975,
      0.8825,
      0.5875,
      0.295
    ],
    "SoftwareVersion": "syngo MR E11",
    "TaskName": "affect",
    "TotalReadoutTime": 0.041399172,
    "dataset": "ds003507",
    "deltaTE": 34,
    "modality": "bold",
    "run_id": 3,
    "subject_id": "01",
    "task_id": "affect"
  },
  "dummy_trs": 2,
  "dvars_nstd": 18.85515149981262,
  "dvars_std": 1.0291398773764897,
  "dvars_vstd": 0.9817647673424202,
  "efc": 0.5525640100651038,
  "fber": 583.7019653320312,
  "fd_mean": 0.10547862907269791,
  "fd_num": 5,
  "fd_perc": 0.8503401360544217,
  "fwhm_avg": 3.073873681114822,
  "fwhm_x": 2.7296600000000004,
  "fwhm_y": 3.3063599999999997,
  "fwhm_z": 3.1856010433444655,
  "gcor": 0.0203742,
  "gsr_x": -0.002265591872856021,
  "gsr_y": 0.09234847128391266,
  "provenance": {
    "md5sum": "2816bf357716f0129390f79b5d3273a3",
    "settings": {
      "fd_thres": 0.2,
      "testing": false
    },
    "software": "mriqc",
    "version": "21.0.0rc2",
    "webapi_port": null,
    "webapi_url": "https://mriqc.nimh.nih.gov/api/v1"
  },
  "size_t": 588,
  "size_x": 70,
  "size_y": 70,
  "size_z": 40,
  "snr": 2.055679424048204,
  "spacing_tr": 1.0,
  "spacing_x": 3.0,
  "spacing_y": 3.0,
  "spacing_z": 3.003000020980835,
  "summary_bg_k": 24.2680536473126,
  "summary_bg_mad": 104.98866425026864,
  "summary_bg_mean": 408.5520324707031,
  "summary_bg_median": 164.76190185546875,
  "summary_bg_n": 108326.0,
  "summary_bg_p05": 81.05612182617188,
  "summary_bg_p95": 1623.7142944335938,
  "summary_bg_stdv": 690.1448974609375,
  "summary_fg_k": 1.8537292145055115,
  "summary_fg_mad": 1793.0835917886952,
  "summary_fg_mean": 4669.95849609375,
  "summary_fg_median": 4207.26025390625,
  "summary_fg_n": 43305.0,
  "summary_fg_p05": 2253.917333984375,
  "summary_fg_p95": 8636.693945312492,
  "summary_fg_stdv": 2046.6282958984375,
  "tsnr": 58.69801215012558
}