{
  "aor": 0.0022616298811544994,
  "aqi": 0.003306315653650255,
  "bids_meta": {
    "AcquisitionDateTime": "20180921142955.472500",
    "ConversionSoftware": "dicm2nii.m 20181126",
    "DeviceSerialNumber": "67060",
    "EchoTime1": 0.035,
    "EchoTime2": 0.001,
    "EffectiveEchoSpacing": 0.000599988,
    "FlipAngle": 62,
    "ImageType": [
      "ORIGINAL",
      "PRIMARY",
      "M",
      "MB",
      "ND",
      "MOSAIC"
    ],
    "InstitutionAddress": "Medical Center Dr 5,Columbia,SC,US,29203",
    "InstitutionName": "R",
    "MRAcquisitionType": "2D",
    "Manufacturer": "SIEMENS",
    "Modality": "MR",
    "PhaseEncodingDirection": "j-",
    "RepetitionTime": 1,
    "ScanOptions": "FS",
    "ScanningSequence": "EP",
    "SequenceName": "epfid2d1_70",
    "SequenceVariant": "SK\\SS",
    "SeriesDescription": "fMRI_Run_2",
    "SeriesNumber": 9,
    "SliceThickness": 2.73,
    "SliceTiming": [
      0,
      0.685,
      0.3925,
      0.0975,
      0.785,
      0.49,
      0.195,
      0.8825,
      0.5875,
      0.295,
      0,
      0.685,
      0.3925,
      0.0975,
      0.785,
      0.49,
      0.195,
      0.8825,
      0.5875,
      0.295,
      0,
      0.685,
      0.3925,
      0.0975,
      0.785,
      0.49,
      0.195,
      0.8825,
      0.5875,
      0.295,
      0,
      0.685,
      0.3925,
      0.0975,
      0.785,
      0.49,
      0.195,
      0.8825,
      0.5875,
      0.295
    ],
    "SoftwareVersion": "syngo MR E11",
    "TaskName": "affect",
    "TotalReadoutTime": 0.041399172,
    "dataset": "ds003507",
    "deltaTE": 34,
    "modality": "bold",
    "run_id": 2,
    "subject_id": "01",
    "task_id": "affect"
  },
  "dummy_trs": 1,
  "dvars_nstd": 18.602744379761905,
  "dvars_std": 1.034109189353742,
  "dvars_vstd": 1.0258471037414962,
  "efc": 0.5512445889820679,
  "fber": 589.5496826171875,
  "fd_mean": 0.10913170779986463,
  "fd_num": 3,
  "fd_perc": 0.5093378607809848,
  "fwhm_avg": 3.1089653504284223,
  "fwhm_x": 2.737303333333333,
  "fwhm_y": 3.349,
  "fwhm_z": 3.2405927179519347,
  "gcor": 0.0248166,
  "gsr_x": -0.002554050413891673,
  "gsr_y": 0.09187383949756622,
  "provenance": {
    "md5sum": "2c936d87ff467aa528f9e5eab36a8414",
    "settings": {
      "fd_thres": 0.2,
      "testing": false
    },
    "software": "mriqc",
    "version": "21.0.0rc2",
    "webapi_port": null,
    "webapi_url": "https://mriqc.nimh.nih.gov/api/v1"
  },
  "size_t": 589,
  "size_x": 70,
  "size_y": 70,
  "size_z": 40,
  "snr": 2.049123586791693,
  "spacing_tr": 1.0,
  "spacing_x": 3.0,
  "spacing_y": 3.0,
  "spacing_z": 3.003000020980835,
  "summary_bg_k": 24.42080484574889,
  "summary_bg_mad": 105.96955687327934,
  "summary_bg_mean": 401.6578369140625,
  "summary_bg_median": 163.46009826660156,
  "summary_bg_n": 108443.0,
  "summary_bg_p05": 77.42512588500976,
  "summary_bg_p95": 1591.8236083984368,
  "summary_bg_stdv": 680.6615600585938,
  "summary_fg_k": 1.85098739896394,
  "summary_fg_mad": 1792.59421722829,
  "summary_fg_mean": 4661.19775390625,
  "summary_fg_median": 4197.8203125,
  "summary_fg_n": 43217.0,
  "summary_fg_p05": 2247.233642578125,
  "summary_fg_p95": 8617.388281249998,
  "summary_fg_stdv": 2048.5693359375,
  "tsnr": 54.852660798467696
}