{
  "aor": 0.000923457627118644,
  "aqi": 0.006153222525423729,
  "bids_meta": {
    "AcquisitionDateTime": "20181029165231.810000",
    "ConversionSoftware": "dicm2nii.m 20181126",
    "DeviceSerialNumber": "67060",
    "EchoTime1": 0.035,
    "EchoTime2": 0.001,
    "EffectiveEchoSpacing": 0.000599988,
    "FlipAngle": 62,
    "ImageType": [
      "ORIGINAL",
      "PRIMARY",
      "M",
      "MB",
      "ND",
      "MOSAIC"
    ],
    "InstitutionAddress": "Medical Center Dr 5,Columbia,SC,US,29203",
    "InstitutionName": "R",
    "MRAcquisitionType": "2D",
    "Manufacturer": "SIEMENS",
    "Modality": "MR",
    "PhaseEncodingDirection": "j-",
    "RepetitionTime": 1,
    "ScanOptions": "FS",
    "ScanningSequence": "EP",
    "SequenceName": "epfid2d1_70",
    "SequenceVariant": "SK\\SS",
    "SeriesDescription": "fMRI_Run_3",
    "SeriesNumber": 22,
    "SliceThickness": 2.73,
    "SliceTiming": [
      0,
      0.685,
      0.39,
      0.0975,
      0.7825,
      0.49,
      0.195,
      0.88,
      0.5875,
      0.2925,
      0,
      0.685,
      0.39,
      0.0975,
      0.7825,
      0.49,
      0.195,
      0.88,
      0.5875,
      0.2925,
      0,
      0.685,
      0.39,
      0.0975,
      0.7825,
      0.49,
      0.195,
      0.88,
      0.5875,
      0.2925,
      0,
      0.685,
      0.39,
      0.0975,
      0.7825,
      0.49,
      0.195,
      0.88,
      0.5875,
      0.2925
    ],
    "SoftwareVersion": "syngo MR E11",
    "TaskName": "affect",
    "TotalReadoutTime": 0.041399172,
    "dataset": "ds003507",
    "deltaTE": 34,
    "modality": "bold",
    "run_id": 3,
    "subject_id": "08",
    "task_id": "affect"
  },
  "dummy_trs": 0,
  "dvars_nstd": 21.820792112461785,
  "dvars_std": 1.0515940980135827,
  "dvars_vstd": 0.9691857354668933,
  "efc": 0.5091226727822724,
  "fber": 1059.64697265625,
  "fd_mean": 0.21046965563034903,
  "fd_num": 317,
  "fd_perc": 53.728813559322035,
  "fwhm_avg": 2.801059988876094,
  "fwhm_x": 2.58815,
  "fwhm_y": 2.945016666666667,
  "fwhm_z": 2.8700132999616135,
  "gcor": 0.0131947,
  "gsr_x": -0.0051687927916646,
  "gsr_y": 0.04552415758371353,
  "provenance": {
    "md5sum": "3f70bc2dd1fcc83b066df11e41665870",
    "settings": {
      "fd_thres": 0.2,
      "testing": false
    },
    "software": "mriqc",
    "version": "21.0.0rc2",
    "webapi_port": null,
    "webapi_url": "https://mriqc.nimh.nih.gov/api/v1"
  },
  "size_t": 590,
  "size_x": 70,
  "size_y": 70,
  "size_z": 40,
  "snr": 2.764193292246061,
  "spacing_tr": 1.0,
  "spacing_x": 3.0,
  "spacing_y": 3.0,
  "spacing_z": 3.003000020980835,
  "summary_bg_k": 46.23656979456703,
  "summary_bg_mad": 64.2419033921525,
  "summary_bg_mean": 242.01808166503906,
  "summary_bg_median": 124.14237213134766,
  "summary_bg_n": 120163.0,
  "summary_bg_p05": 72.53389739990234,
  "summary_bg_p95": 819.437255859375,
  "summary_bg_stdv": 375.36749267578125,
  "summary_fg_k": 0.35932898896874654,
  "summary_fg_mad": 1441.6446082925202,
  "summary_fg_mean": 4366.40234375,
  "summary_fg_median": 4130.33544921875,
  "summary_fg_n": 37305.0,
  "summary_fg_p05": 2333.988134765625,
  "summary_fg_p95": 7166.02646484375,
  "summary_fg_stdv": 1494.2081298828125,
  "tsnr": 48.83459942881018
}