{
  "aor": 0.0011353728813559322,
  "aqi": 0.005490368830508474,
  "bids_meta": {
    "AcquisitionDateTime": "20181029164156.575000",
    "ConversionSoftware": "dicm2nii.m 20181126",
    "DeviceSerialNumber": "67060",
    "EchoTime1": 0.035,
    "EchoTime2": 0.001,
    "EffectiveEchoSpacing": 0.000599988,
    "FlipAngle": 62,
    "ImageType": [
      "ORIGINAL",
      "PRIMARY",
      "M",
      "MB",
      "ND",
      "MOSAIC"
    ],
    "InstitutionAddress": "Medical Center Dr 5,Columbia,SC,US,29203",
    "InstitutionName": "R",
    "MRAcquisitionType": "2D",
    "Manufacturer": "SIEMENS",
    "Modality": "MR",
    "PhaseEncodingDirection": "j-",
    "RepetitionTime": 1,
    "ScanOptions": "FS",
    "ScanningSequence": "EP",
    "SequenceName": "epfid2d1_70",
    "SequenceVariant": "SK\\SS",
    "SeriesDescription": "fMRI_Run_2",
    "SeriesNumber": 20,
    "SliceThickness": 2.73,
    "SliceTiming": [
      0,
      0.685,
      0.39,
      0.0975,
      0.7825,
      0.4875,
      0.195,
      0.88,
      0.5875,
      0.2925,
      0,
      0.685,
      0.39,
      0.0975,
      0.7825,
      0.4875,
      0.195,
      0.88,
      0.5875,
      0.2925,
      0,
      0.685,
      0.39,
      0.0975,
      0.7825,
      0.4875,
      0.195,
      0.88,
      0.5875,
      0.2925,
      0,
      0.685,
      0.39,
      0.0975,
      0.7825,
      0.4875,
      0.195,
      0.88,
      0.5875,
      0.2925
    ],
    "SoftwareVersion": "syngo MR E11",
    "TaskName": "affect",
    "TotalReadoutTime": 0.041399172,
    "dataset": "ds003507",
    "deltaTE": 34,
    "modality": "bold",
    "run_id": 2,
    "subject_id": "08",
    "task_id": "affect"
  },
  "dummy_trs": 0,
  "dvars_nstd": 22.717791737079793,
  "dvars_std": 1.0767810064006793,
  "dvars_vstd": 0.9806369555687611,
  "efc": 0.5079180154482617,
  "fber": 1118.119140625,
  "fd_mean": 0.2224428987787794,
  "fd_num": 350,
  "fd_perc": 59.32203389830509,
  "fwhm_avg": 2.8056947641031798,
  "fwhm_x": 2.6146066666666665,
  "fwhm_y": 2.9334566666666664,
  "fwhm_z": 2.8690209589762055,
  "gcor": 0.0301257,
  "gsr_x": -0.004228437785059214,
  "gsr_y": 0.04715776816010475,
  "provenance": {
    "md5sum": "a9eb7876941edeb01e988fd61a223ecc",
    "settings": {
      "fd_thres": 0.2,
      "testing": false
    },
    "software": "mriqc",
    "version": "21.0.0rc2",
    "webapi_port": null,
    "webapi_url": "https://mriqc.nimh.nih.gov/api/v1"
  },
  "size_t": 590,
  "size_x": 70,
  "size_y": 70,
  "size_z": 40,
  "snr": 2.7995519733856202,
  "spacing_tr": 1.0,
  "spacing_x": 3.0,
  "spacing_y": 3.0,
  "spacing_z": 3.003000020980835,
  "summary_bg_k": 48.04278240941546,
  "summary_bg_mad": 57.24226585061392,
  "summary_bg_mean": 234.8354949951172,
  "summary_bg_median": 119.56864166259766,
  "summary_bg_n": 120456.0,
  "summary_bg_p05": 75.25423431396484,
  "summary_bg_p95": 776.8639984130859,
  "summary_bg_stdv": 368.0014953613281,
  "summary_fg_k": 0.4027979351919311,
  "summary_fg_mad": 1392.7114958131904,
  "summary_fg_mean": 4297.69921875,
  "summary_fg_median": 4070.22021484375,
  "summary_fg_n": 37179.0,
  "summary_fg_p05": 2313.019091796875,
  "summary_fg_p95": 6999.20517578125,
  "summary_fg_stdv": 1453.8631591796875,
  "tsnr": 49.88989172922447
}