{
  "aor": 0.0013116949152542372,
  "aqi": 0.010066280694915254,
  "bids_meta": {
    "AcquisitionDateTime": "20181030165219.870000",
    "ConversionSoftware": "dicm2nii.m 20181126",
    "DeviceSerialNumber": "67060",
    "EchoTime1": 0.035,
    "EchoTime2": 0.001,
    "EffectiveEchoSpacing": 0.000599988,
    "FlipAngle": 62,
    "ImageType": [
      "ORIGINAL",
      "PRIMARY",
      "M",
      "MB",
      "ND",
      "MOSAIC"
    ],
    "InstitutionAddress": "Medical Center Dr 5,Columbia,SC,US,29203",
    "InstitutionName": "USC",
    "MRAcquisitionType": "2D",
    "Manufacturer": "SIEMENS",
    "Modality": "MR",
    "PhaseEncodingDirection": "j-",
    "RepetitionTime": 1,
    "ScanOptions": "FS",
    "ScanningSequence": "EP",
    "SequenceName": "epfid2d1_70",
    "SequenceVariant": "SK\\SS",
    "SeriesDescription": "fMRI_Run_3",
    "SeriesNumber": 11,
    "SliceThickness": 2.73,
    "SliceTiming": [
      0,
      0.6875,
      0.3925,
      0.1,
      0.785,
      0.49,
      0.1975,
      0.8825,
      0.59,
      0.295,
      0,
      0.6875,
      0.3925,
      0.1,
      0.785,
      0.49,
      0.1975,
      0.8825,
      0.59,
      0.295,
      0,
      0.6875,
      0.3925,
      0.1,
      0.785,
      0.49,
      0.1975,
      0.8825,
      0.59,
      0.295,
      0,
      0.6875,
      0.3925,
      0.1,
      0.785,
      0.49,
      0.1975,
      0.8825,
      0.59,
      0.295
    ],
    "SoftwareVersion": "syngo MR E11",
    "TaskName": "affect",
    "TotalReadoutTime": 0.041399172,
    "dataset": "ds003507",
    "deltaTE": 34,
    "modality": "bold",
    "run_id": 3,
    "subject_id": "10",
    "task_id": "affect"
  },
  "dummy_trs": 0,
  "dvars_nstd": 29.46112208531411,
  "dvars_std": 1.0961500798471977,
  "dvars_vstd": 0.9521001293378606,
  "efc": 0.5133485220124475,
  "fber": 838.1619262695312,
  "fd_mean": 0.2694655716576253,
  "fd_num": 382,
  "fd_perc": 64.7457627118644,
  "fwhm_avg": 2.580444416220244,
  "fwhm_x": 2.3235733333333335,
  "fwhm_y": 2.831026666666667,
  "fwhm_z": 2.5867332486607317,
  "gcor": 0.0166649,
  "gsr_x": 0.05059687793254852,
  "gsr_y": 0.02545432560145855,
  "provenance": {
    "md5sum": "529d6c7dd0d61811a3f0b7d7d731edff",
    "settings": {
      "fd_thres": 0.2,
      "testing": false
    },
    "software": "mriqc",
    "version": "21.0.0rc2",
    "webapi_port": null,
    "webapi_url": "https://mriqc.nimh.nih.gov/api/v1"
  },
  "size_t": 590,
  "size_x": 70,
  "size_y": 70,
  "size_z": 40,
  "snr": 3.0842333778596234,
  "spacing_tr": 1.0,
  "spacing_x": 3.0,
  "spacing_y": 3.0,
  "spacing_z": 3.003000020980835,
  "summary_bg_k": 53.056421106610244,
  "summary_bg_mad": 71.83835076533164,
  "summary_bg_mean": 257.06658935546875,
  "summary_bg_median": 130.31524658203125,
  "summary_bg_n": 122715.0,
  "summary_bg_p05": 73.86949157714844,
  "summary_bg_p95": 823.2616882324211,
  "summary_bg_stdv": 420.1942138671875,
  "summary_fg_k": 0.5327857743281941,
  "summary_fg_mad": 1150.7534198897883,
  "summary_fg_mean": 4059.426025390625,
  "summary_fg_median": 3845.61181640625,
  "summary_fg_n": 33533.0,
  "summary_fg_p05": 2399.29052734375,
  "summary_fg_p95": 6414.233789062499,
  "summary_fg_stdv": 1246.8428955078125,
  "tsnr": 38.869592528790236
}