{
  "aor": 0.003802122241086587,
  "aqi": 0.021447857045840405,
  "bids_meta": {
    "AcquisitionDateTime": "20181030164127.837500",
    "ConversionSoftware": "dicm2nii.m 20181126",
    "DeviceSerialNumber": "67060",
    "EchoTime1": 0.035,
    "EchoTime2": 0.001,
    "EffectiveEchoSpacing": 0.000599988,
    "FlipAngle": 62,
    "ImageType": [
      "ORIGINAL",
      "PRIMARY",
      "M",
      "MB",
      "ND",
      "MOSAIC"
    ],
    "InstitutionAddress": "Medical Center Dr 5,Columbia,SC,US,29203",
    "InstitutionName": "USC",
    "MRAcquisitionType": "2D",
    "Manufacturer": "SIEMENS",
    "Modality": "MR",
    "PhaseEncodingDirection": "j-",
    "RepetitionTime": 1,
    "ScanOptions": "FS",
    "ScanningSequence": "EP",
    "SequenceName": "epfid2d1_70",
    "SequenceVariant": "SK\\SS",
    "SeriesDescription": "fMRI_Run_2",
    "SeriesNumber": 9,
    "SliceThickness": 2.73,
    "SliceTiming": [
      0,
      0.6875,
      0.3925,
      0.1,
      0.785,
      0.49,
      0.1975,
      0.8825,
      0.59,
      0.295,
      0,
      0.6875,
      0.3925,
      0.1,
      0.785,
      0.49,
      0.1975,
      0.8825,
      0.59,
      0.295,
      0,
      0.6875,
      0.3925,
      0.1,
      0.785,
      0.49,
      0.1975,
      0.8825,
      0.59,
      0.295,
      0,
      0.6875,
      0.3925,
      0.1,
      0.785,
      0.49,
      0.1975,
      0.8825,
      0.59,
      0.295
    ],
    "SoftwareVersion": "syngo MR E11",
    "TaskName": "affect",
    "TotalReadoutTime": 0.041399172,
    "dataset": "ds003507",
    "deltaTE": 34,
    "modality": "bold",
    "run_id": 2,
    "subject_id": "10",
    "task_id": "affect"
  },
  "dummy_trs": 1,
  "dvars_nstd": 34.19224498379251,
  "dvars_std": 0.9749717745918374,
  "dvars_vstd": 0.8923527967006797,
  "efc": 0.5135554225883715,
  "fber": 851.2833251953125,
  "fd_mean": 0.3258800503290091,
  "fd_num": 427,
  "fd_perc": 72.49575551782682,
  "fwhm_avg": 2.61662252914307,
  "fwhm_x": 2.3436533333333336,
  "fwhm_y": 2.8871533333333335,
  "fwhm_z": 2.6190609207625424,
  "gcor": 0.0347781,
  "gsr_x": 0.05001639574766159,
  "gsr_y": 0.024824080988764763,
  "provenance": {
    "md5sum": "d810b223693b9bdcce93a40b0ffc75cb",
    "settings": {
      "fd_thres": 0.2,
      "testing": false
    },
    "software": "mriqc",
    "version": "21.0.0rc2",
    "webapi_port": null,
    "webapi_url": "https://mriqc.nimh.nih.gov/api/v1"
  },
  "size_t": 589,
  "size_x": 70,
  "size_y": 70,
  "size_z": 40,
  "snr": 3.1178907419170816,
  "spacing_tr": 1.0,
  "spacing_x": 3.0,
  "spacing_y": 3.0,
  "spacing_z": 3.003000020980835,
  "summary_bg_k": 54.423045323429434,
  "summary_bg_mad": 70.8804710986621,
  "summary_bg_mean": 254.11053466796875,
  "summary_bg_median": 130.2852325439453,
  "summary_bg_n": 122373.0,
  "summary_bg_p05": 74.4186767578125,
  "summary_bg_p95": 791.416320800781,
  "summary_bg_stdv": 406.61834716796875,
  "summary_fg_k": 0.5593399326861492,
  "summary_fg_mad": 1157.7259214852652,
  "summary_fg_mean": 4092.28271484375,
  "summary_fg_median": 3881.937255859375,
  "summary_fg_n": 33771.0,
  "summary_fg_p05": 2433.8880615234375,
  "summary_fg_p95": 6456.25048828125,
  "summary_fg_stdv": 1245.033935546875,
  "tsnr": 26.227372695691884
}