{
  "bids_meta": {
    "AcquisitionDateTime": "20181018150811.807500",
    "ConversionSoftware": "dicm2nii.m 20181126",
    "DeviceSerialNumber": "67060",
    "EchoTime": 0.00411,
    "FlipAngle": 9,
    "ImageType": [
      "ORIGINAL",
      "PRIMARY",
      "M",
      "ND",
      "NORM"
    ],
    "InstitutionAddress": "Medical Center Dr 5,Columbia,SC,US,29203",
    "InstitutionName": "Palmetto Health Richland",
    "InversionTime": 0.925,
    "MRAcquisitionType": "3D",
    "Manufacturer": "SIEMENS",
    "Modality": "MR",
    "PhaseEncodingDirection": "j-",
    "RepetitionTime": 2.25,
    "ScanOptions": "IR",
    "ScanningSequence": "GR\\IR",
    "SequenceName": "*tfl3d1_16ns",
    "SequenceVariant": "SK\\SP\\MP",
    "SeriesDescription": "T1_32_Channel_mprage_ns_sag_p2_iso 1.0mm_192",
    "SeriesNumber": 12,
    "SliceThickness": 1,
    "SoftwareVersion": "syngo MR E11",
    "dataset": "ds003507",
    "modality": "T1w",
    "subject_id": "06"
  },
  "cjv": 0.46331319328300063,
  "cnr": 2.4447269970179675,
  "efc": 0.5938650248483144,
  "fber": 501.586275427598,
  "fwhm_avg": 4.281616498779873,
  "fwhm_x": 4.22500949633962,
  "fwhm_y": 4.48292,
  "fwhm_z": 4.13692,
  "icvs_csf": 0.1876214681765148,
  "icvs_gm": 0.4226479747057008,
  "icvs_wm": 0.38973055711778437,
  "inu_med": 1.0922539234161377,
  "inu_range": 0.47790399193763733,
  "provenance": {
    "md5sum": "6b89b032832f5e7bb58c28a012096ae5",
    "settings": {
      "testing": false
    },
    "software": "mriqc",
    "version": "21.0.0rc2",
    "warnings": {
      "large_rot_frame": true,
      "small_air_mask": false
    },
    "webapi_port": null,
    "webapi_url": "https://mriqc.nimh.nih.gov/api/v1"
  },
  "qi_1": 0.0002961924873576566,
  "qi_2": 0.024036174248451444,
  "rpve_csf": 26.102869933413867,
  "rpve_gm": 12.305211753559021,
  "rpve_wm": 15.715829099859619,
  "size_x": 192,
  "size_y": 256,
  "size_z": 256,
  "snr_csf": 3.717679892438981,
  "snr_gm": 11.76480087084093,
  "snr_total": 11.027000552317993,
  "snr_wm": 17.59852089367407,
  "snrd_csf": 12.060944761653843,
  "snrd_gm": 22.936170752723765,
  "snrd_total": 21.615432246359067,
  "snrd_wm": 29.84918122469959,
  "spacing_x": 1.0000001192092896,
  "spacing_y": 1.0,
  "spacing_z": 1.0,
  "summary_bg_k": 10.017052665422634,
  "summary_bg_mad": 21.948219608033465,
  "summary_bg_mean": 39.46894356421474,
  "summary_bg_median": 29.60769832134247,
  "summary_bg_n": 2992451.0,
  "summary_bg_p05": 0.0,
  "summary_bg_p95": 116.70367754995823,
  "summary_bg_stdv": 38.46935363545052,
  "summary_csf_k": 1.0635883203811334,
  "summary_csf_mad": 106.32693054558435,
  "summary_csf_mean": 413.0465715610599,
  "summary_csf_median": 404.0628384798765,
  "summary_csf_n": 23391.0,
  "summary_csf_p05": 254.21498753130436,
  "summary_csf_p95": 596.1839031428099,
  "summary_csf_stdv": 108.68450564181555,
  "summary_gm_k": 0.24694982111468722,
  "summary_gm_mad": 63.04016409640723,
  "summary_gm_mean": 769.9509679053778,
  "summary_gm_median": 768.4020150452852,
  "summary_gm_n": 33395.0,
  "summary_gm_p05": 666.0087250173092,
  "summary_gm_p95": 880.7467814534903,
  "summary_gm_stdv": 65.31266603221219,
  "summary_wm_k": 3.9797446365093023,
  "summary_wm_mad": 44.26224287620082,
  "summary_wm_mean": 1006.7400132853431,
  "summary_wm_median": 1000.0000108033419,
  "summary_wm_n": 246612.0,
  "summary_wm_p05": 931.7378174513578,
  "summary_wm_p95": 1107.0811863988638,
  "summary_wm_stdv": 56.822842633573956,
  "tpm_overlap_csf": 0.15173807740211487,
  "tpm_overlap_gm": 0.4351115822792053,
  "tpm_overlap_wm": 0.4782840609550476,
  "wm2max": 0.4291682721356637
}