{
  "bids_meta": {
    "AcquisitionDateTime": "20181004165606.462500",
    "ConversionSoftware": "dicm2nii.m 20181126",
    "DeviceSerialNumber": "67060",
    "EchoTime": 0.00411,
    "FlipAngle": 9,
    "ImageType": [
      "ORIGINAL",
      "PRIMARY",
      "M",
      "ND",
      "NORM"
    ],
    "InstitutionAddress": "Medical Center Dr 5,Columbia,SC,US,29203",
    "InstitutionName": "R",
    "InversionTime": 0.925,
    "MRAcquisitionType": "3D",
    "Manufacturer": "SIEMENS",
    "Modality": "MR",
    "PhaseEncodingDirection": "j-",
    "RepetitionTime": 2.25,
    "ScanOptions": "IR",
    "ScanningSequence": "GR\\IR",
    "SequenceName": "*tfl3d1_16ns",
    "SequenceVariant": "SK\\SP\\MP",
    "SeriesDescription": "T1_32_Channel_mprage_ns_sag_p2_iso 1.0mm_192",
    "SeriesNumber": 12,
    "SliceThickness": 1,
    "SoftwareVersion": "syngo MR E11",
    "dataset": "ds003507",
    "modality": "T1w",
    "subject_id": "05"
  },
  "cjv": 0.614694912737305,
  "cnr": 2.0516636001327972,
  "efc": 0.5783735393043326,
  "fber": 1051.204226959113,
  "fwhm_avg": 3.466970067537232,
  "fwhm_x": 3.37457,
  "fwhm_y": 3.62708,
  "fwhm_z": 3.3992602026116967,
  "icvs_csf": 0.17540470602451236,
  "icvs_gm": 0.4469316912845129,
  "icvs_wm": 0.37766360269097476,
  "inu_med": 1.0610864162445068,
  "inu_range": 0.41399359703063965,
  "provenance": {
    "md5sum": "72fdeeab45a12efaf85c007ede65ff92",
    "settings": {
      "testing": false
    },
    "software": "mriqc",
    "version": "21.0.0rc2",
    "warnings": {
      "large_rot_frame": true,
      "small_air_mask": false
    },
    "webapi_port": null,
    "webapi_url": "https://mriqc.nimh.nih.gov/api/v1"
  },
  "qi_1": 8.85207176416732e-06,
  "qi_2": 0.00437388934379889,
  "rpve_csf": 41.333150806033956,
  "rpve_gm": 16.76091254199464,
  "rpve_wm": 21.116343996198637,
  "size_x": 192,
  "size_y": 256,
  "size_z": 256,
  "snr_csf": 2.6937504286999774,
  "snr_gm": 11.703052634075503,
  "snr_total": 8.09293704839137,
  "snr_wm": 9.882008082398627,
  "snrd_csf": 16.19953571182381,
  "snrd_gm": 36.460993824549064,
  "snrd_total": 33.715277799021074,
  "snrd_wm": 48.48530386069036,
  "spacing_x": 1.0,
  "spacing_y": 1.0,
  "spacing_z": 0.9999999403953552,
  "summary_bg_k": 6.73286724064765,
  "summary_bg_mad": 13.512849936984479,
  "summary_bg_mean": 22.670517615312363,
  "summary_bg_median": 18.17013269290328,
  "summary_bg_n": 2173168.0,
  "summary_bg_p05": 4.498714525252581,
  "summary_bg_p95": 49.661134369671345,
  "summary_bg_stdv": 15.56912899131805,
  "summary_csf_k": 30.370878750005787,
  "summary_csf_mad": 69.03680384472199,
  "summary_csf_mean": 364.45890462083895,
  "summary_csf_median": 334.13179701194167,
  "summary_csf_n": 17566.0,
  "summary_csf_p05": 251.0078218067065,
  "summary_csf_p95": 560.8202691935003,
  "summary_csf_stdv": 124.03609575820518,
  "summary_gm_k": -0.02291881425437836,
  "summary_gm_mad": 64.87900386411138,
  "summary_gm_mean": 751.9909194687103,
  "summary_gm_median": 752.0448489487171,
  "summary_gm_n": 23173.0,
  "summary_gm_p05": 646.5645995475352,
  "summary_gm_p95": 856.3566010706126,
  "summary_gm_stdv": 64.25918480758493,
  "summary_wm_k": 1.2453005650329114,
  "summary_wm_mad": 87.57366209161096,
  "summary_wm_mean": 1020.7708516551522,
  "summary_wm_median": 1000.0583964772522,
  "summary_wm_n": 109568.0,
  "summary_wm_p05": 893.9588435180485,
  "summary_wm_p95": 1223.3582265488803,
  "summary_wm_stdv": 101.19945505867733,
  "tpm_overlap_csf": 0.18046367168426514,
  "tpm_overlap_gm": 0.44322720170021057,
  "tpm_overlap_wm": 0.4362942576408386,
  "wm2max": 0.43164796368679864
}