{
  "aor": 0.006145305084745763,
  "aqi": 0.006074329033898305,
  "bids_meta": {
    "AcquisitionDateTime": "20181106132259.915000",
    "ConversionSoftware": "dicm2nii.m 20181126",
    "DeviceSerialNumber": "67060",
    "EchoTime1": 0.035,
    "EchoTime2": 0.001,
    "EffectiveEchoSpacing": 0.000599988,
    "FlipAngle": 62,
    "ImageType": [
      "ORIGINAL",
      "PRIMARY",
      "M",
      "MB",
      "ND",
      "MOSAIC"
    ],
    "InstitutionAddress": "Medical Center Dr 5,Columbia,SC,US,29203",
    "InstitutionName": "R",
    "MRAcquisitionType": "2D",
    "Manufacturer": "SIEMENS",
    "Modality": "MR",
    "PhaseEncodingDirection": "j-",
    "RepetitionTime": 1,
    "ScanOptions": "FS",
    "ScanningSequence": "EP",
    "SequenceName": "epfid2d1_70",
    "SequenceVariant": "SK\\SS",
    "SeriesDescription": "fMRI_Run_3",
    "SeriesNumber": 11,
    "SliceThickness": 2.73,
    "SliceTiming": [
      0,
      0.6875,
      0.3925,
      0.1,
      0.785,
      0.49,
      0.1975,
      0.8825,
      0.59,
      0.295,
      0,
      0.6875,
      0.3925,
      0.1,
      0.785,
      0.49,
      0.1975,
      0.8825,
      0.59,
      0.295,
      0,
      0.6875,
      0.3925,
      0.1,
      0.785,
      0.49,
      0.1975,
      0.8825,
      0.59,
      0.295,
      0,
      0.6875,
      0.3925,
      0.1,
      0.785,
      0.49,
      0.1975,
      0.8825,
      0.59,
      0.295
    ],
    "SoftwareVersion": "syngo MR E11",
    "TaskName": "affect",
    "TotalReadoutTime": 0.041399172,
    "dataset": "ds003507",
    "deltaTE": 34,
    "modality": "bold",
    "run_id": 3,
    "subject_id": "12",
    "task_id": "affect"
  },
  "dummy_trs": 0,
  "dvars_nstd": 26.791626013955845,
  "dvars_std": 1.1599933758234307,
  "dvars_vstd": 1.1380472287775896,
  "efc": 0.5323061266853172,
  "fber": 852.4966430664062,
  "fd_mean": 0.16486842219497522,
  "fd_num": 192,
  "fd_perc": 32.54237288135593,
  "fwhm_avg": 2.6481708483800492,
  "fwhm_x": 2.46979,
  "fwhm_y": 2.76062,
  "fwhm_z": 2.7141025451401473,
  "gcor": 0.042909,
  "gsr_x": -0.002485874807462096,
  "gsr_y": 0.05546087026596069,
  "provenance": {
    "md5sum": "d0de27bef2da26cb8cb7d35541831516",
    "settings": {
      "fd_thres": 0.2,
      "testing": false
    },
    "software": "mriqc",
    "version": "21.0.0rc2",
    "webapi_port": null,
    "webapi_url": "https://mriqc.nimh.nih.gov/api/v1"
  },
  "size_t": 590,
  "size_x": 70,
  "size_y": 70,
  "size_z": 40,
  "snr": 3.0471478122762345,
  "spacing_tr": 1.0,
  "spacing_x": 3.0,
  "spacing_y": 3.0,
  "spacing_z": 3.003000020980835,
  "summary_bg_k": 65.94699900650457,
  "summary_bg_mad": 59.15078591530795,
  "summary_bg_mean": 247.08819580078125,
  "summary_bg_median": 129.29490661621094,
  "summary_bg_n": 115775.0,
  "summary_bg_p05": 82.33219909667969,
  "summary_bg_p95": 768.8489501953117,
  "summary_bg_stdv": 376.2304382324219,
  "summary_fg_k": 0.4633692404164216,
  "summary_fg_mad": 1220.4683008684542,
  "summary_fg_mean": 4138.5791015625,
  "summary_fg_median": 3925.998291015625,
  "summary_fg_n": 38685.0,
  "summary_fg_p05": 2413.582666015625,
  "summary_fg_p95": 6559.825976562494,
  "summary_fg_stdv": 1288.4007568359375,
  "tsnr": 40.78453105292283
}