{
  "aor": 0.0014600169779286926,
  "aqi": 0.008550970118845501,
  "bids_meta": {
    "AcquisitionDateTime": "20181030162920.765000",
    "ConversionSoftware": "dicm2nii.m 20181126",
    "DeviceSerialNumber": "67060",
    "EchoTime1": 0.035,
    "EchoTime2": 0.001,
    "EffectiveEchoSpacing": 0.000599988,
    "FlipAngle": 62,
    "ImageType": [
      "ORIGINAL",
      "PRIMARY",
      "M",
      "MB",
      "ND",
      "MOSAIC"
    ],
    "InstitutionAddress": "Medical Center Dr 5,Columbia,SC,US,29203",
    "InstitutionName": "USC",
    "MRAcquisitionType": "2D",
    "Manufacturer": "SIEMENS",
    "Modality": "MR",
    "PhaseEncodingDirection": "j-",
    "RepetitionTime": 1,
    "ScanOptions": "FS",
    "ScanningSequence": "EP",
    "SequenceName": "epfid2d1_70",
    "SequenceVariant": "SK\\SS",
    "SeriesDescription": "fMRI_Run_1",
    "SeriesNumber": 3,
    "SliceThickness": 2.73,
    "SliceTiming": [
      0,
      0.6875,
      0.3925,
      0.1,
      0.785,
      0.49,
      0.1975,
      0.8825,
      0.59,
      0.295,
      0,
      0.6875,
      0.3925,
      0.1,
      0.785,
      0.49,
      0.1975,
      0.8825,
      0.59,
      0.295,
      0,
      0.6875,
      0.3925,
      0.1,
      0.785,
      0.49,
      0.1975,
      0.8825,
      0.59,
      0.295,
      0,
      0.6875,
      0.3925,
      0.1,
      0.785,
      0.49,
      0.1975,
      0.8825,
      0.59,
      0.295
    ],
    "SoftwareVersion": "syngo MR E11",
    "TaskName": "affect",
    "TotalReadoutTime": 0.041399172,
    "dataset": "ds003507",
    "deltaTE": 34,
    "modality": "bold",
    "run_id": 1,
    "subject_id": "10",
    "task_id": "affect"
  },
  "dummy_trs": 1,
  "dvars_nstd": 29.61433271146259,
  "dvars_std": 1.1103174440646273,
  "dvars_vstd": 0.9600379296938782,
  "efc": 0.5111371024053436,
  "fber": 863.5377197265625,
  "fd_mean": 0.2781725498643539,
  "fd_num": 396,
  "fd_perc": 67.23259762308999,
  "fwhm_avg": 2.5959748158777756,
  "fwhm_x": 2.40761,
  "fwhm_y": 2.8181133333333332,
  "fwhm_z": 2.562201114299994,
  "gcor": 0.0376438,
  "gsr_x": 0.05833103880286217,
  "gsr_y": 0.018544945865869522,
  "provenance": {
    "md5sum": "99a8991add7983b93d776b4ab7346b34",
    "settings": {
      "fd_thres": 0.2,
      "testing": false
    },
    "software": "mriqc",
    "version": "21.0.0rc2",
    "webapi_port": null,
    "webapi_url": "https://mriqc.nimh.nih.gov/api/v1"
  },
  "size_t": 589,
  "size_x": 70,
  "size_y": 70,
  "size_z": 40,
  "snr": 3.1164936363251976,
  "spacing_tr": 1.0,
  "spacing_x": 3.0,
  "spacing_y": 3.0,
  "spacing_z": 3.003000020980835,
  "summary_bg_k": 50.04555328286904,
  "summary_bg_mad": 71.54500202620562,
  "summary_bg_mean": 270.6523742675781,
  "summary_bg_median": 130.8336181640625,
  "summary_bg_n": 123721.0,
  "summary_bg_p05": 75.34465026855469,
  "summary_bg_p95": 839.63330078125,
  "summary_bg_stdv": 482.4418640136719,
  "summary_fg_k": 0.5890160245030551,
  "summary_fg_mad": 1152.5686665025337,
  "summary_fg_mean": 4087.572265625,
  "summary_fg_median": 3874.17333984375,
  "summary_fg_n": 33241.0,
  "summary_fg_p05": 2431.628173828125,
  "summary_fg_p95": 6442.404296875,
  "summary_fg_stdv": 1243.1005859375,
  "tsnr": 40.403719088062644
}