{
  "bids_meta": {
    "AcquisitionDateTime": "20181109140005.967500",
    "ConversionSoftware": "dicm2nii.m 20181126",
    "DeviceSerialNumber": "67060",
    "EchoTime": 0.00411,
    "FlipAngle": 9,
    "ImageType": [
      "ORIGINAL",
      "PRIMARY",
      "M",
      "ND",
      "NORM"
    ],
    "InstitutionAddress": "Medical Center Dr 5,Columbia,SC,US,29203",
    "InstitutionName": "USC",
    "InversionTime": 0.925,
    "MRAcquisitionType": "3D",
    "Manufacturer": "SIEMENS",
    "Modality": "MR",
    "PhaseEncodingDirection": "j-",
    "RepetitionTime": 2.25,
    "ScanOptions": "IR",
    "ScanningSequence": "GR\\IR",
    "SequenceName": "*tfl3d1_16ns",
    "SequenceVariant": "SK\\SP\\MP",
    "SeriesDescription": "T1_32_Channel_mprage_ns_sag_p2_iso 1.0mm_192",
    "SeriesNumber": 13,
    "SliceThickness": 1,
    "SoftwareVersion": "syngo MR E11",
    "dataset": "ds003507",
    "modality": "T1w",
    "subject_id": "15"
  },
  "cjv": 0.40502792478567884,
  "cnr": 2.9862086358425115,
  "efc": 0.5999786825882701,
  "fber": 454.57118695365773,
  "fwhm_avg": 3.943926822111815,
  "fwhm_x": 4.00797,
  "fwhm_y": 4.051620241495385,
  "fwhm_z": 3.7721902248400587,
  "icvs_csf": 0.21696659517234426,
  "icvs_gm": 0.4217908637026532,
  "icvs_wm": 0.36124254112500254,
  "inu_med": 1.0141593217849731,
  "inu_range": 0.4449406147003173,
  "provenance": {
    "md5sum": "09e089ef9f36016f93d6f1dc0b5f08c2",
    "settings": {
      "testing": false
    },
    "software": "mriqc",
    "version": "21.0.0rc2",
    "warnings": {
      "large_rot_frame": true,
      "small_air_mask": false
    },
    "webapi_port": null,
    "webapi_url": "https://mriqc.nimh.nih.gov/api/v1"
  },
  "qi_1": 2.2295088232811683e-06,
  "qi_2": 0.014413177529391915,
  "rpve_csf": 24.363641682528787,
  "rpve_gm": 12.835886540529296,
  "rpve_wm": 17.42985135438716,
  "size_x": 192,
  "size_y": 256,
  "size_z": 256,
  "snr_csf": 3.447176906877367,
  "snr_gm": 11.082242965550149,
  "snr_total": 11.128419865698783,
  "snr_wm": 18.855839724668837,
  "snrd_csf": 9.984313258081453,
  "snrd_gm": 21.357667296232126,
  "snrd_total": 20.14637401643127,
  "snrd_wm": 29.09714149498023,
  "spacing_x": 1.0,
  "spacing_y": 0.9999999403953552,
  "spacing_z": 0.9999999403953552,
  "summary_bg_k": 15.531948889391774,
  "summary_bg_mad": 22.516932646835293,
  "summary_bg_mean": 32.258759533751004,
  "summary_bg_median": 30.31079852581024,
  "summary_bg_n": 2908885.0,
  "summary_bg_p05": 0.0,
  "summary_bg_p95": 75.93720138072968,
  "summary_bg_stdv": 27.104343053616056,
  "summary_csf_k": 2.9215209099073123,
  "summary_csf_mad": 77.52665417644558,
  "summary_csf_mean": 362.8234687753619,
  "summary_csf_median": 343.1592518091202,
  "summary_csf_n": 38327.0,
  "summary_csf_p05": 240.11535322666168,
  "summary_csf_p95": 547.0041780471802,
  "summary_csf_stdv": 99.54660997102462,
  "summary_gm_k": 0.06801954686406608,
  "summary_gm_mad": 64.70055330166598,
  "summary_gm_mean": 731.6328377360967,
  "summary_gm_median": 734.0596133470535,
  "summary_gm_n": 26512.0,
  "summary_gm_p05": 618.1993094682693,
  "summary_gm_p95": 838.2569884061813,
  "summary_gm_stdv": 66.23620972630651,
  "summary_wm_k": 5.89728809293938,
  "summary_wm_mad": 43.038694046482654,
  "summary_wm_mean": 1003.5459030174164,
  "summary_wm_median": 1000.0641052722931,
  "summary_wm_n": 218091.0,
  "summary_wm_p05": 927.9718254804611,
  "summary_wm_p95": 1085.805856704712,
  "summary_wm_stdv": 53.0372461319428,
  "tpm_overlap_csf": 0.16799625754356384,
  "tpm_overlap_gm": 0.4405539631843567,
  "tpm_overlap_wm": 0.4864720404148102,
  "wm2max": 0.4514508847776235
}