{
  "bids_meta": {
    "AcquisitionDateTime": "20181030170252.425000",
    "ConversionSoftware": "dicm2nii.m 20181126",
    "DeviceSerialNumber": "67060",
    "EchoTime": 0.00411,
    "FlipAngle": 9,
    "ImageType": [
      "ORIGINAL",
      "PRIMARY",
      "M",
      "ND",
      "NORM"
    ],
    "InstitutionAddress": "Medical Center Dr 5,Columbia,SC,US,29203",
    "InstitutionName": "USC",
    "InversionTime": 0.925,
    "MRAcquisitionType": "3D",
    "Manufacturer": "SIEMENS",
    "Modality": "MR",
    "PhaseEncodingDirection": "j-",
    "RepetitionTime": 2.25,
    "ScanOptions": "IR",
    "ScanningSequence": "GR\\IR",
    "SequenceName": "*tfl3d1_16ns",
    "SequenceVariant": "SK\\SP\\MP",
    "SeriesDescription": "T1_32_Channel_mprage_ns_sag_p2_iso 1.0mm_192",
    "SeriesNumber": 12,
    "SliceThickness": 1,
    "SoftwareVersion": "syngo MR E11",
    "dataset": "ds003507",
    "modality": "T1w",
    "subject_id": "10"
  },
  "cjv": 0.3865691304294118,
  "cnr": 3.3084077049921645,
  "efc": 0.5652176639275677,
  "fber": 501.36574984606744,
  "fwhm_avg": 4.175706493147632,
  "fwhm_x": 4.3667494794428965,
  "fwhm_y": 4.22788,
  "fwhm_z": 3.93249,
  "icvs_csf": 0.1999377997536983,
  "icvs_gm": 0.4366961712708673,
  "icvs_wm": 0.3633660289754344,
  "inu_med": 1.3684437274932861,
  "inu_range": 0.5339196801185608,
  "provenance": {
    "md5sum": "caa41be47391b42eaac7a23b8a2f3b0c",
    "settings": {
      "testing": false
    },
    "software": "mriqc",
    "version": "21.0.0rc2",
    "warnings": {
      "large_rot_frame": true,
      "small_air_mask": false
    },
    "webapi_port": null,
    "webapi_url": "https://mriqc.nimh.nih.gov/api/v1"
  },
  "qi_1": 0.0,
  "qi_2": 0.018915863595568263,
  "rpve_csf": 33.38393776852667,
  "rpve_gm": 16.445196726142882,
  "rpve_wm": 23.12888102053677,
  "size_x": 192,
  "size_y": 256,
  "size_z": 256,
  "snr_csf": 3.250459309631109,
  "snr_gm": 10.91637991462359,
  "snr_total": 12.082487487226045,
  "snr_wm": 22.080623237423435,
  "snrd_csf": 11.625415859926756,
  "snrd_gm": 24.21257657578932,
  "snrd_total": 23.093429033221373,
  "snrd_wm": 33.44229466394805,
  "spacing_x": 1.0000001192092896,
  "spacing_y": 1.0,
  "spacing_z": 1.0,
  "summary_bg_k": 6.55012964192775,
  "summary_bg_mad": 19.590054402088004,
  "summary_bg_mean": 29.081699435775995,
  "summary_bg_median": 26.49135283380747,
  "summary_bg_n": 3073787.0,
  "summary_bg_p05": 0.0,
  "summary_bg_p95": 66.26076760143042,
  "summary_bg_stdv": 22.569660519310062,
  "summary_csf_k": 1.2262375608662968,
  "summary_csf_mad": 94.20511455121732,
  "summary_csf_mean": 363.1240271571649,
  "summary_csf_median": 347.6261385306716,
  "summary_csf_n": 18786.0,
  "summary_csf_p05": 216.1409398689866,
  "summary_csf_p95": 560.6256832592189,
  "summary_csf_stdv": 106.9439279278293,
  "summary_gm_k": 0.0045134575749745665,
  "summary_gm_mad": 65.49224069717657,
  "summary_gm_mean": 721.4820735583564,
  "summary_gm_median": 724.0106160789728,
  "summary_gm_n": 20069.0,
  "summary_gm_p05": 606.3864186555147,
  "summary_gm_p95": 827.3204150274396,
  "summary_gm_stdv": 66.3216728881176,
  "summary_wm_k": 1.1964912409880109,
  "summary_wm_mad": 41.19673205144977,
  "summary_wm_mean": 998.8589370184909,
  "summary_wm_median": 999.9999912008643,
  "summary_wm_n": 177752.0,
  "summary_wm_p05": 923.1167740523815,
  "summary_wm_p95": 1068.9163711890578,
  "summary_wm_stdv": 45.28844895076203,
  "tpm_overlap_csf": 0.15310434997081757,
  "tpm_overlap_gm": 0.43661272525787354,
  "tpm_overlap_wm": 0.49315500259399414,
  "wm2max": 0.513853227056664
}