{
  "aor": 0.0005454761904761904,
  "aqi": 0.0015867559982993198,
  "bids_meta": {
    "AcquisitionDateTime": "20181212153017.895000",
    "ConversionSoftware": "dicm2nii.m 20181126",
    "DeviceSerialNumber": "67060",
    "EchoTime1": 0.035,
    "EchoTime2": 0.001,
    "EffectiveEchoSpacing": 0.000599988,
    "FlipAngle": 62,
    "ImageType": [
      "ORIGINAL",
      "PRIMARY",
      "M",
      "MB",
      "ND",
      "MOSAIC"
    ],
    "InstitutionAddress": "Medical Center Dr 5,Columbia,SC,US,29203",
    "InstitutionName": "Palmetto Health Richland",
    "MRAcquisitionType": "2D",
    "Manufacturer": "SIEMENS",
    "Modality": "MR",
    "PhaseEncodingDirection": "j-",
    "RepetitionTime": 1,
    "ScanOptions": "FS",
    "ScanningSequence": "EP",
    "SequenceName": "epfid2d1_70",
    "SequenceVariant": "SK\\SS",
    "SeriesDescription": "fMRI_Run_2",
    "SeriesNumber": 9,
    "SliceThickness": 2.73,
    "SliceTiming": [
      0,
      0.685,
      0.3925,
      0.0975,
      0.7825,
      0.49,
      0.195,
      0.8825,
      0.5875,
      0.2925,
      0,
      0.685,
      0.3925,
      0.0975,
      0.7825,
      0.49,
      0.195,
      0.8825,
      0.5875,
      0.2925,
      0,
      0.685,
      0.3925,
      0.0975,
      0.7825,
      0.49,
      0.195,
      0.8825,
      0.5875,
      0.2925,
      0,
      0.685,
      0.3925,
      0.0975,
      0.7825,
      0.49,
      0.195,
      0.8825,
      0.5875,
      0.2925
    ],
    "SoftwareVersion": "syngo MR E11",
    "TaskName": "affect",
    "TotalReadoutTime": 0.041399172,
    "dataset": "ds003507",
    "deltaTE": 34,
    "modality": "bold",
    "run_id": 2,
    "subject_id": "21",
    "task_id": "affect"
  },
  "dummy_trs": 2,
  "dvars_nstd": 19.075558292010186,
  "dvars_std": 1.0845384295911413,
  "dvars_vstd": 0.9948186427427596,
  "efc": 0.4997736358442326,
  "fber": 1143.470947265625,
  "fd_mean": 0.13486557276297867,
  "fd_num": 65,
  "fd_perc": 11.054421768707483,
  "fwhm_avg": 3.041748320066994,
  "fwhm_x": 2.8367066666666667,
  "fwhm_y": 3.2135200000000004,
  "fwhm_z": 3.075018293534315,
  "gcor": 0.014568,
  "gsr_x": -0.015091966837644577,
  "gsr_y": 0.06339604407548904,
  "provenance": {
    "md5sum": "c964e6055ca25b66050c24b17555eaf3",
    "settings": {
      "fd_thres": 0.2,
      "testing": false
    },
    "software": "mriqc",
    "version": "21.0.0rc2",
    "webapi_port": null,
    "webapi_url": "https://mriqc.nimh.nih.gov/api/v1"
  },
  "size_t": 588,
  "size_x": 70,
  "size_y": 70,
  "size_z": 40,
  "snr": 2.467186235837899,
  "spacing_tr": 1.0,
  "spacing_x": 3.0,
  "spacing_y": 3.0,
  "spacing_z": 3.003000020980835,
  "summary_bg_k": 31.00814482457146,
  "summary_bg_mad": 60.71986911572872,
  "summary_bg_mean": 279.26531982421875,
  "summary_bg_median": 123.12754821777344,
  "summary_bg_n": 122356.0,
  "summary_bg_p05": 78.1955795288086,
  "summary_bg_p95": 1041.2398071289062,
  "summary_bg_stdv": 435.42962646484375,
  "summary_fg_k": 1.135633502149732,
  "summary_fg_mad": 1582.9703347079899,
  "summary_fg_mean": 4680.90771484375,
  "summary_fg_median": 4313.57470703125,
  "summary_fg_n": 34685.0,
  "summary_fg_p05": 2512.944873046875,
  "summary_fg_p95": 8076.040429687499,
  "summary_fg_stdv": 1748.35302734375,
  "tsnr": 76.22233416256495
}