{
  "aor": 0.0002760611205432937,
  "aqi": 0.0070968398981324276,
  "bids_meta": {
    "AcquisitionDateTime": "20181102141453.890000",
    "ConversionSoftware": "dicm2nii.m 20181126",
    "DeviceSerialNumber": "67060",
    "EchoTime1": 0.035,
    "EchoTime2": 0.001,
    "EffectiveEchoSpacing": 0.000599988,
    "FlipAngle": 62,
    "ImageType": [
      "ORIGINAL",
      "PRIMARY",
      "M",
      "MB",
      "ND",
      "MOSAIC"
    ],
    "InstitutionAddress": "Medical Center Dr 5,Columbia,SC,US,29203",
    "InstitutionName": "Palmetto Health Richland",
    "MRAcquisitionType": "2D",
    "Manufacturer": "SIEMENS",
    "Modality": "MR",
    "PhaseEncodingDirection": "j-",
    "RepetitionTime": 1,
    "ScanOptions": "FS",
    "ScanningSequence": "EP",
    "SequenceName": "epfid2d1_70",
    "SequenceVariant": "SK\\SS",
    "SeriesDescription": "fMRI_Run_2",
    "SeriesNumber": 9,
    "SliceThickness": 2.73,
    "SliceTiming": [
      0,
      0.685,
      0.3925,
      0.0975,
      0.7825,
      0.49,
      0.195,
      0.8825,
      0.5875,
      0.2925,
      0,
      0.685,
      0.3925,
      0.0975,
      0.7825,
      0.49,
      0.195,
      0.8825,
      0.5875,
      0.2925,
      0,
      0.685,
      0.3925,
      0.0975,
      0.7825,
      0.49,
      0.195,
      0.8825,
      0.5875,
      0.2925,
      0,
      0.685,
      0.3925,
      0.0975,
      0.7825,
      0.49,
      0.195,
      0.8825,
      0.5875,
      0.2925
    ],
    "SoftwareVersion": "syngo MR E11",
    "TaskName": "affect",
    "TotalReadoutTime": 0.041399172,
    "dataset": "ds003507",
    "deltaTE": 34,
    "modality": "bold",
    "run_id": 2,
    "subject_id": "11",
    "task_id": "affect"
  },
  "dummy_trs": 1,
  "dvars_nstd": 23.359190603690482,
  "dvars_std": 1.0633782546428578,
  "dvars_vstd": 0.9545024663095238,
  "efc": 0.5310140389242098,
  "fber": 983.1770629882812,
  "fd_mean": 0.17647315142684883,
  "fd_num": 241,
  "fd_perc": 40.916808149405774,
  "fwhm_avg": 2.5347226690197124,
  "fwhm_x": 2.3320866666666666,
  "fwhm_y": 2.6601066666666666,
  "fwhm_z": 2.611974673725804,
  "gcor": 0.0190138,
  "gsr_x": 0.006123275961726904,
  "gsr_y": 0.057581424713134766,
  "provenance": {
    "md5sum": "554f3e81fbfc2edda0d2aa6a29c1a549",
    "settings": {
      "fd_thres": 0.2,
      "testing": false
    },
    "software": "mriqc",
    "version": "21.0.0rc2",
    "webapi_port": null,
    "webapi_url": "https://mriqc.nimh.nih.gov/api/v1"
  },
  "size_t": 589,
  "size_x": 70,
  "size_y": 70,
  "size_z": 40,
  "snr": 3.429521109487884,
  "spacing_tr": 1.0,
  "spacing_x": 3.0,
  "spacing_y": 3.0,
  "spacing_z": 3.003000020980835,
  "summary_bg_k": 56.32937666083564,
  "summary_bg_mad": 61.554415398536904,
  "summary_bg_mean": 286.14727783203125,
  "summary_bg_median": 122.43293762207031,
  "summary_bg_n": 119951.0,
  "summary_bg_p05": 75.12054443359375,
  "summary_bg_p95": 1074.2979736328125,
  "summary_bg_stdv": 524.61279296875,
  "summary_fg_k": 0.3636951728305138,
  "summary_fg_mad": 1099.563465410365,
  "summary_fg_mean": 4068.358642578125,
  "summary_fg_median": 3912.39404296875,
  "summary_fg_n": 36532.0,
  "summary_fg_p05": 2497.1513061523438,
  "summary_fg_p95": 6171.06943359375,
  "summary_fg_stdv": 1140.7833251953125,
  "tsnr": 53.86096950620413
}