{
  "aor": 0.00025113752122241084,
  "aqi": 0.004341316604414261,
  "bids_meta": {
    "AcquisitionDateTime": "20181102142533.392500",
    "ConversionSoftware": "dicm2nii.m 20181126",
    "DeviceSerialNumber": "67060",
    "EchoTime1": 0.035,
    "EchoTime2": 0.001,
    "EffectiveEchoSpacing": 0.000599988,
    "FlipAngle": 62,
    "ImageType": [
      "ORIGINAL",
      "PRIMARY",
      "M",
      "MB",
      "ND",
      "MOSAIC"
    ],
    "InstitutionAddress": "Medical Center Dr 5,Columbia,SC,US,29203",
    "InstitutionName": "Palmetto Health Richland",
    "MRAcquisitionType": "2D",
    "Manufacturer": "SIEMENS",
    "Modality": "MR",
    "PhaseEncodingDirection": "j-",
    "RepetitionTime": 1,
    "ScanOptions": "FS",
    "ScanningSequence": "EP",
    "SequenceName": "epfid2d1_70",
    "SequenceVariant": "SK\\SS",
    "SeriesDescription": "fMRI_Run_3",
    "SeriesNumber": 11,
    "SliceThickness": 2.73,
    "SliceTiming": [
      0,
      0.6875,
      0.3925,
      0.0975,
      0.785,
      0.49,
      0.1975,
      0.8825,
      0.5875,
      0.295,
      0,
      0.6875,
      0.3925,
      0.0975,
      0.785,
      0.49,
      0.1975,
      0.8825,
      0.5875,
      0.295,
      0,
      0.6875,
      0.3925,
      0.0975,
      0.785,
      0.49,
      0.1975,
      0.8825,
      0.5875,
      0.295,
      0,
      0.6875,
      0.3925,
      0.0975,
      0.785,
      0.49,
      0.1975,
      0.8825,
      0.5875,
      0.295
    ],
    "SoftwareVersion": "syngo MR E11",
    "TaskName": "affect",
    "TotalReadoutTime": 0.041399172,
    "dataset": "ds003507",
    "deltaTE": 34,
    "modality": "bold",
    "run_id": 3,
    "subject_id": "11",
    "task_id": "affect"
  },
  "dummy_trs": 1,
  "dvars_nstd": 23.12232623777212,
  "dvars_std": 1.1057358473639451,
  "dvars_vstd": 0.9761128029591851,
  "efc": 0.531098346836053,
  "fber": 977.5118408203125,
  "fd_mean": 0.16753681075725074,
  "fd_num": 236,
  "fd_perc": 40.0679117147708,
  "fwhm_avg": 2.511280974090516,
  "fwhm_x": 2.3100533333333333,
  "fwhm_y": 2.630063333333333,
  "fwhm_z": 2.593726255604881,
  "gcor": 0.0148522,
  "gsr_x": 0.006593120284378529,
  "gsr_y": 0.05363360419869423,
  "provenance": {
    "md5sum": "214e84f339c1c8ac7ed14e7020b3ddc3",
    "settings": {
      "fd_thres": 0.2,
      "testing": false
    },
    "software": "mriqc",
    "version": "21.0.0rc2",
    "webapi_port": null,
    "webapi_url": "https://mriqc.nimh.nih.gov/api/v1"
  },
  "size_t": 589,
  "size_x": 70,
  "size_y": 70,
  "size_z": 40,
  "snr": 3.4027371828765904,
  "spacing_tr": 1.0,
  "spacing_x": 3.0,
  "spacing_y": 3.0,
  "spacing_z": 3.003000020980835,
  "summary_bg_k": 56.44437183261482,
  "summary_bg_mad": 61.269980008930105,
  "summary_bg_mean": 285.8091735839844,
  "summary_bg_median": 123.15110778808594,
  "summary_bg_n": 119719.0,
  "summary_bg_p05": 75.74193572998047,
  "summary_bg_p95": 1079.8882812499999,
  "summary_bg_stdv": 521.8213500976562,
  "summary_fg_k": 0.37846618220682027,
  "summary_fg_mad": 1115.8710039236298,
  "summary_fg_mean": 4087.62060546875,
  "summary_fg_median": 3929.602783203125,
  "summary_fg_n": 36659.0,
  "summary_fg_p05": 2492.7743896484376,
  "summary_fg_p95": 6205.060205078124,
  "summary_fg_stdv": 1154.820068359375,
  "tsnr": 63.40877451864071
}