{
  "bids_meta": {
    "AcquisitionDateTime": "20181129154125.292500",
    "ConversionSoftware": "dicm2nii.m 20181126",
    "DeviceSerialNumber": "67060",
    "EchoTime": 0.00411,
    "FlipAngle": 9,
    "ImageType": [
      "ORIGINAL",
      "PRIMARY",
      "M",
      "ND",
      "NORM"
    ],
    "InstitutionAddress": "Medical Center Dr 5,Columbia,SC,US,29203",
    "InstitutionName": "R",
    "InversionTime": 0.925,
    "MRAcquisitionType": "3D",
    "Manufacturer": "SIEMENS",
    "Modality": "MR",
    "PhaseEncodingDirection": "j-",
    "RepetitionTime": 2.25,
    "ScanOptions": "IR",
    "ScanningSequence": "GR\\IR",
    "SequenceName": "*tfl3d1_16ns",
    "SequenceVariant": "SK\\SP\\MP",
    "SeriesDescription": "T1_32_Channel_mprage_ns_sag_p2_iso 1.0mm_192",
    "SeriesNumber": 16,
    "SliceThickness": 1,
    "SoftwareVersion": "syngo MR E11",
    "dataset": "ds003507",
    "modality": "T1w",
    "subject_id": "18"
  },
  "cjv": 0.4534151968269961,
  "cnr": 2.5008172628301613,
  "efc": 0.6007278652636298,
  "fber": 227.6509344252751,
  "fwhm_avg": 3.9919433333333334,
  "fwhm_x": 3.96844,
  "fwhm_y": 4.21385,
  "fwhm_z": 3.79354,
  "icvs_csf": 0.19038647370681175,
  "icvs_gm": 0.4180777150149162,
  "icvs_wm": 0.3915358112782721,
  "inu_med": 1.3071163892745972,
  "inu_range": 0.5192133784294128,
  "provenance": {
    "md5sum": "7c523d7a7ca6cd67c69dc1115e50c745",
    "settings": {
      "testing": false
    },
    "software": "mriqc",
    "version": "21.0.0rc2",
    "warnings": {
      "large_rot_frame": true,
      "small_air_mask": false
    },
    "webapi_port": null,
    "webapi_url": "https://mriqc.nimh.nih.gov/api/v1"
  },
  "qi_1": 5.622008117413084e-05,
  "qi_2": 0.010153620322052482,
  "rpve_csf": 28.114485340099787,
  "rpve_gm": 13.411054253894083,
  "rpve_wm": 16.86493019964374,
  "size_x": 192,
  "size_y": 256,
  "size_z": 256,
  "snr_csf": 3.3622846220525093,
  "snr_gm": 12.250122171781753,
  "snr_total": 10.911884141063886,
  "snr_wm": 17.1232456293574,
  "snrd_csf": 11.757924184672317,
  "snrd_gm": 22.63592528493615,
  "snrd_total": 21.330129674230985,
  "snrd_wm": 29.596539553084483,
  "spacing_x": 1.0,
  "spacing_y": 1.0,
  "spacing_z": 1.0,
  "summary_bg_k": 7.4265169738092105,
  "summary_bg_mad": 22.13557324146495,
  "summary_bg_mean": 43.31263335490589,
  "summary_bg_median": 29.73060655593872,
  "summary_bg_n": 2901202.0,
  "summary_bg_p05": 0.0,
  "summary_bg_p95": 118.53294229507446,
  "summary_bg_stdv": 39.1873132631829,
  "summary_csf_k": 2.2947007352760513,
  "summary_csf_mad": 114.62377274167284,
  "summary_csf_mean": 406.73427281290327,
  "summary_csf_median": 397.2736072540283,
  "summary_csf_n": 23475.0,
  "summary_csf_p05": 235.24829292297363,
  "summary_csf_p95": 606.4913909435272,
  "summary_csf_stdv": 118.15333625436058,
  "summary_gm_k": 0.19385374852430015,
  "summary_gm_mad": 60.535980734267184,
  "summary_gm_mean": 766.322057358306,
  "summary_gm_median": 764.8166079521179,
  "summary_gm_n": 31690.0,
  "summary_gm_p05": 666.1473460197449,
  "summary_gm_p95": 871.1457204818726,
  "summary_gm_stdv": 62.432401079112466,
  "summary_wm_k": 4.6176182946970465,
  "summary_wm_mad": 46.09973731592048,
  "summary_wm_mean": 1006.9014139777072,
  "summary_wm_median": 999.9999868869781,
  "summary_wm_n": 232674.0,
  "summary_wm_p05": 928.8315360188485,
  "summary_wm_p95": 1107.172981262207,
  "summary_wm_stdv": 58.40001712297004,
  "tpm_overlap_csf": 0.16817955672740936,
  "tpm_overlap_gm": 0.4436798393726349,
  "tpm_overlap_wm": 0.49160245060920715,
  "wm2max": 0.43185131195335275
}