{
  "bids_meta": {
    "AcquisitionDateTime": "20181004155552.887500",
    "ConversionSoftware": "dicm2nii.m 20181126",
    "DeviceSerialNumber": "67060",
    "EchoTime": 0.00411,
    "FlipAngle": 9,
    "ImageType": [
      "ORIGINAL",
      "PRIMARY",
      "M",
      "ND",
      "NORM"
    ],
    "InstitutionAddress": "Medical Center Dr 5,Columbia,SC,US,29203",
    "InstitutionName": "R",
    "InversionTime": 0.925,
    "MRAcquisitionType": "3D",
    "Manufacturer": "SIEMENS",
    "Modality": "MR",
    "PhaseEncodingDirection": "j-",
    "RepetitionTime": 2.25,
    "ScanOptions": "IR",
    "ScanningSequence": "GR\\IR",
    "SequenceName": "*tfl3d1_16ns",
    "SequenceVariant": "SK\\SP\\MP",
    "SeriesDescription": "T1_32_Channel_mprage_ns_sag_p2_iso 1.0mm_192",
    "SeriesNumber": 12,
    "SliceThickness": 1,
    "SoftwareVersion": "syngo MR E11",
    "dataset": "ds003507",
    "modality": "T1w",
    "subject_id": "04"
  },
  "cjv": 0.45929805042062516,
  "cnr": 2.6719810851591586,
  "efc": 0.5850948513440457,
  "fber": 509.0277725652092,
  "fwhm_avg": 3.79917,
  "fwhm_x": 3.96192,
  "fwhm_y": 3.87222,
  "fwhm_z": 3.56337,
  "icvs_csf": 0.1971564600206621,
  "icvs_gm": 0.4214575068369798,
  "icvs_wm": 0.3813860331423581,
  "inu_med": 1.0213183164596558,
  "inu_range": 0.44054285287857065,
  "provenance": {
    "md5sum": "2d7927a55f93a480c739e835f1c1bb5a",
    "settings": {
      "testing": false
    },
    "software": "mriqc",
    "version": "21.0.0rc2",
    "warnings": {
      "large_rot_frame": true,
      "small_air_mask": false
    },
    "webapi_port": null,
    "webapi_url": "https://mriqc.nimh.nih.gov/api/v1"
  },
  "qi_1": 0.0,
  "qi_2": 0.012167398919431882,
  "rpve_csf": 31.169871147705262,
  "rpve_gm": 15.283883387662218,
  "rpve_wm": 20.031073016381622,
  "size_x": 192,
  "size_y": 256,
  "size_z": 256,
  "snr_csf": 3.722475785127432,
  "snr_gm": 10.47596522143299,
  "snr_total": 11.156061220268308,
  "snr_wm": 19.269742654244506,
  "snrd_csf": 11.493807917434204,
  "snrd_gm": 24.139667346660236,
  "snrd_total": 22.548565645091752,
  "snrd_wm": 32.01222167118082,
  "spacing_x": 1.0,
  "spacing_y": 1.0,
  "spacing_z": 1.0,
  "summary_bg_k": 14.879381965202793,
  "summary_bg_mad": 20.465194782197813,
  "summary_bg_mean": 29.256425694199777,
  "summary_bg_median": 27.607128232717514,
  "summary_bg_n": 2176593.0,
  "summary_bg_p05": 0.0,
  "summary_bg_p95": 69.16950809955597,
  "summary_bg_stdv": 24.430412683599105,
  "summary_csf_k": 0.8527942004093556,
  "summary_csf_mad": 89.73200789117502,
  "summary_csf_mean": 375.0381680070444,
  "summary_csf_median": 359.04435454308987,
  "summary_csf_n": 15885.0,
  "summary_csf_p05": 245.05118494480848,
  "summary_csf_p95": 553.3408960446715,
  "summary_csf_stdv": 96.45007079295034,
  "summary_gm_k": 0.02705677986183952,
  "summary_gm_mad": 71.12217417439624,
  "summary_gm_mean": 757.3329336915936,
  "summary_gm_median": 754.0765726752579,
  "summary_gm_n": 18080.0,
  "summary_gm_p05": 644.8994817659259,
  "summary_gm_p95": 883.4318956349044,
  "summary_gm_stdv": 71.97959353250215,
  "summary_wm_k": 4.919259749994079,
  "summary_wm_mad": 41.82995856581091,
  "summary_wm_mean": 1003.8963235632511,
  "summary_wm_median": 999.999960847199,
  "summary_wm_n": 184377.0,
  "summary_wm_p05": 929.6927963644266,
  "summary_wm_p95": 1087.5236585959792,
  "summary_wm_stdv": 51.89468624213154,
  "tpm_overlap_csf": 0.1639552116394043,
  "tpm_overlap_gm": 0.43172430992126465,
  "tpm_overlap_wm": 0.48454636335372925,
  "wm2max": 0.37836238361069335
}