{
  "aor": 0.0013160847457627121,
  "aqi": 0.0043219379152542375,
  "bids_meta": {
    "AcquisitionDateTime": "20181102140303.757500",
    "ConversionSoftware": "dicm2nii.m 20181126",
    "DeviceSerialNumber": "67060",
    "EchoTime1": 0.035,
    "EchoTime2": 0.001,
    "EffectiveEchoSpacing": 0.000599988,
    "FlipAngle": 62,
    "ImageType": [
      "ORIGINAL",
      "PRIMARY",
      "M",
      "MB",
      "ND",
      "MOSAIC"
    ],
    "InstitutionAddress": "Medical Center Dr 5,Columbia,SC,US,29203",
    "InstitutionName": "Palmetto Health Richland",
    "MRAcquisitionType": "2D",
    "Manufacturer": "SIEMENS",
    "Modality": "MR",
    "PhaseEncodingDirection": "j-",
    "RepetitionTime": 1,
    "ScanOptions": "FS",
    "ScanningSequence": "EP",
    "SequenceName": "epfid2d1_70",
    "SequenceVariant": "SK\\SS",
    "SeriesDescription": "fMRI_Run_1",
    "SeriesNumber": 3,
    "SliceThickness": 2.73,
    "SliceTiming": [
      0,
      0.685,
      0.3925,
      0.0975,
      0.7825,
      0.49,
      0.195,
      0.8825,
      0.5875,
      0.295,
      0,
      0.685,
      0.3925,
      0.0975,
      0.7825,
      0.49,
      0.195,
      0.8825,
      0.5875,
      0.295,
      0,
      0.685,
      0.3925,
      0.0975,
      0.7825,
      0.49,
      0.195,
      0.8825,
      0.5875,
      0.295,
      0,
      0.685,
      0.3925,
      0.0975,
      0.7825,
      0.49,
      0.195,
      0.8825,
      0.5875,
      0.295
    ],
    "SoftwareVersion": "syngo MR E11",
    "TaskName": "affect",
    "TotalReadoutTime": 0.041399172,
    "dataset": "ds003507",
    "deltaTE": 34,
    "modality": "bold",
    "run_id": 1,
    "subject_id": "11",
    "task_id": "affect"
  },
  "dummy_trs": 0,
  "dvars_nstd": 22.77136504748726,
  "dvars_std": 1.137735707962649,
  "dvars_vstd": 1.004184712054329,
  "efc": 0.5301004995702776,
  "fber": 995.640380859375,
  "fd_mean": 0.14703200636400338,
  "fd_num": 158,
  "fd_perc": 26.779661016949152,
  "fwhm_avg": 2.519061627823634,
  "fwhm_x": 2.313536666666667,
  "fwhm_y": 2.6252166666666668,
  "fwhm_z": 2.618431550137569,
  "gcor": 0.0135678,
  "gsr_x": 0.0056122406385838985,
  "gsr_y": 0.056989796459674835,
  "provenance": {
    "md5sum": "49a79e08f2d4e18266fd6d3ab4d06fe8",
    "settings": {
      "fd_thres": 0.2,
      "testing": false
    },
    "software": "mriqc",
    "version": "21.0.0rc2",
    "webapi_port": null,
    "webapi_url": "https://mriqc.nimh.nih.gov/api/v1"
  },
  "size_t": 590,
  "size_x": 70,
  "size_y": 70,
  "size_z": 40,
  "snr": 3.414194429229584,
  "spacing_tr": 1.0,
  "spacing_x": 3.0,
  "spacing_y": 3.0,
  "spacing_z": 3.003000020980835,
  "summary_bg_k": 61.88816857663383,
  "summary_bg_mad": 59.09300750243467,
  "summary_bg_mean": 278.67535400390625,
  "summary_bg_median": 120.34236907958984,
  "summary_bg_n": 119971.0,
  "summary_bg_p05": 74.78474426269531,
  "summary_bg_p95": 1041.3305053710938,
  "summary_bg_stdv": 512.1695556640625,
  "summary_fg_k": 0.4236898152537467,
  "summary_fg_mad": 1090.8383368759223,
  "summary_fg_mean": 4022.96875,
  "summary_fg_median": 3876.703369140625,
  "summary_fg_n": 36767.0,
  "summary_fg_p05": 2453.4634277343753,
  "summary_fg_p95": 6096.499853515625,
  "summary_fg_stdv": 1135.4510498046875,
  "tsnr": 64.61713871150278
}