{
  "bids_meta": {
    "AcquisitionDateTime": "20181205160841.632500",
    "ConversionSoftware": "dicm2nii.m 20181126",
    "DeviceSerialNumber": "67060",
    "EchoTime": 0.00411,
    "FlipAngle": 9,
    "ImageType": [
      "ORIGINAL",
      "PRIMARY",
      "M",
      "ND",
      "NORM"
    ],
    "InstitutionAddress": "Medical Center Dr 5,Columbia,SC,US,29203",
    "InstitutionName": "USC",
    "InversionTime": 0.925,
    "MRAcquisitionType": "3D",
    "Manufacturer": "SIEMENS",
    "Modality": "MR",
    "PhaseEncodingDirection": "j-",
    "RepetitionTime": 2.25,
    "ScanOptions": "IR",
    "ScanningSequence": "GR\\IR",
    "SequenceName": "*tfl3d1_16ns",
    "SequenceVariant": "SK\\SP\\MP",
    "SeriesDescription": "T1_32_Channel_mprage_ns_sag_p2_iso 1.0mm_192",
    "SeriesNumber": 12,
    "SliceThickness": 1,
    "SoftwareVersion": "syngo MR E11",
    "dataset": "ds003507",
    "modality": "T1w",
    "subject_id": "20"
  },
  "cjv": 0.4551084862932639,
  "cnr": 2.6986055781645835,
  "efc": 0.5833896838316474,
  "fber": 589.4264556563145,
  "fwhm_avg": 4.374316666666667,
  "fwhm_x": 4.38909,
  "fwhm_y": 4.53393,
  "fwhm_z": 4.19993,
  "icvs_csf": 0.15697388556442984,
  "icvs_gm": 0.46195528928128116,
  "icvs_wm": 0.38107082515428903,
  "inu_med": 1.0810341835021973,
  "inu_range": 0.4826926589012145,
  "provenance": {
    "md5sum": "05839d3af083f5e7f1f49a00141c566c",
    "settings": {
      "testing": false
    },
    "software": "mriqc",
    "version": "21.0.0rc2",
    "warnings": {
      "large_rot_frame": true,
      "small_air_mask": false
    },
    "webapi_port": null,
    "webapi_url": "https://mriqc.nimh.nih.gov/api/v1"
  },
  "qi_1": 0.0,
  "qi_2": 0.036106951873912885,
  "rpve_csf": 35.8873324654321,
  "rpve_gm": 13.608475671885442,
  "rpve_wm": 18.1565904547272,
  "size_x": 192,
  "size_y": 256,
  "size_z": 256,
  "snr_csf": 1.0371438280857639,
  "snr_gm": 10.768876900595108,
  "snr_total": 9.348457175321556,
  "snr_wm": 16.239350797283798,
  "snrd_csf": 13.726201056253446,
  "snrd_gm": 24.03911865593284,
  "snrd_total": 23.365276424104934,
  "snrd_wm": 32.33050956012852,
  "spacing_x": 1.0,
  "spacing_y": 1.0,
  "spacing_z": 1.0,
  "summary_bg_k": 6.994126239930814,
  "summary_bg_mad": 20.263719394218494,
  "summary_bg_mean": 29.05709152961941,
  "summary_bg_median": 27.28153233602643,
  "summary_bg_n": 2791791.0,
  "summary_bg_p05": 0.0,
  "summary_bg_p95": 68.17692597582936,
  "summary_bg_stdv": 21.729258403653837,
  "summary_csf_k": 3.753250672942549,
  "summary_csf_mad": 150.30254857758914,
  "summary_csf_mean": 546.1786762317884,
  "summary_csf_median": 424.55875765532255,
  "summary_csf_n": 13230.0,
  "summary_csf_p05": 239.82457883320748,
  "summary_csf_p95": 1653.2608595632016,
  "summary_csf_stdv": 409.33831986558687,
  "summary_gm_k": -0.07272922363058587,
  "summary_gm_mad": 70.12523365164589,
  "summary_gm_mean": 748.0329659870031,
  "summary_gm_median": 743.5428280457854,
  "summary_gm_n": 71541.0,
  "summary_gm_p05": 642.057680144906,
  "summary_gm_p95": 868.1123494617641,
  "summary_gm_stdv": 69.04504882642131,
  "summary_wm_k": 4.370795588158167,
  "summary_wm_mad": 46.59059892214016,
  "summary_wm_mean": 1006.544350721542,
  "summary_wm_median": 999.9999939501286,
  "summary_wm_n": 211453.0,
  "summary_wm_p05": 922.7292238622904,
  "summary_wm_p95": 1112.5699459165335,
  "summary_wm_stdv": 61.57867034456505,
  "tpm_overlap_csf": 0.15006770193576813,
  "tpm_overlap_gm": 0.46754854917526245,
  "tpm_overlap_wm": 0.49253931641578674,
  "wm2max": 0.4920887609603939
}