{
  "bids_meta": {
    "AcquisitionDateTime": "20181108163217.920000",
    "ConversionSoftware": "dicm2nii.m 20181126",
    "DeviceSerialNumber": "67060",
    "EchoTime": 0.00411,
    "FlipAngle": 9,
    "ImageType": [
      "ORIGINAL",
      "PRIMARY",
      "M",
      "ND",
      "NORM"
    ],
    "InstitutionAddress": "Medical Center Dr 5,Columbia,SC,US,29203",
    "InstitutionName": "USC",
    "InversionTime": 0.925,
    "MRAcquisitionType": "3D",
    "Manufacturer": "SIEMENS",
    "Modality": "MR",
    "PhaseEncodingDirection": "j-",
    "RepetitionTime": 2.25,
    "ScanOptions": "IR",
    "ScanningSequence": "GR\\IR",
    "SequenceName": "*tfl3d1_16ns",
    "SequenceVariant": "SK\\SP\\MP",
    "SeriesDescription": "T1_32_Channel_mprage_ns_sag_p2_iso 1.0mm_192",
    "SeriesNumber": 12,
    "SliceThickness": 1,
    "SoftwareVersion": "syngo MR E11",
    "dataset": "ds003507",
    "modality": "T1w",
    "subject_id": "14"
  },
  "cjv": 0.3746220684593348,
  "cnr": 3.2633519082099065,
  "efc": 0.5655914809168363,
  "fber": 524.3129332011687,
  "fwhm_avg": 3.9430934074250903,
  "fwhm_x": 4.03942,
  "fwhm_y": 4.0607,
  "fwhm_z": 3.72916022227527,
  "icvs_csf": 0.19295899011868395,
  "icvs_gm": 0.4343954885914645,
  "icvs_wm": 0.37264552128985157,
  "inu_med": 1.1857165098190308,
  "inu_range": 0.4428408443927765,
  "provenance": {
    "md5sum": "287889c1a07e091561aa9285b4a1405f",
    "settings": {
      "testing": false
    },
    "software": "mriqc",
    "version": "21.0.0rc2",
    "warnings": {
      "large_rot_frame": true,
      "small_air_mask": false
    },
    "webapi_port": null,
    "webapi_url": "https://mriqc.nimh.nih.gov/api/v1"
  },
  "qi_1": 0.0,
  "qi_2": 0.030962937804891292,
  "rpve_csf": 33.51605677878458,
  "rpve_gm": 16.17791597740254,
  "rpve_wm": 22.11922953178641,
  "size_x": 192,
  "size_y": 256,
  "size_z": 256,
  "snr_csf": 3.5045351027285174,
  "snr_gm": 11.783304446036686,
  "snr_total": 12.839460270401014,
  "snr_wm": 23.23054126243784,
  "snrd_csf": 12.269045109668411,
  "snrd_gm": 24.62986587190949,
  "snrd_total": 23.417520831752018,
  "snrd_wm": 33.35365151367815,
  "spacing_x": 1.0,
  "spacing_y": 1.0,
  "spacing_z": 0.9999999403953552,
  "summary_bg_k": 5.7547261112456685,
  "summary_bg_mad": 19.64211885633147,
  "summary_bg_mean": 31.196294422642357,
  "summary_bg_median": 26.445860266685486,
  "summary_bg_n": 2866428.0,
  "summary_bg_p05": 0.0,
  "summary_bg_p95": 79.18471455574036,
  "summary_bg_stdv": 25.3693961156005,
  "summary_csf_k": 4.631911204803749,
  "summary_csf_mad": 91.44917259842018,
  "summary_csf_mean": 382.20424007974253,
  "summary_csf_median": 367.8471392393112,
  "summary_csf_n": 14630.0,
  "summary_csf_p05": 241.8343985080719,
  "summary_csf_p95": 570.2522377967833,
  "summary_csf_stdv": 104.95958995118305,
  "summary_gm_k": 0.2408057499349998,
  "summary_gm_mad": 59.90846251181099,
  "summary_gm_mean": 740.0937927514257,
  "summary_gm_median": 738.4458708763123,
  "summary_gm_n": 25562.0,
  "summary_gm_p05": 639.4904553890228,
  "summary_gm_p95": 846.9274011552333,
  "summary_gm_stdv": 62.66760142753269,
  "summary_wm_k": 1.5451857747821869,
  "summary_wm_mad": 38.075491936888696,
  "summary_wm_mean": 998.377896904182,
  "summary_wm_median": 1000.0000149011612,
  "summary_wm_n": 188327.0,
  "summary_wm_p05": 924.5860010385513,
  "summary_wm_p95": 1063.7961941957474,
  "summary_wm_stdv": 43.0466663967914,
  "tpm_overlap_csf": 0.14828145503997803,
  "tpm_overlap_gm": 0.4326251149177551,
  "tpm_overlap_wm": 0.47534990310668945,
  "wm2max": 0.46700616329153083
}