{
  "bids_meta": {
    "AcquisitionDateTime": "20181029170349.040000",
    "ConversionSoftware": "dicm2nii.m 20181126",
    "DeviceSerialNumber": "67060",
    "EchoTime": 0.00411,
    "FlipAngle": 9,
    "ImageType": [
      "ORIGINAL",
      "PRIMARY",
      "M",
      "ND",
      "NORM"
    ],
    "InstitutionAddress": "Medical Center Dr 5,Columbia,SC,US,29203",
    "InstitutionName": "R",
    "InversionTime": 0.925,
    "MRAcquisitionType": "3D",
    "Manufacturer": "SIEMENS",
    "Modality": "MR",
    "PhaseEncodingDirection": "j-",
    "RepetitionTime": 2.25,
    "ScanOptions": "IR",
    "ScanningSequence": "GR\\IR",
    "SequenceName": "*tfl3d1_16ns",
    "SequenceVariant": "SK\\SP\\MP",
    "SeriesDescription": "T1_32_Channel_mprage_ns_sag_p2_iso 1.0mm_192",
    "SeriesNumber": 23,
    "SliceThickness": 1,
    "SoftwareVersion": "syngo MR E11",
    "dataset": "ds003507",
    "modality": "T1w",
    "subject_id": "08"
  },
  "cjv": 0.3592569401771435,
  "cnr": 3.3773270428351516,
  "efc": 0.5805442350453881,
  "fber": 609.68078155338,
  "fwhm_avg": 4.127432994658988,
  "fwhm_x": 4.233699495303691,
  "fwhm_y": 4.2893194886732715,
  "fwhm_z": 3.85928,
  "icvs_csf": 0.19080186345732292,
  "icvs_gm": 0.44953592794936525,
  "icvs_wm": 0.35966220859331177,
  "inu_med": 1.3150935173034668,
  "inu_range": 0.5014933168888092,
  "provenance": {
    "md5sum": "39ab847e72e0239a50d7925fadbe7add",
    "settings": {
      "testing": false
    },
    "software": "mriqc",
    "version": "21.0.0rc2",
    "warnings": {
      "large_rot_frame": true,
      "small_air_mask": false
    },
    "webapi_port": null,
    "webapi_url": "https://mriqc.nimh.nih.gov/api/v1"
  },
  "qi_1": 5.4297912477970565e-06,
  "qi_2": 0.01631769128884751,
  "rpve_csf": 30.326595806611234,
  "rpve_gm": 14.08418723087772,
  "rpve_wm": 20.144402767439086,
  "size_x": 192,
  "size_y": 256,
  "size_z": 256,
  "snr_csf": 2.6758089488714853,
  "snr_gm": 12.28240257562515,
  "snr_total": 11.715904338421575,
  "snr_wm": 20.18950149076809,
  "snrd_csf": 14.130051397947524,
  "snrd_gm": 25.95891328509147,
  "snrd_total": 25.24113703935338,
  "snrd_wm": 35.63444643502114,
  "spacing_x": 1.0000001192092896,
  "spacing_y": 1.0000001192092896,
  "spacing_z": 1.0,
  "summary_bg_k": 10.94788859541259,
  "summary_bg_mad": 18.384917501591392,
  "summary_bg_mean": 27.340718207993223,
  "summary_bg_median": 24.75318283215165,
  "summary_bg_n": 2368733.0,
  "summary_bg_p05": 0.0,
  "summary_bg_p95": 62.097580052912235,
  "summary_bg_stdv": 22.192489592092038,
  "summary_csf_k": 36.06403899704574,
  "summary_csf_mad": 112.81975336072718,
  "summary_csf_mean": 409.2436469570969,
  "summary_csf_median": 396.5278652533889,
  "summary_csf_n": 21520.0,
  "summary_csf_p05": 239.75532261673362,
  "summary_csf_p95": 591.4055243134499,
  "summary_csf_stdv": 148.1864586429337,
  "summary_gm_k": 0.17030916314486744,
  "summary_gm_mad": 57.594289634793036,
  "summary_gm_mean": 730.3755760540746,
  "summary_gm_median": 728.4780627712607,
  "summary_gm_n": 32862.0,
  "summary_gm_p05": 634.5685887895525,
  "summary_gm_p95": 830.924761660397,
  "summary_gm_stdv": 59.30981127709956,
  "summary_wm_k": 6.362756592792055,
  "summary_wm_mad": 39.951839955381296,
  "summary_wm_mean": 1001.6085682896395,
  "summary_wm_median": 999.999970022589,
  "summary_wm_n": 192170.0,
  "summary_wm_p05": 927.5050993002951,
  "summary_wm_p95": 1073.4487206228077,
  "summary_wm_stdv": 49.53056263492242,
  "tpm_overlap_csf": 0.1457061618566513,
  "tpm_overlap_gm": 0.45210009813308716,
  "tpm_overlap_wm": 0.4776614010334015,
  "wm2max": 0.5446964383134596
}