{
  "bids_meta": {
    "AcquisitionDateTime": "20181018160948.377500",
    "ConversionSoftware": "dicm2nii.m 20181126",
    "DeviceSerialNumber": "67060",
    "EchoTime": 0.00411,
    "FlipAngle": 9,
    "ImageType": [
      "ORIGINAL",
      "PRIMARY",
      "M",
      "ND",
      "NORM"
    ],
    "InstitutionAddress": "Medical Center Dr 5,Columbia,SC,US,29203",
    "InstitutionName": "Palmetto Health Richland",
    "InversionTime": 0.925,
    "MRAcquisitionType": "3D",
    "Manufacturer": "SIEMENS",
    "Modality": "MR",
    "PhaseEncodingDirection": "j-",
    "RepetitionTime": 2.25,
    "ScanOptions": "IR",
    "ScanningSequence": "GR\\IR",
    "SequenceName": "*tfl3d1_16ns",
    "SequenceVariant": "SK\\SP\\MP",
    "SeriesDescription": "T1_32_Channel_mprage_ns_sag_p2_iso 1.0mm_192",
    "SeriesNumber": 12,
    "SliceThickness": 1,
    "SoftwareVersion": "syngo MR E11",
    "dataset": "ds003507",
    "modality": "T1w",
    "subject_id": "07"
  },
  "cjv": 0.4548731638751607,
  "cnr": 1.8438665959055451,
  "efc": 0.695231322184389,
  "fber": 26.39652748854644,
  "fwhm_avg": 3.7386368951040736,
  "fwhm_x": 3.810160454206521,
  "fwhm_y": 3.877310231105699,
  "fwhm_z": 3.52844,
  "icvs_csf": 0.18144674040029043,
  "icvs_gm": 0.4336448712517436,
  "icvs_wm": 0.384908388347966,
  "inu_med": 1.4959319829940796,
  "inu_range": 0.5930876016616822,
  "provenance": {
    "md5sum": "b2e5bf2f66098143ec19cea9737b1717",
    "settings": {
      "testing": false
    },
    "software": "mriqc",
    "version": "21.0.0rc2",
    "warnings": {
      "large_rot_frame": true,
      "small_air_mask": false
    },
    "webapi_port": null,
    "webapi_url": "https://mriqc.nimh.nih.gov/api/v1"
  },
  "qi_1": 0.0,
  "qi_2": 0.0050592240000695895,
  "rpve_csf": 28.531739891503545,
  "rpve_gm": 13.05003700837735,
  "rpve_wm": 16.829033379319263,
  "size_x": 192,
  "size_y": 256,
  "size_z": 256,
  "snr_csf": 2.792242418448219,
  "snr_gm": 11.58290564495292,
  "snr_total": 10.053152626740454,
  "snr_wm": 15.78430981682022,
  "snrd_csf": 2.5688641838974102,
  "snrd_gm": 5.52633847027046,
  "snrd_total": 5.1253915391448,
  "snrd_wm": 7.280971963266531,
  "spacing_x": 0.9999998807907104,
  "spacing_y": 0.9999999403953552,
  "spacing_z": 1.0,
  "summary_bg_k": 0.5988301559720219,
  "summary_bg_mad": 89.97924497664698,
  "summary_bg_mean": 138.17352048738272,
  "summary_bg_median": 120.91804973781109,
  "summary_bg_n": 3123435.0,
  "summary_bg_p05": 15.095501750707626,
  "summary_bg_p95": 316.9285188987851,
  "summary_bg_stdv": 93.67104952619725,
  "summary_csf_k": 15.043687455682552,
  "summary_csf_mad": 94.31834562272894,
  "summary_csf_mean": 377.6409864181445,
  "summary_csf_median": 352.81884448975325,
  "summary_csf_n": 26020.0,
  "summary_csf_p05": 233.3641342073679,
  "summary_csf_p95": 587.5693002864718,
  "summary_csf_stdv": 126.35438181549785,
  "summary_gm_k": 0.10653324909700324,
  "summary_gm_mad": 64.40138853658489,
  "summary_gm_mean": 759.9679956545463,
  "summary_gm_median": 759.0110701695085,
  "summary_gm_n": 36358.0,
  "summary_gm_p05": 653.0229337703437,
  "summary_gm_p95": 869.1466186568141,
  "summary_gm_stdv": 65.5276538843559,
  "summary_wm_k": 6.674776619664836,
  "summary_wm_mad": 45.21799620653833,
  "summary_wm_mean": 1008.1661211809408,
  "summary_wm_median": 999.9999731183052,
  "summary_wm_n": 233487.0,
  "summary_wm_p05": 928.1423040702939,
  "summary_wm_p95": 1118.6074868738651,
  "summary_wm_stdv": 63.35391558290346,
  "tpm_overlap_csf": 0.16263698041439056,
  "tpm_overlap_gm": 0.43142062425613403,
  "tpm_overlap_wm": 0.4647188186645508,
  "wm2max": 0.4187097943344403
}