{
  "bids_meta": {
    "AcquisitionDateTime": "20180928163930.300000",
    "ConversionSoftware": "dicm2nii.m 20181126",
    "DeviceSerialNumber": "67060",
    "EchoTime": 0.00411,
    "FlipAngle": 9,
    "ImageType": [
      "ORIGINAL",
      "PRIMARY",
      "M",
      "ND",
      "NORM"
    ],
    "InstitutionAddress": "Medical Center Dr 5,Columbia,SC,US,29203",
    "InstitutionName": "R",
    "InversionTime": 0.925,
    "MRAcquisitionType": "3D",
    "Manufacturer": "SIEMENS",
    "Modality": "MR",
    "PhaseEncodingDirection": "j-",
    "RepetitionTime": 2.25,
    "ScanOptions": "IR",
    "ScanningSequence": "GR\\IR",
    "SequenceName": "*tfl3d1_16ns",
    "SequenceVariant": "SK\\SP\\MP",
    "SeriesDescription": "T1_32_Channel_mprage_ns_sag_p2_iso 1.0mm_192",
    "SeriesNumber": 12,
    "SliceThickness": 1,
    "SoftwareVersion": "syngo MR E11",
    "dataset": "ds003507",
    "modality": "T1w",
    "subject_id": "02"
  },
  "cjv": 0.5639057566423842,
  "cnr": 2.2644809515104836,
  "efc": 0.603264057473995,
  "fber": 906.8422235441866,
  "fwhm_avg": 3.633226599303903,
  "fwhm_x": 3.600209570821575,
  "fwhm_y": 3.809940227090134,
  "fwhm_z": 3.48953,
  "icvs_csf": 0.16098485772111315,
  "icvs_gm": 0.4134516326500568,
  "icvs_wm": 0.42556350962883005,
  "inu_med": 1.2925664186477661,
  "inu_range": 0.5876708149909973,
  "provenance": {
    "md5sum": "22bdbc986080731da212f5f40094b78a",
    "settings": {
      "testing": false
    },
    "software": "mriqc",
    "version": "21.0.0rc2",
    "warnings": {
      "large_rot_frame": true,
      "small_air_mask": false
    },
    "webapi_port": null,
    "webapi_url": "https://mriqc.nimh.nih.gov/api/v1"
  },
  "qi_1": 0.0,
  "qi_2": 0.003306759513074568,
  "rpve_csf": 37.78208234637377,
  "rpve_gm": 15.002205821919464,
  "rpve_wm": 16.71556804763073,
  "size_x": 192,
  "size_y": 256,
  "size_z": 256,
  "snr_csf": 2.863217452131872,
  "snr_gm": 12.860054086771296,
  "snr_total": 9.809680491066292,
  "snr_wm": 13.705769934295708,
  "snrd_csf": 18.398715725880944,
  "snrd_gm": 40.275476493106034,
  "snrd_total": 36.73091146463236,
  "snrd_wm": 51.518542174910095,
  "spacing_x": 1.0000001192092896,
  "spacing_y": 0.9999999403953552,
  "spacing_z": 1.0,
  "summary_bg_k": 6.578717271060018,
  "summary_bg_mad": 12.716516666590147,
  "summary_bg_mean": 23.70772763142572,
  "summary_bg_median": 21.166217789053917,
  "summary_bg_n": 1828368.0,
  "summary_bg_p05": 4.219409428536892,
  "summary_bg_p95": 53.74559222906828,
  "summary_bg_stdv": 16.39754274793869,
  "summary_csf_k": 9.951774485108068,
  "summary_csf_mad": 90.55390497257339,
  "summary_csf_mean": 388.85183275343445,
  "summary_csf_median": 357.12804720550776,
  "summary_csf_n": 15017.0,
  "summary_csf_p05": 251.62897736281158,
  "summary_csf_p95": 610.0574327200649,
  "summary_csf_stdv": 124.72547481492809,
  "summary_gm_k": 0.2741004247683003,
  "summary_gm_mad": 56.91666733836719,
  "summary_gm_mean": 781.9009316002555,
  "summary_gm_median": 781.7666452676058,
  "summary_gm_n": 29562.0,
  "summary_gm_p05": 680.2241363972425,
  "summary_gm_p95": 882.8941302597523,
  "summary_gm_stdv": 60.789279530905645,
  "summary_wm_k": 0.9834524833969747,
  "summary_wm_mad": 66.14639717702133,
  "summary_wm_mean": 1011.9824065840642,
  "summary_wm_median": 1000.0000345632434,
  "summary_wm_n": 163808.0,
  "summary_wm_p05": 915.0584808215499,
  "summary_wm_p95": 1150.930384941399,
  "summary_wm_stdv": 72.96175165630272,
  "tpm_overlap_csf": 0.1778406798839569,
  "tpm_overlap_gm": 0.42235618829727173,
  "tpm_overlap_wm": 0.43973490595817566,
  "wm2max": 0.3704022115294783
}