{
  "aor": 0.002278949152542373,
  "aqi": 0.006563116779661017,
  "bids_meta": {
    "AcquisitionDateTime": "20181018153359.700000",
    "ConversionSoftware": "dicm2nii.m 20181126",
    "DeviceSerialNumber": "67060",
    "EchoTime1": 0.035,
    "EchoTime2": 0.001,
    "EffectiveEchoSpacing": 0.000599988,
    "FlipAngle": 62,
    "ImageType": [
      "ORIGINAL",
      "PRIMARY",
      "M",
      "MB",
      "ND",
      "MOSAIC"
    ],
    "InstitutionAddress": "Medical Center Dr 5,Columbia,SC,US,29203",
    "InstitutionName": "Palmetto Health Richland",
    "MRAcquisitionType": "2D",
    "Manufacturer": "SIEMENS",
    "Modality": "MR",
    "PhaseEncodingDirection": "j-",
    "RepetitionTime": 1,
    "ScanOptions": "FS",
    "ScanningSequence": "EP",
    "SequenceName": "epfid2d1_70",
    "SequenceVariant": "SK\\SS",
    "SeriesDescription": "fMRI_Run_1",
    "SeriesNumber": 3,
    "SliceThickness": 2.73,
    "SliceTiming": [
      0,
      0.685,
      0.3925,
      0.0975,
      0.785,
      0.49,
      0.195,
      0.8825,
      0.5875,
      0.295,
      0,
      0.685,
      0.3925,
      0.0975,
      0.785,
      0.49,
      0.195,
      0.8825,
      0.5875,
      0.295,
      0,
      0.685,
      0.3925,
      0.0975,
      0.785,
      0.49,
      0.195,
      0.8825,
      0.5875,
      0.295,
      0,
      0.685,
      0.3925,
      0.0975,
      0.785,
      0.49,
      0.195,
      0.8825,
      0.5875,
      0.295
    ],
    "SoftwareVersion": "syngo MR E11",
    "TaskName": "affect",
    "TotalReadoutTime": 0.041399172,
    "dataset": "ds003507",
    "deltaTE": 34,
    "modality": "bold",
    "run_id": 1,
    "subject_id": "07",
    "task_id": "affect"
  },
  "dummy_trs": 0,
  "dvars_nstd": 32.76341850536503,
  "dvars_std": 1.1447716697623092,
  "dvars_vstd": 1.003510013276741,
  "efc": 0.5497917143123302,
  "fber": 695.4004516601562,
  "fd_mean": 0.1980704142226788,
  "fd_num": 228,
  "fd_perc": 38.644067796610166,
  "fwhm_avg": 2.9889673457120978,
  "fwhm_x": 2.80653,
  "fwhm_y": 3.18243,
  "fwhm_z": 2.9779420371362937,
  "gcor": 0.0238804,
  "gsr_x": -0.00019762982265092432,
  "gsr_y": 0.10206158459186554,
  "provenance": {
    "md5sum": "61f9c677a43f1bee616a68723fe32000",
    "settings": {
      "fd_thres": 0.2,
      "testing": false
    },
    "software": "mriqc",
    "version": "21.0.0rc2",
    "webapi_port": null,
    "webapi_url": "https://mriqc.nimh.nih.gov/api/v1"
  },
  "size_t": 590,
  "size_x": 70,
  "size_y": 70,
  "size_z": 40,
  "snr": 2.030047122054091,
  "spacing_tr": 1.0,
  "spacing_x": 3.0,
  "spacing_y": 3.0,
  "spacing_z": 3.003000020980835,
  "summary_bg_k": 20.885374354518667,
  "summary_bg_mad": 93.61753212495358,
  "summary_bg_mean": 406.6193542480469,
  "summary_bg_median": 162.26779174804688,
  "summary_bg_n": 108434.0,
  "summary_bg_p05": 87.91635360717774,
  "summary_bg_p95": 1686.9400695800778,
  "summary_bg_stdv": 664.6736450195312,
  "summary_fg_k": 2.554759765825062,
  "summary_fg_mad": 1920.3571738372646,
  "summary_fg_mean": 4982.5634765625,
  "summary_fg_median": 4461.22900390625,
  "summary_fg_n": 44363.0,
  "summary_fg_p05": 2431.5172607421873,
  "summary_fg_p95": 9213.045117187503,
  "summary_fg_stdv": 2197.573974609375,
  "tsnr": 42.00993710081093
}