{
  "aor": 0.006052840136054422,
  "aqi": 0.0059719167176870746,
  "bids_meta": {
    "AcquisitionDateTime": "20181018154730.720000",
    "ConversionSoftware": "dicm2nii.m 20181126",
    "DeviceSerialNumber": "67060",
    "EchoTime1": 0.035,
    "EchoTime2": 0.001,
    "EffectiveEchoSpacing": 0.000599988,
    "FlipAngle": 62,
    "ImageType": [
      "ORIGINAL",
      "PRIMARY",
      "M",
      "MB",
      "ND",
      "MOSAIC"
    ],
    "InstitutionAddress": "Medical Center Dr 5,Columbia,SC,US,29203",
    "InstitutionName": "Palmetto Health Richland",
    "MRAcquisitionType": "2D",
    "Manufacturer": "SIEMENS",
    "Modality": "MR",
    "PhaseEncodingDirection": "j-",
    "RepetitionTime": 1,
    "ScanOptions": "FS",
    "ScanningSequence": "EP",
    "SequenceName": "epfid2d1_70",
    "SequenceVariant": "SK\\SS",
    "SeriesDescription": "fMRI_Run_2",
    "SeriesNumber": 9,
    "SliceThickness": 2.73,
    "SliceTiming": [
      0,
      0.6875,
      0.3925,
      0.0975,
      0.785,
      0.49,
      0.1975,
      0.8825,
      0.5875,
      0.295,
      0,
      0.6875,
      0.3925,
      0.0975,
      0.785,
      0.49,
      0.1975,
      0.8825,
      0.5875,
      0.295,
      0,
      0.6875,
      0.3925,
      0.0975,
      0.785,
      0.49,
      0.1975,
      0.8825,
      0.5875,
      0.295,
      0,
      0.6875,
      0.3925,
      0.0975,
      0.785,
      0.49,
      0.1975,
      0.8825,
      0.5875,
      0.295
    ],
    "SoftwareVersion": "syngo MR E11",
    "TaskName": "affect",
    "TotalReadoutTime": 0.041399172,
    "dataset": "ds003507",
    "deltaTE": 34,
    "modality": "bold",
    "run_id": 2,
    "subject_id": "07",
    "task_id": "affect"
  },
  "dummy_trs": 2,
  "dvars_nstd": 30.348634333356067,
  "dvars_std": 1.1365291227768317,
  "dvars_vstd": 1.039164633594548,
  "efc": 0.551264500673539,
  "fber": 693.7816162109375,
  "fd_mean": 0.21032604010813902,
  "fd_num": 226,
  "fd_perc": 38.435374149659864,
  "fwhm_avg": 2.9086144711384683,
  "fwhm_x": 2.7556499999999997,
  "fwhm_y": 3.133626666666667,
  "fwhm_z": 2.8365667467487383,
  "gcor": 0.0321343,
  "gsr_x": -0.00013935107563156635,
  "gsr_y": 0.10593642294406891,
  "provenance": {
    "md5sum": "a664b1f13e7aa0c900d7e3fd597b7647",
    "settings": {
      "fd_thres": 0.2,
      "testing": false
    },
    "software": "mriqc",
    "version": "21.0.0rc2",
    "webapi_port": null,
    "webapi_url": "https://mriqc.nimh.nih.gov/api/v1"
  },
  "size_t": 588,
  "size_x": 70,
  "size_y": 70,
  "size_z": 40,
  "snr": 2.0602609456777037,
  "spacing_tr": 1.0,
  "spacing_x": 3.0,
  "spacing_y": 3.0,
  "spacing_z": 3.003000020980835,
  "summary_bg_k": 19.158578205228647,
  "summary_bg_mad": 95.4563855402963,
  "summary_bg_mean": 413.55609130859375,
  "summary_bg_median": 162.9081573486328,
  "summary_bg_n": 108795.0,
  "summary_bg_p05": 86.46768188476562,
  "summary_bg_p95": 1725.9868408203095,
  "summary_bg_stdv": 669.2628173828125,
  "summary_fg_k": 2.222839313803882,
  "summary_fg_mad": 1901.8749590230277,
  "summary_fg_mean": 4952.1181640625,
  "summary_fg_median": 4446.900390625,
  "summary_fg_n": 44500.0,
  "summary_fg_p05": 2422.8005249023436,
  "summary_fg_p95": 9085.819677734371,
  "summary_fg_stdv": 2158.391845703125,
  "tsnr": 39.77265462744981
}