{
  "aor": 0.006400714285714286,
  "aqi": 0.004329634030612245,
  "bids_meta": {
    "AcquisitionDateTime": "20181018155809.427500",
    "ConversionSoftware": "dicm2nii.m 20181126",
    "DeviceSerialNumber": "67060",
    "EchoTime1": 0.035,
    "EchoTime2": 0.001,
    "EffectiveEchoSpacing": 0.000599988,
    "FlipAngle": 62,
    "ImageType": [
      "ORIGINAL",
      "PRIMARY",
      "M",
      "MB",
      "ND",
      "MOSAIC"
    ],
    "InstitutionAddress": "Medical Center Dr 5,Columbia,SC,US,29203",
    "InstitutionName": "Palmetto Health Richland",
    "MRAcquisitionType": "2D",
    "Manufacturer": "SIEMENS",
    "Modality": "MR",
    "PhaseEncodingDirection": "j-",
    "RepetitionTime": 1,
    "ScanOptions": "FS",
    "ScanningSequence": "EP",
    "SequenceName": "epfid2d1_70",
    "SequenceVariant": "SK\\SS",
    "SeriesDescription": "fMRI_Run_3",
    "SeriesNumber": 11,
    "SliceThickness": 2.73,
    "SliceTiming": [
      0,
      0.685,
      0.39,
      0.0975,
      0.7825,
      0.49,
      0.195,
      0.88,
      0.5875,
      0.2925,
      0,
      0.685,
      0.39,
      0.0975,
      0.7825,
      0.49,
      0.195,
      0.88,
      0.5875,
      0.2925,
      0,
      0.685,
      0.39,
      0.0975,
      0.7825,
      0.49,
      0.195,
      0.88,
      0.5875,
      0.2925,
      0,
      0.685,
      0.39,
      0.0975,
      0.7825,
      0.49,
      0.195,
      0.88,
      0.5875,
      0.2925
    ],
    "SoftwareVersion": "syngo MR E11",
    "TaskName": "affect",
    "TotalReadoutTime": 0.041399172,
    "dataset": "ds003507",
    "deltaTE": 34,
    "modality": "bold",
    "run_id": 3,
    "subject_id": "07",
    "task_id": "affect"
  },
  "dummy_trs": 2,
  "dvars_nstd": 30.161868642827955,
  "dvars_std": 1.2070354782964228,
  "dvars_vstd": 1.147747643015332,
  "efc": 0.5519253425611634,
  "fber": 662.818603515625,
  "fd_mean": 0.15109783746979633,
  "fd_num": 107,
  "fd_perc": 18.197278911564627,
  "fwhm_avg": 2.9166325063917253,
  "fwhm_x": 2.7845066666666667,
  "fwhm_y": 3.1095966666666666,
  "fwhm_z": 2.8557941858418427,
  "gcor": 0.0265247,
  "gsr_x": -0.0006032544770278037,
  "gsr_y": 0.10539183020591736,
  "provenance": {
    "md5sum": "4776ba569e02cd26c6292be1affe5087",
    "settings": {
      "fd_thres": 0.2,
      "testing": false
    },
    "software": "mriqc",
    "version": "21.0.0rc2",
    "webapi_port": null,
    "webapi_url": "https://mriqc.nimh.nih.gov/api/v1"
  },
  "size_t": 588,
  "size_x": 70,
  "size_y": 70,
  "size_z": 40,
  "snr": 2.0678947709310416,
  "spacing_tr": 1.0,
  "spacing_x": 3.0,
  "spacing_y": 3.0,
  "spacing_z": 3.003000020980835,
  "summary_bg_k": 20.088252065088138,
  "summary_bg_mad": 91.43848398440133,
  "summary_bg_mean": 409.4715270996094,
  "summary_bg_median": 165.82142639160156,
  "summary_bg_n": 108674.0,
  "summary_bg_p05": 92.85654411315917,
  "summary_bg_p95": 1692.1246948242178,
  "summary_bg_stdv": 656.9717407226562,
  "summary_fg_k": 2.1861987679530532,
  "summary_fg_mad": 1901.2773573963789,
  "summary_fg_mean": 4937.71533203125,
  "summary_fg_median": 4442.982421875,
  "summary_fg_n": 44498.0,
  "summary_fg_p05": 2418.771923828125,
  "summary_fg_p95": 9060.867919921879,
  "summary_fg_stdv": 2148.529296875,
  "tsnr": 44.59144525974989
}