{
  "aor": 0.0006854406779661018,
  "aqi": 0.003466986762711864,
  "bids_meta": {
    "AcquisitionDateTime": "20181002143210.742500",
    "ConversionSoftware": "dicm2nii.m 20181126",
    "DeviceSerialNumber": "67060",
    "EchoTime1": 0.035,
    "EchoTime2": 0.001,
    "EffectiveEchoSpacing": 0.000599988,
    "FlipAngle": 62,
    "ImageType": [
      "ORIGINAL",
      "PRIMARY",
      "M",
      "MB",
      "ND",
      "MOSAIC"
    ],
    "InstitutionAddress": "Medical Center Dr 5,Columbia,SC,US,29203",
    "InstitutionName": "Palmetto Health Richland",
    "MRAcquisitionType": "2D",
    "Manufacturer": "SIEMENS",
    "Modality": "MR",
    "PatientAge": "021Y",
    "PatientName": "p313",
    "PatientPosition": "HFS",
    "PatientSex": "F",
    "PatientSize": 1.6002032,
    "PatientWeight": 58.967016,
    "PhaseEncodingDirection": "j-",
    "RepetitionTime": 1,
    "ScanOptions": "FS",
    "ScanningSequence": "EP",
    "SequenceName": "epfid2d1_70",
    "SequenceVariant": "SK\\SS",
    "SeriesDescription": "fMRI_Run_1",
    "SeriesNumber": 3,
    "SliceThickness": 2.73,
    "SliceTiming": [
      0,
      0.6875,
      0.3925,
      0.1,
      0.785,
      0.49,
      0.1975,
      0.8825,
      0.59,
      0.295,
      0,
      0.6875,
      0.3925,
      0.1,
      0.785,
      0.49,
      0.1975,
      0.8825,
      0.59,
      0.295,
      0,
      0.6875,
      0.3925,
      0.1,
      0.785,
      0.49,
      0.1975,
      0.8825,
      0.59,
      0.295,
      0,
      0.6875,
      0.3925,
      0.1,
      0.785,
      0.49,
      0.1975,
      0.8825,
      0.59,
      0.295
    ],
    "SoftwareVersion": "syngo MR E11",
    "TaskName": "affect",
    "TotalReadoutTime": 0.041399172,
    "dataset": "ds003507",
    "deltaTE": 34,
    "modality": "bold",
    "run_id": 1,
    "subject_id": "03",
    "task_id": "affect"
  },
  "dummy_trs": 0,
  "dvars_nstd": 29.669766631612884,
  "dvars_std": 1.2171277674363317,
  "dvars_vstd": 0.9985866986078099,
  "efc": 0.5054348012525752,
  "fber": 1120.314208984375,
  "fd_mean": 0.20330304595861415,
  "fd_num": 317,
  "fd_perc": 53.728813559322035,
  "fwhm_avg": 2.9128978896319673,
  "fwhm_x": 2.81663,
  "fwhm_y": 2.95242,
  "fwhm_z": 2.9696436688959027,
  "gcor": 0.0388968,
  "gsr_x": -0.011913202702999115,
  "gsr_y": 0.05509897693991661,
  "provenance": {
    "md5sum": "4e8b09eb3f2d6da3271702a6d730d49d",
    "settings": {
      "fd_thres": 0.2,
      "testing": false
    },
    "software": "mriqc",
    "version": "21.0.0rc2",
    "webapi_port": null,
    "webapi_url": "https://mriqc.nimh.nih.gov/api/v1"
  },
  "size_t": 590,
  "size_x": 70,
  "size_y": 70,
  "size_z": 40,
  "snr": 2.2148740495106587,
  "spacing_tr": 1.0,
  "spacing_x": 3.0,
  "spacing_y": 3.0,
  "spacing_z": 3.003000020980835,
  "summary_bg_k": 41.68684255901457,
  "summary_bg_mad": 64.97316001616029,
  "summary_bg_mean": 264.8482971191406,
  "summary_bg_median": 130.6999969482422,
  "summary_bg_n": 116123.0,
  "summary_bg_p05": 80.57982788085937,
  "summary_bg_p95": 906.5262756347654,
  "summary_bg_stdv": 411.3770446777344,
  "summary_fg_k": 1.5829328991269653,
  "summary_fg_mad": 1781.4622128510853,
  "summary_fg_mean": 4964.14599609375,
  "summary_fg_median": 4488.115234375,
  "summary_fg_n": 39818.0,
  "summary_fg_p05": 2519.8742431640626,
  "summary_fg_p95": 8882.27080078125,
  "summary_fg_stdv": 2026.326904296875,
  "tsnr": 56.27163192234002
}