{
  "aor": 0.004681203389830509,
  "aqi": 0.004690387644067797,
  "bids_meta": {
    "AcquisitionDateTime": "20181106131225.917500",
    "ConversionSoftware": "dicm2nii.m 20181126",
    "DeviceSerialNumber": "67060",
    "EchoTime1": 0.035,
    "EchoTime2": 0.001,
    "EffectiveEchoSpacing": 0.000599988,
    "FlipAngle": 62,
    "ImageType": [
      "ORIGINAL",
      "PRIMARY",
      "M",
      "MB",
      "ND",
      "MOSAIC"
    ],
    "InstitutionAddress": "Medical Center Dr 5,Columbia,SC,US,29203",
    "InstitutionName": "R",
    "MRAcquisitionType": "2D",
    "Manufacturer": "SIEMENS",
    "Modality": "MR",
    "PhaseEncodingDirection": "j-",
    "RepetitionTime": 1,
    "ScanOptions": "FS",
    "ScanningSequence": "EP",
    "SequenceName": "epfid2d1_70",
    "SequenceVariant": "SK\\SS",
    "SeriesDescription": "fMRI_Run_2",
    "SeriesNumber": 9,
    "SliceThickness": 2.73,
    "SliceTiming": [
      0,
      0.685,
      0.3925,
      0.0975,
      0.785,
      0.49,
      0.195,
      0.8825,
      0.5875,
      0.295,
      0,
      0.685,
      0.3925,
      0.0975,
      0.785,
      0.49,
      0.195,
      0.8825,
      0.5875,
      0.295,
      0,
      0.685,
      0.3925,
      0.0975,
      0.785,
      0.49,
      0.195,
      0.8825,
      0.5875,
      0.295,
      0,
      0.685,
      0.3925,
      0.0975,
      0.785,
      0.49,
      0.195,
      0.8825,
      0.5875,
      0.295
    ],
    "SoftwareVersion": "syngo MR E11",
    "TaskName": "affect",
    "TotalReadoutTime": 0.041399172,
    "dataset": "ds003507",
    "deltaTE": 34,
    "modality": "bold",
    "run_id": 2,
    "subject_id": "12",
    "task_id": "affect"
  },
  "dummy_trs": 0,
  "dvars_nstd": 26.818257621714807,
  "dvars_std": 1.2125683803225806,
  "dvars_vstd": 1.1685292694906624,
  "efc": 0.5314091049845372,
  "fber": 858.48974609375,
  "fd_mean": 0.15088115940730773,
  "fd_num": 159,
  "fd_perc": 26.949152542372882,
  "fwhm_avg": 2.6418420594074843,
  "fwhm_x": 2.466556666666667,
  "fwhm_y": 2.7518333333333334,
  "fwhm_z": 2.707136178222452,
  "gcor": 0.0369474,
  "gsr_x": -0.002284679561853409,
  "gsr_y": 0.057068198919296265,
  "provenance": {
    "md5sum": "a850f3a288e4b2ca9233578395cfb0f1",
    "settings": {
      "fd_thres": 0.2,
      "testing": false
    },
    "software": "mriqc",
    "version": "21.0.0rc2",
    "webapi_port": null,
    "webapi_url": "https://mriqc.nimh.nih.gov/api/v1"
  },
  "size_t": 590,
  "size_x": 70,
  "size_y": 70,
  "size_z": 40,
  "snr": 3.063902533883826,
  "spacing_tr": 1.0,
  "spacing_x": 3.0,
  "spacing_y": 3.0,
  "spacing_z": 3.003000020980835,
  "summary_bg_k": 67.76131517297755,
  "summary_bg_mad": 59.17593106249223,
  "summary_bg_mean": 243.8358917236328,
  "summary_bg_median": 128.34829711914062,
  "summary_bg_n": 116018.0,
  "summary_bg_p05": 81.35567893981934,
  "summary_bg_p95": 758.3050018310546,
  "summary_bg_stdv": 374.8748779296875,
  "summary_fg_k": 0.4985661934702863,
  "summary_fg_mad": 1210.9039601163345,
  "summary_fg_mean": 4109.544921875,
  "summary_fg_median": 3904.10498046875,
  "summary_fg_n": 38578.0,
  "summary_fg_p05": 2404.6968627929687,
  "summary_fg_p95": 6507.875317382813,
  "summary_fg_stdv": 1274.209716796875,
  "tsnr": 45.58465082850307
}