{
  "aor": 0.003521762711864407,
  "aqi": 0.007416441694915254,
  "bids_meta": {
    "AcquisitionDateTime": "20181106130041.012500",
    "ConversionSoftware": "dicm2nii.m 20181126",
    "DeviceSerialNumber": "67060",
    "EchoTime1": 0.035,
    "EchoTime2": 0.001,
    "EffectiveEchoSpacing": 0.000599988,
    "FlipAngle": 62,
    "ImageType": [
      "ORIGINAL",
      "PRIMARY",
      "M",
      "MB",
      "ND",
      "MOSAIC"
    ],
    "InstitutionAddress": "Medical Center Dr 5,Columbia,SC,US,29203",
    "InstitutionName": "R",
    "MRAcquisitionType": "2D",
    "Manufacturer": "SIEMENS",
    "Modality": "MR",
    "PhaseEncodingDirection": "j-",
    "RepetitionTime": 1,
    "ScanOptions": "FS",
    "ScanningSequence": "EP",
    "SequenceName": "epfid2d1_70",
    "SequenceVariant": "SK\\SS",
    "SeriesDescription": "fMRI_Run_1",
    "SeriesNumber": 3,
    "SliceThickness": 2.73,
    "SliceTiming": [
      0,
      0.6875,
      0.3925,
      0.1,
      0.785,
      0.49,
      0.1975,
      0.8825,
      0.59,
      0.295,
      0,
      0.6875,
      0.3925,
      0.1,
      0.785,
      0.49,
      0.1975,
      0.8825,
      0.59,
      0.295,
      0,
      0.6875,
      0.3925,
      0.1,
      0.785,
      0.49,
      0.1975,
      0.8825,
      0.59,
      0.295,
      0,
      0.6875,
      0.3925,
      0.1,
      0.785,
      0.49,
      0.1975,
      0.8825,
      0.59,
      0.295
    ],
    "SoftwareVersion": "syngo MR E11",
    "TaskName": "affect",
    "TotalReadoutTime": 0.041399172,
    "dataset": "ds003507",
    "deltaTE": 34,
    "modality": "bold",
    "run_id": 1,
    "subject_id": "12",
    "task_id": "affect"
  },
  "dummy_trs": 0,
  "dvars_nstd": 25.476729959813273,
  "dvars_std": 1.0386447423599323,
  "dvars_vstd": 1.0388111528692696,
  "efc": 0.5291182196269254,
  "fber": 927.9791870117188,
  "fd_mean": 0.194929541163201,
  "fd_num": 284,
  "fd_perc": 48.13559322033898,
  "fwhm_avg": 2.598288530805745,
  "fwhm_x": 2.424323333333333,
  "fwhm_y": 2.7028199999999996,
  "fwhm_z": 2.6677222590839027,
  "gcor": 0.0222764,
  "gsr_x": -0.002182242926210165,
  "gsr_y": 0.061927374452352524,
  "provenance": {
    "md5sum": "a271322b90a0fbacba1f2081cf5e66e7",
    "settings": {
      "fd_thres": 0.2,
      "testing": false
    },
    "software": "mriqc",
    "version": "21.0.0rc2",
    "webapi_port": null,
    "webapi_url": "https://mriqc.nimh.nih.gov/api/v1"
  },
  "size_t": 590,
  "size_x": 70,
  "size_y": 70,
  "size_z": 40,
  "snr": 3.0874746965786284,
  "spacing_tr": 1.0,
  "spacing_x": 3.0,
  "spacing_y": 3.0,
  "spacing_z": 3.003000020980835,
  "summary_bg_k": 62.033444955863075,
  "summary_bg_mad": 56.751002293546684,
  "summary_bg_mean": 243.37257385253906,
  "summary_bg_median": 123.65254211425781,
  "summary_bg_n": 116977.0,
  "summary_bg_p05": 77.42813262939453,
  "summary_bg_p95": 756.588134765625,
  "summary_bg_stdv": 391.2240905761719,
  "summary_fg_k": 0.6580985437750777,
  "summary_fg_mad": 1186.006486410573,
  "summary_fg_mean": 4081.046875,
  "summary_fg_median": 3874.80322265625,
  "summary_fg_n": 38465.0,
  "summary_fg_p05": 2396.5908203125,
  "summary_fg_p95": 6441.8407226562485,
  "summary_fg_stdv": 1254.990966796875,
  "tsnr": 39.44851265614852
}