{
  "aor": 0.0005138135593220339,
  "aqi": 0.005453656254237289,
  "bids_meta": {
    "AcquisitionDateTime": "20181004164519.700000",
    "ConversionSoftware": "dicm2nii.m 20181126",
    "DeviceSerialNumber": "67060",
    "EchoTime1": 0.035,
    "EchoTime2": 0.001,
    "EffectiveEchoSpacing": 0.000599988,
    "FlipAngle": 62,
    "ImageType": [
      "ORIGINAL",
      "PRIMARY",
      "M",
      "MB",
      "ND",
      "MOSAIC"
    ],
    "InstitutionAddress": "Medical Center Dr 5,Columbia,SC,US,29203",
    "InstitutionName": "R",
    "MRAcquisitionType": "2D",
    "Manufacturer": "SIEMENS",
    "Modality": "MR",
    "PhaseEncodingDirection": "j-",
    "RepetitionTime": 1,
    "ScanOptions": "FS",
    "ScanningSequence": "EP",
    "SequenceName": "epfid2d1_70",
    "SequenceVariant": "SK\\SS",
    "SeriesDescription": "fMRI_Run_3",
    "SeriesNumber": 11,
    "SliceThickness": 2.73,
    "SliceTiming": [
      0,
      0.685,
      0.3925,
      0.0975,
      0.7825,
      0.49,
      0.195,
      0.8825,
      0.5875,
      0.2925,
      0,
      0.685,
      0.3925,
      0.0975,
      0.7825,
      0.49,
      0.195,
      0.8825,
      0.5875,
      0.2925,
      0,
      0.685,
      0.3925,
      0.0975,
      0.7825,
      0.49,
      0.195,
      0.8825,
      0.5875,
      0.2925,
      0,
      0.685,
      0.3925,
      0.0975,
      0.7825,
      0.49,
      0.195,
      0.8825,
      0.5875,
      0.2925
    ],
    "SoftwareVersion": "syngo MR E11",
    "TaskName": "affect",
    "TotalReadoutTime": 0.041399172,
    "dataset": "ds003507",
    "deltaTE": 34,
    "modality": "bold",
    "run_id": 3,
    "subject_id": "05",
    "task_id": "affect"
  },
  "dummy_trs": 0,
  "dvars_nstd": 19.362445612835327,
  "dvars_std": 0.9884516126146001,
  "dvars_vstd": 0.9431894088455015,
  "efc": 0.5009501000332739,
  "fber": 1120.99072265625,
  "fd_mean": 0.1714182043713493,
  "fd_num": 218,
  "fd_perc": 36.94915254237288,
  "fwhm_avg": 2.567031672138597,
  "fwhm_x": 2.3734866666666665,
  "fwhm_y": 2.6726433333333333,
  "fwhm_z": 2.65496501641579,
  "gcor": 0.0202904,
  "gsr_x": 0.00606195256114006,
  "gsr_y": 0.040914010256528854,
  "provenance": {
    "md5sum": "8e2abac85778fa2c8876eed309c85b24",
    "settings": {
      "fd_thres": 0.2,
      "testing": false
    },
    "software": "mriqc",
    "version": "21.0.0rc2",
    "webapi_port": null,
    "webapi_url": "https://mriqc.nimh.nih.gov/api/v1"
  },
  "size_t": 590,
  "size_x": 70,
  "size_y": 70,
  "size_z": 40,
  "snr": 3.1728581421119717,
  "spacing_tr": 1.0,
  "spacing_x": 3.0,
  "spacing_y": 3.0,
  "spacing_z": 3.003000020980835,
  "summary_bg_k": 47.3846784243111,
  "summary_bg_mad": 49.38572512864695,
  "summary_bg_mean": 244.19705200195312,
  "summary_bg_median": 113.05762481689453,
  "summary_bg_n": 126003.0,
  "summary_bg_p05": 74.95423889160156,
  "summary_bg_p95": 844.1245666503894,
  "summary_bg_stdv": 422.00958251953125,
  "summary_fg_k": 0.565217539617457,
  "summary_fg_mad": 1080.683814747515,
  "summary_fg_mean": 3967.521728515625,
  "summary_fg_median": 3793.171142578125,
  "summary_fg_n": 33163.0,
  "summary_fg_p05": 2297.341064453125,
  "summary_fg_p95": 6203.855126953124,
  "summary_fg_stdv": 1195.488037109375,
  "tsnr": 53.107513673603535
}