{
  "aor": 0.0024734125636672326,
  "aqi": 0.004339137826825127,
  "bids_meta": {
    "AcquisitionDateTime": "20181004162145.950000",
    "ConversionSoftware": "dicm2nii.m 20181126",
    "DeviceSerialNumber": "67060",
    "EchoTime1": 0.035,
    "EchoTime2": 0.001,
    "EffectiveEchoSpacing": 0.000599988,
    "FlipAngle": 62,
    "ImageType": [
      "ORIGINAL",
      "PRIMARY",
      "M",
      "MB",
      "ND",
      "MOSAIC"
    ],
    "InstitutionAddress": "Medical Center Dr 5,Columbia,SC,US,29203",
    "InstitutionName": "R",
    "MRAcquisitionType": "2D",
    "Manufacturer": "SIEMENS",
    "Modality": "MR",
    "PhaseEncodingDirection": "j-",
    "RepetitionTime": 1,
    "ScanOptions": "FS",
    "ScanningSequence": "EP",
    "SequenceName": "epfid2d1_70",
    "SequenceVariant": "SK\\SS",
    "SeriesDescription": "fMRI_Run_1",
    "SeriesNumber": 3,
    "SliceThickness": 2.73,
    "SliceTiming": [
      0,
      0.685,
      0.3925,
      0.0975,
      0.7825,
      0.49,
      0.195,
      0.8825,
      0.5875,
      0.2925,
      0,
      0.685,
      0.3925,
      0.0975,
      0.7825,
      0.49,
      0.195,
      0.8825,
      0.5875,
      0.2925,
      0,
      0.685,
      0.3925,
      0.0975,
      0.7825,
      0.49,
      0.195,
      0.8825,
      0.5875,
      0.2925,
      0,
      0.685,
      0.3925,
      0.0975,
      0.7825,
      0.49,
      0.195,
      0.8825,
      0.5875,
      0.2925
    ],
    "SoftwareVersion": "syngo MR E11",
    "TaskName": "affect",
    "TotalReadoutTime": 0.041399172,
    "dataset": "ds003507",
    "deltaTE": 34,
    "modality": "bold",
    "run_id": 1,
    "subject_id": "05",
    "task_id": "affect"
  },
  "dummy_trs": 1,
  "dvars_nstd": 20.777945463180256,
  "dvars_std": 1.0838198741666658,
  "dvars_vstd": 1.0033863730102046,
  "efc": 0.49830383623674446,
  "fber": 1150.256103515625,
  "fd_mean": 0.1727475547069389,
  "fd_num": 215,
  "fd_perc": 36.502546689303905,
  "fwhm_avg": 2.572317165479315,
  "fwhm_x": 2.3603133333333335,
  "fwhm_y": 2.678153333333333,
  "fwhm_z": 2.6784848297712793,
  "gcor": 0.0216999,
  "gsr_x": 0.006773937959223986,
  "gsr_y": 0.04214923828840256,
  "provenance": {
    "md5sum": "a8017bc87361e05c483cf1ec454f96d9",
    "settings": {
      "fd_thres": 0.2,
      "testing": false
    },
    "software": "mriqc",
    "version": "21.0.0rc2",
    "webapi_port": null,
    "webapi_url": "https://mriqc.nimh.nih.gov/api/v1"
  },
  "size_t": 589,
  "size_x": 70,
  "size_y": 70,
  "size_z": 40,
  "snr": 3.2219157256349216,
  "spacing_tr": 1.0,
  "spacing_x": 3.0,
  "spacing_y": 3.0,
  "spacing_z": 3.003000020980835,
  "summary_bg_k": 47.788729663293864,
  "summary_bg_mad": 48.29029935772152,
  "summary_bg_mean": 236.9479217529297,
  "summary_bg_median": 110.29796600341797,
  "summary_bg_n": 126466.0,
  "summary_bg_p05": 72.72920417785645,
  "summary_bg_p95": 806.5984802246094,
  "summary_bg_stdv": 413.18292236328125,
  "summary_fg_k": 0.6378454753053715,
  "summary_fg_mad": 1063.2122018361265,
  "summary_fg_mean": 3943.11572265625,
  "summary_fg_median": 3773.310791015625,
  "summary_fg_n": 32689.0,
  "summary_fg_p05": 2320.013232421875,
  "summary_fg_p95": 6140.598828125,
  "summary_fg_stdv": 1171.1209716796875,
  "tsnr": 57.7699021063745
}