{
  "aor": 0.0007039830508474576,
  "aqi": 0.003974586016949153,
  "bids_meta": {
    "AcquisitionDateTime": "20181004163448.897500",
    "ConversionSoftware": "dicm2nii.m 20181126",
    "DeviceSerialNumber": "67060",
    "EchoTime1": 0.035,
    "EchoTime2": 0.001,
    "EffectiveEchoSpacing": 0.000599988,
    "FlipAngle": 62,
    "ImageType": [
      "ORIGINAL",
      "PRIMARY",
      "M",
      "MB",
      "ND",
      "MOSAIC"
    ],
    "InstitutionAddress": "Medical Center Dr 5,Columbia,SC,US,29203",
    "InstitutionName": "R",
    "MRAcquisitionType": "2D",
    "Manufacturer": "SIEMENS",
    "Modality": "MR",
    "PhaseEncodingDirection": "j-",
    "RepetitionTime": 1,
    "ScanOptions": "FS",
    "ScanningSequence": "EP",
    "SequenceName": "epfid2d1_70",
    "SequenceVariant": "SK\\SS",
    "SeriesDescription": "fMRI_Run_2",
    "SeriesNumber": 9,
    "SliceThickness": 2.73,
    "SliceTiming": [
      0,
      0.685,
      0.39,
      0.0975,
      0.7825,
      0.49,
      0.195,
      0.88,
      0.5875,
      0.2925,
      0,
      0.685,
      0.39,
      0.0975,
      0.7825,
      0.49,
      0.195,
      0.88,
      0.5875,
      0.2925,
      0,
      0.685,
      0.39,
      0.0975,
      0.7825,
      0.49,
      0.195,
      0.88,
      0.5875,
      0.2925,
      0,
      0.685,
      0.39,
      0.0975,
      0.7825,
      0.49,
      0.195,
      0.88,
      0.5875,
      0.2925
    ],
    "SoftwareVersion": "syngo MR E11",
    "TaskName": "affect",
    "TotalReadoutTime": 0.041399172,
    "dataset": "ds003507",
    "deltaTE": 34,
    "modality": "bold",
    "run_id": 2,
    "subject_id": "05",
    "task_id": "affect"
  },
  "dummy_trs": 0,
  "dvars_nstd": 19.14399274456707,
  "dvars_std": 1.0414066305432939,
  "dvars_vstd": 0.9852777920203746,
  "efc": 0.4993492000389852,
  "fber": 1125.53662109375,
  "fd_mean": 0.15147781912263908,
  "fd_num": 147,
  "fd_perc": 24.915254237288135,
  "fwhm_avg": 2.6003268956074286,
  "fwhm_x": 2.3931733333333334,
  "fwhm_y": 2.6685133333333333,
  "fwhm_z": 2.7392940201556195,
  "gcor": 0.0166339,
  "gsr_x": 0.006032181903719902,
  "gsr_y": 0.04114237800240517,
  "provenance": {
    "md5sum": "43dc3d2f422a4a3691c23f4870f1b806",
    "settings": {
      "fd_thres": 0.2,
      "testing": false
    },
    "software": "mriqc",
    "version": "21.0.0rc2",
    "webapi_port": null,
    "webapi_url": "https://mriqc.nimh.nih.gov/api/v1"
  },
  "size_t": 590,
  "size_x": 70,
  "size_y": 70,
  "size_z": 40,
  "snr": 3.1590826792303406,
  "spacing_tr": 1.0,
  "spacing_x": 3.0,
  "spacing_y": 3.0,
  "spacing_z": 3.003000020980835,
  "summary_bg_k": 46.868813105568826,
  "summary_bg_mad": 48.85048301456106,
  "summary_bg_mean": 240.72506713867188,
  "summary_bg_median": 112.29830169677734,
  "summary_bg_n": 126305.0,
  "summary_bg_p05": 74.73898315429688,
  "summary_bg_p95": 828.8447143554669,
  "summary_bg_stdv": 415.6165466308594,
  "summary_fg_k": 0.5535131323519256,
  "summary_fg_mad": 1087.2150829190762,
  "summary_fg_mean": 3965.234619140625,
  "summary_fg_median": 3792.345703125,
  "summary_fg_n": 33007.0,
  "summary_fg_p05": 2292.79443359375,
  "summary_fg_p95": 6223.349999999999,
  "summary_fg_stdv": 1200.439697265625,
  "tsnr": 60.45387235819362
}