{
  "aor": 0.0004226271186440678,
  "aqi": 0.005209679661016949,
  "bids_meta": {
    "AcquisitionDateTime": "20181002145502.377500",
    "ConversionSoftware": "dicm2nii.m 20181126",
    "DeviceSerialNumber": "67060",
    "EchoTime1": 0.035,
    "EchoTime2": 0.001,
    "EffectiveEchoSpacing": 0.000599988,
    "FlipAngle": 62,
    "ImageType": [
      "ORIGINAL",
      "PRIMARY",
      "M",
      "MB",
      "ND",
      "MOSAIC"
    ],
    "InstitutionAddress": "Medical Center Dr 5,Columbia,SC,US,29203",
    "InstitutionName": "Palmetto Health Richland",
    "MRAcquisitionType": "2D",
    "Manufacturer": "SIEMENS",
    "Modality": "MR",
    "PatientAge": "021Y",
    "PatientName": "p313",
    "PatientPosition": "HFS",
    "PatientSex": "F",
    "PatientSize": 1.6002032,
    "PatientWeight": 58.967016,
    "PhaseEncodingDirection": "j-",
    "RepetitionTime": 1,
    "ScanOptions": "FS",
    "ScanningSequence": "EP",
    "SequenceName": "epfid2d1_70",
    "SequenceVariant": "SK\\SS",
    "SeriesDescription": "fMRI_Run_3",
    "SeriesNumber": 11,
    "SliceThickness": 2.73,
    "SliceTiming": [
      0,
      0.685,
      0.3925,
      0.0975,
      0.7825,
      0.49,
      0.195,
      0.8825,
      0.5875,
      0.2925,
      0,
      0.685,
      0.3925,
      0.0975,
      0.7825,
      0.49,
      0.195,
      0.8825,
      0.5875,
      0.2925,
      0,
      0.685,
      0.3925,
      0.0975,
      0.7825,
      0.49,
      0.195,
      0.8825,
      0.5875,
      0.2925,
      0,
      0.685,
      0.3925,
      0.0975,
      0.7825,
      0.49,
      0.195,
      0.8825,
      0.5875,
      0.2925
    ],
    "SoftwareVersion": "syngo MR E11",
    "TaskName": "affect",
    "TotalReadoutTime": 0.041399172,
    "dataset": "ds003507",
    "deltaTE": 34,
    "modality": "bold",
    "run_id": 3,
    "subject_id": "03",
    "task_id": "affect"
  },
  "dummy_trs": 0,
  "dvars_nstd": 29.607643830084882,
  "dvars_std": 1.200434948862478,
  "dvars_vstd": 0.9797677588964336,
  "efc": 0.5069890897872835,
  "fber": 1078.1483154296875,
  "fd_mean": 0.20881681635749466,
  "fd_num": 292,
  "fd_perc": 49.49152542372882,
  "fwhm_avg": 2.9557165998016663,
  "fwhm_x": 2.8671399999999996,
  "fwhm_y": 3.0264966666666666,
  "fwhm_z": 2.9735131327383324,
  "gcor": 0.0618359,
  "gsr_x": -0.012193121947348118,
  "gsr_y": 0.05559870973229408,
  "provenance": {
    "md5sum": "82fa949290d5fe2b5a802ae0a821c746",
    "settings": {
      "fd_thres": 0.2,
      "testing": false
    },
    "software": "mriqc",
    "version": "21.0.0rc2",
    "webapi_port": null,
    "webapi_url": "https://mriqc.nimh.nih.gov/api/v1"
  },
  "size_t": 590,
  "size_x": 70,
  "size_y": 70,
  "size_z": 40,
  "snr": 2.202990929629436,
  "spacing_tr": 1.0,
  "spacing_x": 3.0,
  "spacing_y": 3.0,
  "spacing_z": 3.003000020980835,
  "summary_bg_k": 47.078624658168145,
  "summary_bg_mad": 68.5489967633812,
  "summary_bg_mean": 282.98944091796875,
  "summary_bg_median": 135.2796630859375,
  "summary_bg_n": 116170.0,
  "summary_bg_p05": 82.23296279907227,
  "summary_bg_p95": 983.4651733398434,
  "summary_bg_stdv": 465.471435546875,
  "summary_fg_k": 1.4722314276640258,
  "summary_fg_mad": 1833.8327110647997,
  "summary_fg_mean": 5037.0830078125,
  "summary_fg_median": 4555.61328125,
  "summary_fg_n": 39851.0,
  "summary_fg_p05": 2528.2109375,
  "summary_fg_p95": 9022.9052734375,
  "summary_fg_stdv": 2067.89599609375,
  "tsnr": 51.8918734237086
}