{
  "aor": 0.0003096101694915254,
  "aqi": 0.005012195508474576,
  "bids_meta": {
    "AcquisitionDateTime": "20181002144420.345000",
    "ConversionSoftware": "dicm2nii.m 20181126",
    "DeviceSerialNumber": "67060",
    "EchoTime1": 0.035,
    "EchoTime2": 0.001,
    "EffectiveEchoSpacing": 0.000599988,
    "FlipAngle": 62,
    "ImageType": [
      "ORIGINAL",
      "PRIMARY",
      "M",
      "MB",
      "ND",
      "MOSAIC"
    ],
    "InstitutionAddress": "Medical Center Dr 5,Columbia,SC,US,29203",
    "InstitutionName": "Palmetto Health Richland",
    "MRAcquisitionType": "2D",
    "Manufacturer": "SIEMENS",
    "Modality": "MR",
    "PatientAge": "021Y",
    "PatientName": "p313",
    "PatientPosition": "HFS",
    "PatientSex": "F",
    "PatientSize": 1.6002032,
    "PatientWeight": 58.967016,
    "PhaseEncodingDirection": "j-",
    "RepetitionTime": 1,
    "ScanOptions": "FS",
    "ScanningSequence": "EP",
    "SequenceName": "epfid2d1_70",
    "SequenceVariant": "SK\\SS",
    "SeriesDescription": "fMRI_Run_2",
    "SeriesNumber": 9,
    "SliceThickness": 2.73,
    "SliceTiming": [
      0,
      0.6875,
      0.3925,
      0.0975,
      0.785,
      0.49,
      0.1975,
      0.8825,
      0.5875,
      0.295,
      0,
      0.6875,
      0.3925,
      0.0975,
      0.785,
      0.49,
      0.1975,
      0.8825,
      0.5875,
      0.295,
      0,
      0.6875,
      0.3925,
      0.0975,
      0.785,
      0.49,
      0.1975,
      0.8825,
      0.5875,
      0.295,
      0,
      0.6875,
      0.3925,
      0.0975,
      0.785,
      0.49,
      0.1975,
      0.8825,
      0.5875,
      0.295
    ],
    "SoftwareVersion": "syngo MR E11",
    "TaskName": "affect",
    "TotalReadoutTime": 0.041399172,
    "dataset": "ds003507",
    "deltaTE": 34,
    "modality": "bold",
    "run_id": 2,
    "subject_id": "03",
    "task_id": "affect"
  },
  "dummy_trs": 0,
  "dvars_nstd": 29.937627186926985,
  "dvars_std": 1.1939349056027169,
  "dvars_vstd": 0.9806663839558574,
  "efc": 0.506115057039384,
  "fber": 1091.4002685546875,
  "fd_mean": 0.20401326401570755,
  "fd_num": 306,
  "fd_perc": 51.86440677966102,
  "fwhm_avg": 2.9163323130405843,
  "fwhm_x": 2.8315466666666667,
  "fwhm_y": 2.971076666666667,
  "fwhm_z": 2.946373605788419,
  "gcor": 0.0541045,
  "gsr_x": -0.011955175548791885,
  "gsr_y": 0.05406191572546959,
  "provenance": {
    "md5sum": "90cab7e9a5f834e5616368655ad122e1",
    "settings": {
      "fd_thres": 0.2,
      "testing": false
    },
    "software": "mriqc",
    "version": "21.0.0rc2",
    "webapi_port": null,
    "webapi_url": "https://mriqc.nimh.nih.gov/api/v1"
  },
  "size_t": 590,
  "size_x": 70,
  "size_y": 70,
  "size_z": 40,
  "snr": 2.2075153614775145,
  "spacing_tr": 1.0,
  "spacing_x": 3.0,
  "spacing_y": 3.0,
  "spacing_z": 3.003000020980835,
  "summary_bg_k": 41.32199500378367,
  "summary_bg_mad": 68.03133249847406,
  "summary_bg_mean": 275.5513916015625,
  "summary_bg_median": 133.88134765625,
  "summary_bg_n": 116203.0,
  "summary_bg_p05": 81.48983001708984,
  "summary_bg_p95": 955.6047119140616,
  "summary_bg_stdv": 440.1788635253906,
  "summary_fg_k": 1.5728271128630071,
  "summary_fg_mad": 1806.5229320647925,
  "summary_fg_mean": 5021.056640625,
  "summary_fg_median": 4536.1201171875,
  "summary_fg_n": 39733.0,
  "summary_fg_p05": 2544.394189453125,
  "summary_fg_p95": 8998.814648437503,
  "summary_fg_stdv": 2054.827392578125,
  "tsnr": 50.79314692935441
}