{
  "bids_meta": {
    "AcquisitionDateTime": "20181030143502.957500",
    "ConversionSoftware": "dicm2nii.m 20181126",
    "DeviceSerialNumber": "67060",
    "EchoTime": 0.00411,
    "FlipAngle": 9,
    "ImageType": [
      "ORIGINAL",
      "PRIMARY",
      "M",
      "ND",
      "NORM"
    ],
    "InstitutionAddress": "Medical Center Dr 5,Columbia,SC,US,29203",
    "InstitutionName": "USC",
    "InversionTime": 0.925,
    "MRAcquisitionType": "3D",
    "Manufacturer": "SIEMENS",
    "Modality": "MR",
    "PhaseEncodingDirection": "j-",
    "RepetitionTime": 2.25,
    "ScanOptions": "IR",
    "ScanningSequence": "GR\\IR",
    "SequenceName": "*tfl3d1_16ns",
    "SequenceVariant": "SK\\SP\\MP",
    "SeriesDescription": "T1_32_Channel_mprage_ns_sag_p2_iso 1.0mm_192",
    "SeriesNumber": 12,
    "SliceThickness": 1,
    "SoftwareVersion": "syngo MR E11",
    "dataset": "ds003507",
    "modality": "T1w",
    "subject_id": "09"
  },
  "cjv": 0.49485239697937106,
  "cnr": 2.286196178940251,
  "efc": 0.5992169167952318,
  "fber": 610.7193763265547,
  "fwhm_avg": 3.63402,
  "fwhm_x": 3.69139,
  "fwhm_y": 3.73642,
  "fwhm_z": 3.47425,
  "icvs_csf": 0.18025784720680302,
  "icvs_gm": 0.4352857490179062,
  "icvs_wm": 0.3844564037752908,
  "inu_med": 1.1095901727676392,
  "inu_range": 0.4233652889728545,
  "provenance": {
    "md5sum": "304ba6a3356a5f7b29748cc38050f35f",
    "settings": {
      "testing": false
    },
    "software": "mriqc",
    "version": "21.0.0rc2",
    "warnings": {
      "large_rot_frame": true,
      "small_air_mask": false
    },
    "webapi_port": null,
    "webapi_url": "https://mriqc.nimh.nih.gov/api/v1"
  },
  "qi_1": 0.0003290891773044157,
  "qi_2": 0.018317939557204635,
  "rpve_csf": 27.927448933749655,
  "rpve_gm": 12.675846091429074,
  "rpve_wm": 16.641316035265888,
  "size_x": 192,
  "size_y": 256,
  "size_z": 256,
  "snr_csf": 3.3098310528993364,
  "snr_gm": 10.61118714128391,
  "snr_total": 10.287630293362913,
  "snr_wm": 16.94187268590549,
  "snrd_csf": 11.66092806041438,
  "snrd_gm": 24.1805418311358,
  "snrd_total": 22.42256496664072,
  "snrd_wm": 31.426225008371976,
  "spacing_x": 1.0,
  "spacing_y": 1.0,
  "spacing_z": 1.0,
  "summary_bg_k": 11.081855346734507,
  "summary_bg_mad": 20.84838850530598,
  "summary_bg_mean": 37.8252501423463,
  "summary_bg_median": 28.04803776741028,
  "summary_bg_n": 2339559.0,
  "summary_bg_p05": 0.0,
  "summary_bg_p95": 112.116140127182,
  "summary_bg_stdv": 37.802170219859555,
  "summary_csf_k": 1.680806768684862,
  "summary_csf_mad": 109.98933611447912,
  "summary_csf_mean": 392.41648251248967,
  "summary_csf_median": 371.08542108535767,
  "summary_csf_n": 19208.0,
  "summary_csf_p05": 249.2170770406723,
  "summary_csf_p95": 580.0395019054413,
  "summary_csf_stdv": 112.1132031728909,
  "summary_gm_k": 0.3133665547587343,
  "summary_gm_mad": 68.34890609982745,
  "summary_gm_mean": 774.9981845112266,
  "summary_gm_median": 769.4967759847641,
  "summary_gm_n": 38310.0,
  "summary_gm_p05": 664.9437246322632,
  "summary_gm_p95": 905.1801088213917,
  "summary_gm_stdv": 72.51655471213412,
  "summary_wm_k": 4.4243332435321046,
  "summary_wm_mad": 45.753760719752584,
  "summary_wm_mean": 1007.4766186748815,
  "summary_wm_median": 1000.0759699344635,
  "summary_wm_n": 233808.0,
  "summary_wm_p05": 929.4618043899536,
  "summary_wm_p95": 1109.5317270755768,
  "summary_wm_stdv": 59.029709985655856,
  "tpm_overlap_csf": 0.17442572116851807,
  "tpm_overlap_gm": 0.4557592570781708,
  "tpm_overlap_wm": 0.49049732089042664,
  "wm2max": 0.36663231816650266
}